NUGET
  remote: https://www.nuget.org/api/v2
    Aether (8.2)
      FSharp.Core (>= 4.1) - restriction: || (>= net45) (>= netstandard1.6)
      NETStandard.Library (>= 1.6.1) - restriction: >= netstandard1.6
    Chiron (6.2.1)
      Aether (>= 8.0.2 < 9.0)
      FParsec (>= 1.0 < 2.0)
    CoreTweet (0.8.0.384)
      Newtonsoft.Json (>= 9.0.1) - restriction: || (>= net35) (>= netstandard1.1) (&& (>= monoandroid) (< portable-win81+wpa81)) (&& (< monoandroid) (>= portable-win81+wpa81)) (&& (< monoandroid) (< portable-win81+wpa81) (>= portable-net45+win8+wpa81))
      System.Dynamic.Runtime (>= 4.0.11) - restriction: && (< net35) (>= netstandard1.1) (< monotouch) (< xamarinios)
      System.Globalization (>= 4.0.11) - restriction: && (< net35) (>= netstandard1.1) (< monotouch) (< xamarinios)
      System.Linq (>= 4.1) - restriction: && (< net35) (>= netstandard1.1) (< monotouch) (< xamarinios)
      System.Linq.Expressions (>= 4.1) - restriction: && (< net35) (>= netstandard1.1) (< monotouch) (< xamarinios)
      System.Net.Http (>= 4.1) - restriction: && (< net35) (>= netstandard1.1) (< monotouch) (< xamarinios)
      System.Reflection.Extensions (>= 4.0.1) - restriction: && (< net35) (>= netstandard1.1) (< monotouch) (< xamarinios)
      System.Runtime.Extensions (>= 4.1) - restriction: && (< net35) (>= netstandard1.1) (< monotouch) (< xamarinios)
      System.Text.RegularExpressions (>= 4.1) - restriction: && (< net35) (>= netstandard1.1) (< monotouch) (< xamarinios)
      System.Threading (>= 4.0.11) - restriction: && (< net35) (>= netstandard1.1) (< monotouch) (< xamarinios)
    FAKE (4.63)
    FParsec (1.0.2)
    FSharp.Core (4.2.2) - restriction: || (>= net45) (>= netstandard1.6)
      System.Collections (>= 4.0.11) - restriction: >= netstandard1.6
      System.Console (>= 4.0) - restriction: >= netstandard1.6
      System.Diagnostics.Debug (>= 4.0.11) - restriction: >= netstandard1.6
      System.Diagnostics.Tools (>= 4.0.1) - restriction: >= netstandard1.6
      System.Globalization (>= 4.0.11) - restriction: >= netstandard1.6
      System.IO (>= 4.1) - restriction: >= netstandard1.6
      System.Linq (>= 4.1) - restriction: >= netstandard1.6
      System.Linq.Expressions (>= 4.1) - restriction: >= netstandard1.6
      System.Linq.Queryable (>= 4.0.1) - restriction: >= netstandard1.6
      System.Net.Requests (>= 4.0.11) - restriction: >= netstandard1.6
      System.Reflection (>= 4.1) - restriction: >= netstandard1.6
      System.Reflection.Extensions (>= 4.0.1) - restriction: >= netstandard1.6
      System.Resources.ResourceManager (>= 4.0.1) - restriction: >= netstandard1.6
      System.Runtime (>= 4.1) - restriction: >= netstandard1.6
      System.Runtime.Extensions (>= 4.1) - restriction: >= netstandard1.6
      System.Runtime.Numerics (>= 4.0.1) - restriction: >= netstandard1.6
      System.Text.RegularExpressions (>= 4.1) - restriction: >= netstandard1.6
      System.Threading (>= 4.0.11) - restriction: >= netstandard1.6
      System.Threading.Tasks (>= 4.0.11) - restriction: >= netstandard1.6
      System.Threading.Tasks.Parallel (>= 4.0.1) - restriction: >= netstandard1.6
      System.Threading.Thread (>= 4.0) - restriction: >= netstandard1.6
      System.Threading.ThreadPool (>= 4.0.10) - restriction: >= netstandard1.6
      System.Threading.Timer (>= 4.0.1) - restriction: >= netstandard1.6
    Microsoft.CSharp (4.3) - restriction: || (&& (< net20) (>= net35) (>= netstandard1.0) (< netstandard1.3)) (&& (< net20) (>= netstandard1.0) (< netstandard1.3) (< monoandroid) (>= portable-win81+wpa81)) (&& (< net20) (>= netstandard1.0) (< monoandroid) (< portable-win81+wpa81) (>= portable-net45+win8+wpa81)) (&& (< net20) (>= netstandard1.1) (< netstandard1.3)) (&& (< net20) (>= netstandard1.3)) (&& (>= netstandard1.0) (>= monoandroid) (< portable-win81+wpa81)) (&& (>= netstandard1.3) (>= monoandroid) (< portable-win81+wpa81))
      System.Collections (>= 4.3) - restriction: || (&& (< net45) (>= netstandard1.3) (< monotouch) (< xamarintvos) (< xamarinwatchos) (< xamarinios) (< xamarinmac) (< win8) (< wpa81)) (>= dnxcore50)
      System.Diagnostics.Debug (>= 4.3) - restriction: || (&& (< net45) (>= netstandard1.3) (< monotouch) (< xamarintvos) (< xamarinwatchos) (< xamarinios) (< xamarinmac) (< win8) (< wpa81)) (>= dnxcore50)
      System.Dynamic.Runtime (>= 4.3) - restriction: || (&& (< net45) (>= netstandard1.0) (< netstandard1.3) (< monoandroid) (< win8) (< wp8) (< wpa81)) (&& (< net45) (>= netstandard1.3) (< monotouch) (< xamarintvos) (< xamarinwatchos) (< xamarinios) (< xamarinmac) (< win8) (< wpa81)) (>= dnxcore50)
      System.Globalization (>= 4.3) - restriction: || (&& (< net45) (>= netstandard1.3) (< monotouch) (< xamarintvos) (< xamarinwatchos) (< xamarinios) (< xamarinmac) (< win8) (< wpa81)) (>= dnxcore50)
      System.Linq (>= 4.3) - restriction: || (&& (< net45) (>= netstandard1.3) (< monotouch) (< xamarintvos) (< xamarinwatchos) (< xamarinios) (< xamarinmac) (< win8) (< wpa81)) (>= dnxcore50)
      System.Linq.Expressions (>= 4.3) - restriction: || (&& (< net45) (>= netstandard1.0) (< netstandard1.3) (< monoandroid) (< win8) (< wp8) (< wpa81)) (&& (< net45) (>= netstandard1.3) (< monotouch) (< xamarintvos) (< xamarinwatchos) (< xamarinios) (< xamarinmac) (< win8) (< wpa81)) (>= dnxcore50)
      System.ObjectModel (>= 4.3) - restriction: || (&& (< net45) (>= netstandard1.3) (< monotouch) (< xamarintvos) (< xamarinwatchos) (< xamarinios) (< xamarinmac) (< win8) (< wpa81)) (>= dnxcore50)
      System.Reflection (>= 4.3) - restriction: || (&& (< net45) (>= netstandard1.3) (< monotouch) (< xamarintvos) (< xamarinwatchos) (< xamarinios) (< xamarinmac) (< win8) (< wpa81)) (>= dnxcore50)
      System.Reflection.Extensions (>= 4.3) - restriction: || (&& (< net45) (>= netstandard1.3) (< monotouch) (< xamarintvos) (< xamarinwatchos) (< xamarinios) (< xamarinmac) (< win8) (< wpa81)) (>= dnxcore50)
      System.Reflection.Primitives (>= 4.3) - restriction: || (&& (< net45) (>= netstandard1.3) (< monotouch) (< xamarintvos) (< xamarinwatchos) (< xamarinios) (< xamarinmac) (< win8) (< wpa81)) (>= dnxcore50)
      System.Reflection.TypeExtensions (>= 4.3) - restriction: || (&& (< net45) (>= netstandard1.3) (< monotouch) (< xamarintvos) (< xamarinwatchos) (< xamarinios) (< xamarinmac) (< win8) (< wpa81)) (>= dnxcore50)
      System.Resources.ResourceManager (>= 4.3) - restriction: || (&& (< net45) (>= netstandard1.3) (< monotouch) (< xamarintvos) (< xamarinwatchos) (< xamarinios) (< xamarinmac) (< win8) (< wpa81)) (>= dnxcore50)
      System.Runtime (>= 4.3) - restriction: || (&& (< net45) (>= netstandard1.0) (< netstandard1.3) (< monoandroid) (< win8) (< wp8) (< wpa81)) (&& (< net45) (>= netstandard1.3) (< monotouch) (< xamarintvos) (< xamarinwatchos) (< xamarinios) (< xamarinmac) (< win8) (< wpa81)) (>= dnxcore50)
      System.Runtime.Extensions (>= 4.3) - restriction: || (&& (< net45) (>= netstandard1.3) (< monotouch) (< xamarintvos) (< xamarinwatchos) (< xamarinios) (< xamarinmac) (< win8) (< wpa81)) (>= dnxcore50)
      System.Runtime.InteropServices (>= 4.3) - restriction: || (&& (< net45) (>= netstandard1.3) (< monotouch) (< xamarintvos) (< xamarinwatchos) (< xamarinios) (< xamarinmac) (< win8) (< wpa81)) (>= dnxcore50)
      System.Threading (>= 4.3) - restriction: || (&& (< net45) (>= netstandard1.3) (< monotouch) (< xamarintvos) (< xamarinwatchos) (< xamarinios) (< xamarinmac) (< win8) (< wpa81)) (>= dnxcore50)
    Microsoft.NETCore.Platforms (1.1) - restriction: || (&& (< net20) (>= net35) (>= netstandard1.0) (< netstandard1.3)) (&& (< net20) (>= netstandard1.0) (< netstandard1.3) (< monoandroid) (>= portable-win81+wpa81)) (&& (< net20) (>= netstandard1.0) (< monoandroid) (< portable-win81+wpa81) (>= portable-net45+win8+wpa81)) (&& (< net20) (>= netstandard1.1) (< netstandard1.3)) (&& (< net20) (>= netstandard1.2) (< netstandard1.3) (< win81) (< wpa81)) (&& (< net20) (>= netstandard1.2) (< monoandroid) (< portable-win81+wpa81)) (&& (< net20) (>= netstandard1.3)) (&& (< net20) (< netstandard1.3) (>= netstandard1.5)) (&& (< net20) (>= netstandard1.5) (< monoandroid) (< portable-win81+wpa81)) (&& (< net20) (>= netstandard1.5) (< monotouch) (< xamarintvos) (< xamarinwatchos) (< xamarinios) (< xamarinmac)) (&& (< net35) (>= netstandard1.1) (< netstandard1.2) (< monoandroid) (< win8)) (&& (< net35) (>= netstandard1.1) (< netstandard1.3) (< monoandroid) (< win8) (< wpa81)) (&& (< net35) (>= netstandard1.1) (< monotouch) (< xamarintvos) (< xamarinwatchos) (< xamarinios) (< xamarinmac) (< win8) (< wpa81)) (&& (< net35) (< netstandard1.1) (>= netstandard1.3) (< monoandroid) (< win8)) (&& (< net35) (>= netstandard1.2) (< netstandard1.3) (< monoandroid) (< win8) (< wpa81)) (&& (< net35) (< netstandard1.2) (>= netstandard1.3) (< monoandroid) (< win8)) (&& (< net35) (>= netstandard1.3) (< monoandroid) (< win8) (< wpa81)) (&& (< net35) (>= netstandard1.3) (< monotouch) (< xamarintvos) (< xamarinwatchos) (< xamarinios) (< xamarinmac) (< win8) (< wpa81)) (&& (< net35) (< netstandard1.3) (>= netstandard1.5) (< monoandroid)) (&& (< net35) (>= netstandard1.5) (< monotouch) (< xamarintvos) (< xamarinwatchos) (< xamarinios) (< xamarinmac)) (&& (>= dnxcore50) (>= netstandard1.1)) (&& (>= dnxcore50) (>= netstandard1.2)) (&& (>= dnxcore50) (>= netstandard1.3)) (&& (>= dnxcore50) (>= netstandard1.4)) (&& (>= dnxcore50) (>= netstandard1.5)) (&& (>= netstandard1.0) (>= monoandroid) (< portable-win81+wpa81)) (&& (>= netstandard1.2) (>= monoandroid) (< portable-win81+wpa81)) (&& (>= netstandard1.3) (>= monoandroid) (< portable-win81+wpa81)) (&& (>= netstandard1.5) (>= monoandroid) (< portable-win81+wpa81)) (>= netstandard1.6)
    Microsoft.NETCore.Targets (1.1) - restriction: || (&& (< net20) (< netstandard1.1) (>= netstandard1.3) (< monoandroid) (< win8)) (&& (< net20) (>= netstandard1.2) (< netstandard1.3) (< win81) (< wpa81)) (&& (< net20) (>= netstandard1.2) (< monoandroid) (< portable-win81+wpa81)) (&& (< net20) (< netstandard1.2) (>= netstandard1.3) (< monoandroid) (< win8)) (&& (< net20) (>= netstandard1.3) (< netstandard1.5) (< monoandroid) (< win8) (< wpa81)) (&& (< net20) (>= netstandard1.3) (< monotouch) (< xamarintvos) (< xamarinwatchos) (< xamarinios) (< xamarinmac)) (&& (< net20) (>= netstandard1.5) (< monotouch) (< xamarintvos) (< xamarinwatchos) (< xamarinios) (< xamarinmac)) (&& (< net35) (>= netstandard1.1) (< netstandard1.2) (< monoandroid) (< win8)) (&& (< net35) (>= netstandard1.1) (< netstandard1.3) (< monoandroid) (< win8) (< wpa81)) (&& (< net35) (>= netstandard1.1) (< monotouch) (< xamarintvos) (< xamarinwatchos) (< xamarinios) (< xamarinmac) (< win8) (< wpa81)) (&& (< net35) (< netstandard1.1) (>= netstandard1.3) (< monoandroid) (< win8)) (&& (< net35) (>= netstandard1.2) (< netstandard1.3) (< monoandroid) (< win8) (< wpa81)) (&& (< net35) (< netstandard1.2) (>= netstandard1.3) (< monoandroid) (< win8)) (&& (< net35) (>= netstandard1.3) (< netstandard1.5) (< monoandroid) (< win8) (< wpa81)) (&& (< net35) (>= netstandard1.3) (< monotouch) (< xamarintvos) (< xamarinwatchos) (< xamarinios) (< xamarinmac) (< win8) (< wpa81)) (&& (< net35) (< netstandard1.3) (>= netstandard1.5) (< monoandroid)) (&& (< net35) (>= netstandard1.5) (< monotouch) (< xamarintvos) (< xamarinwatchos) (< xamarinios) (< xamarinmac)) (&& (>= dnxcore50) (>= netstandard1.1)) (&& (>= dnxcore50) (>= netstandard1.2)) (&& (>= dnxcore50) (>= netstandard1.3)) (&& (>= dnxcore50) (>= netstandard1.5)) (&& (>= dnxcore50) (>= netstandard1.6)) (&& (< netstandard1.1) (>= netstandard1.6) (< monoandroid)) (&& (>= netstandard1.2) (>= monoandroid) (< portable-win81+wpa81)) (&& (< netstandard1.2) (>= netstandard1.6) (< monoandroid)) (&& (>= netstandard1.3) (>= monoandroid) (< portable-win81+wpa81)) (&& (< netstandard1.3) (>= netstandard1.6) (< monoandroid)) (&& (< netstandard1.5) (>= netstandard1.6) (< monoandroid)) (&& (>= netstandard1.6) (< monotouch) (< xamarintvos) (< xamarinwatchos) (< xamarinios) (< xamarinmac)) (>= netcore1.1)
    Microsoft.Win32.Primitives (4.3) - restriction: || (&& (< net20) (>= netstandard1.3)) (&& (< net35) (>= netstandard1.3) (< monoandroid) (< win8) (< wpa81)) (>= netstandard1.6)
      Microsoft.NETCore.Platforms (>= 1.1) - restriction: && (< net46) (>= netstandard1.3) (< monotouch) (< xamarintvos) (< xamarinwatchos) (< xamarinios) (< xamarinmac)
      Microsoft.NETCore.Targets (>= 1.1) - restriction: && (< net46) (>= netstandard1.3) (< monotouch) (< xamarintvos) (< xamarinwatchos) (< xamarinios) (< xamarinmac)
      System.Runtime (>= 4.3) - restriction: && (< net46) (>= netstandard1.3) (< monotouch) (< xamarintvos) (< xamarinwatchos) (< xamarinios) (< xamarinmac)
    NETStandard.Library (1.6.1) - restriction: || (&& (< net20) (>= net35) (>= netstandard1.0) (< netstandard1.3)) (&& (< net20) (>= netstandard1.0) (< netstandard1.3) (< monoandroid) (>= portable-win81+wpa81)) (&& (< net20) (>= netstandard1.0) (< monoandroid) (< portable-win81+wpa81) (>= portable-net45+win8+wpa81)) (&& (< net20) (>= netstandard1.1) (< netstandard1.3)) (&& (< net20) (>= netstandard1.3)) (&& (>= netstandard1.0) (>= monoandroid) (< portable-win81+wpa81)) (&& (>= netstandard1.3) (>= monoandroid) (< portable-win81+wpa81)) (>= netstandard1.6)
      Microsoft.NETCore.Platforms (>= 1.1) - restriction: >= netstandard1.0
      Microsoft.Win32.Primitives (>= 4.3) - restriction: >= netstandard1.3
      System.AppContext (>= 4.3) - restriction: >= netstandard1.3
      System.Collections (>= 4.3) - restriction: >= netstandard1.0
      System.Collections.Concurrent (>= 4.3) - restriction: >= netstandard1.1
      System.Console (>= 4.3) - restriction: >= netstandard1.3
      System.Diagnostics.Debug (>= 4.3) - restriction: >= netstandard1.0
      System.Diagnostics.Tools (>= 4.3) - restriction: >= netstandard1.0
      System.Diagnostics.Tracing (>= 4.3) - restriction: >= netstandard1.1
      System.Globalization (>= 4.3) - restriction: >= netstandard1.0
      System.Globalization.Calendars (>= 4.3) - restriction: >= netstandard1.3
      System.IO (>= 4.3) - restriction: >= netstandard1.0
      System.IO.Compression (>= 4.3) - restriction: >= netstandard1.1
      System.IO.Compression.ZipFile (>= 4.3) - restriction: >= netstandard1.3
      System.IO.FileSystem (>= 4.3) - restriction: >= netstandard1.3
      System.IO.FileSystem.Primitives (>= 4.3) - restriction: >= netstandard1.3
      System.Linq (>= 4.3) - restriction: >= netstandard1.0
      System.Linq.Expressions (>= 4.3) - restriction: >= netstandard1.0
      System.Net.Http (>= 4.3) - restriction: >= netstandard1.1
      System.Net.Primitives (>= 4.3) - restriction: >= netstandard1.0
      System.Net.Sockets (>= 4.3) - restriction: >= netstandard1.3
      System.ObjectModel (>= 4.3) - restriction: >= netstandard1.0
      System.Reflection (>= 4.3) - restriction: >= netstandard1.0
      System.Reflection.Extensions (>= 4.3) - restriction: >= netstandard1.0
      System.Reflection.Primitives (>= 4.3) - restriction: >= netstandard1.0
      System.Resources.ResourceManager (>= 4.3) - restriction: >= netstandard1.0
      System.Runtime (>= 4.3) - restriction: >= netstandard1.0
      System.Runtime.Extensions (>= 4.3) - restriction: >= netstandard1.0
      System.Runtime.Handles (>= 4.3) - restriction: >= netstandard1.3
      System.Runtime.InteropServices (>= 4.3) - restriction: >= netstandard1.1
      System.Runtime.InteropServices.RuntimeInformation (>= 4.3) - restriction: >= netstandard1.1
      System.Runtime.Numerics (>= 4.3) - restriction: >= netstandard1.1
      System.Security.Cryptography.Algorithms (>= 4.3) - restriction: >= netstandard1.3
      System.Security.Cryptography.Encoding (>= 4.3) - restriction: >= netstandard1.3
      System.Security.Cryptography.Primitives (>= 4.3) - restriction: >= netstandard1.3
      System.Security.Cryptography.X509Certificates (>= 4.3) - restriction: >= netstandard1.3
      System.Text.Encoding (>= 4.3) - restriction: >= netstandard1.0
      System.Text.Encoding.Extensions (>= 4.3) - restriction: >= netstandard1.0
      System.Text.RegularExpressions (>= 4.3) - restriction: >= netstandard1.0
      System.Threading (>= 4.3) - restriction: >= netstandard1.0
      System.Threading.Tasks (>= 4.3) - restriction: >= netstandard1.0
      System.Threading.Timer (>= 4.3) - restriction: >= netstandard1.2
      System.Xml.ReaderWriter (>= 4.3) - restriction: >= netstandard1.0
      System.Xml.XDocument (>= 4.3) - restriction: >= netstandard1.0
    Newtonsoft.Json (10.0.3) - restriction: || (>= net35) (>= netstandard1.1) (&& (>= monoandroid) (< portable-win81+wpa81)) (&& (< monoandroid) (>= portable-win81+wpa81)) (&& (< monoandroid) (< portable-win81+wpa81) (>= portable-net45+win8+wpa81))
      Microsoft.CSharp (>= 4.3) - restriction: || (&& (< net20) (>= netstandard1.0) (< netstandard1.3)) (&& (< net20) (>= netstandard1.3))
      NETStandard.Library (>= 1.6.1) - restriction: || (&& (< net20) (>= netstandard1.0) (< netstandard1.3)) (&& (< net20) (>= netstandard1.3))
      System.ComponentModel.TypeConverter (>= 4.3) - restriction: || (&& (< net20) (>= netstandard1.0) (< netstandard1.3)) (&& (< net20) (>= netstandard1.3))
      System.Runtime.Serialization.Formatters (>= 4.3) - restriction: && (< net20) (>= netstandard1.3)
      System.Runtime.Serialization.Primitives (>= 4.3) - restriction: || (&& (< net20) (>= netstandard1.0) (< netstandard1.3)) (&& (< net20) (>= netstandard1.3))
      System.Xml.XmlDocument (>= 4.3) - restriction: && (< net20) (>= netstandard1.3)
    NLog (4.4.12)
    NLog.Config (4.4.11)
      NLog (>= 4.4.11)
      NLog.Schema (>= 4.4.11)
    NLog.Schema (4.4.11)
    NUnit (3.7.1)
      NETStandard.Library (>= 1.6) - restriction: || (&& (< net20) (>= netstandard1.3)) (>= netstandard1.6)
      System.Runtime.Loader (>= 4.3) - restriction: >= netstandard1.6
      System.Threading.Thread (>= 4.3) - restriction: || (&& (< net20) (>= netstandard1.3)) (>= netstandard1.6)
    RestSharp (105.2.3)
    runtime.debian.8-x64.runtime.native.System.Security.Cryptography.OpenSsl (4.3.1) - restriction: || (&& (< net20) (>= netstandard1.3) (< monotouch) (< xamarintvos) (< xamarinwatchos) (< xamarinios) (< xamarinmac)) (&& (>= netstandard1.6) (< monotouch) (< xamarintvos) (< xamarinwatchos) (< xamarinios) (< xamarinmac))
    runtime.fedora.23-x64.runtime.native.System.Security.Cryptography.OpenSsl (4.3.1) - restriction: || (&& (< net20) (>= netstandard1.3) (< monotouch) (< xamarintvos) (< xamarinwatchos) (< xamarinios) (< xamarinmac)) (&& (>= netstandard1.6) (< monotouch) (< xamarintvos) (< xamarinwatchos) (< xamarinios) (< xamarinmac))
    runtime.fedora.24-x64.runtime.native.System.Security.Cryptography.OpenSsl (4.3.1) - restriction: || (&& (< net20) (>= netstandard1.3) (< monotouch) (< xamarintvos) (< xamarinwatchos) (< xamarinios) (< xamarinmac)) (&& (>= netstandard1.6) (< monotouch) (< xamarintvos) (< xamarinwatchos) (< xamarinios) (< xamarinmac))
    runtime.native.System (4.3) - restriction: || (&& (< net20) (>= netstandard1.1) (< netstandard1.3) (< win8) (< wpa81)) (&& (< net20) (>= netstandard1.1) (< monoandroid) (< win8) (< portable-win81+wpa81)) (&& (< net20) (>= netstandard1.3) (< monotouch) (< xamarintvos) (< xamarinwatchos) (< xamarinios) (< xamarinmac) (< win8) (< wpa81)) (&& (>= netstandard1.1) (>= monoandroid) (< portable-win81+wpa81)) (&& (>= netstandard1.3) (>= monoandroid) (< portable-win81+wpa81)) (&& (>= netstandard1.6) (< monotouch) (< xamarintvos) (< xamarinwatchos) (< xamarinios) (< xamarinmac))
      Microsoft.NETCore.Platforms (>= 1.1)
      Microsoft.NETCore.Targets (>= 1.1)
    runtime.native.System.IO.Compression (4.3) - restriction: || (&& (< net20) (>= netstandard1.3) (< monotouch) (< xamarintvos) (< xamarinwatchos) (< xamarinios) (< xamarinmac) (< win8) (< wpa81)) (&& (>= dnxcore50) (>= netstandard1.3)) (&& (>= dnxcore50) (>= netstandard1.6)) (&& (>= netstandard1.6) (< monotouch) (< xamarintvos) (< xamarinwatchos) (< xamarinios) (< xamarinmac))
      Microsoft.NETCore.Platforms (>= 1.1)
      Microsoft.NETCore.Targets (>= 1.1)
    runtime.native.System.Net.Http (4.3) - restriction: && (>= netstandard1.6) (< monotouch) (< xamarintvos) (< xamarinwatchos) (< xamarinios) (< xamarinmac)
      Microsoft.NETCore.Platforms (>= 1.1)
      Microsoft.NETCore.Targets (>= 1.1)
    runtime.native.System.Security.Cryptography.Apple (4.3) - restriction: && (>= netstandard1.6) (< monotouch) (< xamarintvos) (< xamarinwatchos) (< xamarinios) (< xamarinmac)
      runtime.osx.10.10-x64.runtime.native.System.Security.Cryptography.Apple (>= 4.3)
    runtime.native.System.Security.Cryptography.OpenSsl (4.3.1) - restriction: || (&& (< net20) (>= netstandard1.3) (< monotouch) (< xamarintvos) (< xamarinwatchos) (< xamarinios) (< xamarinmac)) (&& (>= netstandard1.6) (< monotouch) (< xamarintvos) (< xamarinwatchos) (< xamarinios) (< xamarinmac))
      runtime.debian.8-x64.runtime.native.System.Security.Cryptography.OpenSsl (>= 4.3.1)
      runtime.fedora.23-x64.runtime.native.System.Security.Cryptography.OpenSsl (>= 4.3.1)
      runtime.fedora.24-x64.runtime.native.System.Security.Cryptography.OpenSsl (>= 4.3.1)
      runtime.opensuse.13.2-x64.runtime.native.System.Security.Cryptography.OpenSsl (>= 4.3.1)
      runtime.opensuse.42.1-x64.runtime.native.System.Security.Cryptography.OpenSsl (>= 4.3.1)
      runtime.osx.10.10-x64.runtime.native.System.Security.Cryptography.OpenSsl (>= 4.3.1)
      runtime.rhel.7-x64.runtime.native.System.Security.Cryptography.OpenSsl (>= 4.3.1)
      runtime.ubuntu.14.04-x64.runtime.native.System.Security.Cryptography.OpenSsl (>= 4.3.1)
      runtime.ubuntu.16.04-x64.runtime.native.System.Security.Cryptography.OpenSsl (>= 4.3.1)
      runtime.ubuntu.16.10-x64.runtime.native.System.Security.Cryptography.OpenSsl (>= 4.3.1)
    runtime.opensuse.13.2-x64.runtime.native.System.Security.Cryptography.OpenSsl (4.3.1) - restriction: || (&& (< net20) (>= netstandard1.3) (< monotouch) (< xamarintvos) (< xamarinwatchos) (< xamarinios) (< xamarinmac)) (&& (>= netstandard1.6) (< monotouch) (< xamarintvos) (< xamarinwatchos) (< xamarinios) (< xamarinmac))
    runtime.opensuse.42.1-x64.runtime.native.System.Security.Cryptography.OpenSsl (4.3.1) - restriction: || (&& (< net20) (>= netstandard1.3) (< monotouch) (< xamarintvos) (< xamarinwatchos) (< xamarinios) (< xamarinmac)) (&& (>= netstandard1.6) (< monotouch) (< xamarintvos) (< xamarinwatchos) (< xamarinios) (< xamarinmac))
    runtime.osx.10.10-x64.runtime.native.System.Security.Cryptography.Apple (4.3) - restriction: && (>= netstandard1.6) (< monotouch) (< xamarintvos) (< xamarinwatchos) (< xamarinios) (< xamarinmac)
    runtime.osx.10.10-x64.runtime.native.System.Security.Cryptography.OpenSsl (4.3.1) - restriction: || (&& (< net20) (>= netstandard1.3) (< monotouch) (< xamarintvos) (< xamarinwatchos) (< xamarinios) (< xamarinmac)) (&& (>= netstandard1.6) (< monotouch) (< xamarintvos) (< xamarinwatchos) (< xamarinios) (< xamarinmac))
    runtime.rhel.7-x64.runtime.native.System.Security.Cryptography.OpenSsl (4.3.1) - restriction: || (&& (< net20) (>= netstandard1.3) (< monotouch) (< xamarintvos) (< xamarinwatchos) (< xamarinios) (< xamarinmac)) (&& (>= netstandard1.6) (< monotouch) (< xamarintvos) (< xamarinwatchos) (< xamarinios) (< xamarinmac))
    runtime.ubuntu.14.04-x64.runtime.native.System.Security.Cryptography.OpenSsl (4.3.1) - restriction: || (&& (< net20) (>= netstandard1.3) (< monotouch) (< xamarintvos) (< xamarinwatchos) (< xamarinios) (< xamarinmac)) (&& (>= netstandard1.6) (< monotouch) (< xamarintvos) (< xamarinwatchos) (< xamarinios) (< xamarinmac))
    runtime.ubuntu.16.04-x64.runtime.native.System.Security.Cryptography.OpenSsl (4.3.1) - restriction: || (&& (< net20) (>= netstandard1.3) (< monotouch) (< xamarintvos) (< xamarinwatchos) (< xamarinios) (< xamarinmac)) (&& (>= netstandard1.6) (< monotouch) (< xamarintvos) (< xamarinwatchos) (< xamarinios) (< xamarinmac))
    runtime.ubuntu.16.10-x64.runtime.native.System.Security.Cryptography.OpenSsl (4.3.1) - restriction: || (&& (< net20) (>= netstandard1.3) (< monotouch) (< xamarintvos) (< xamarinwatchos) (< xamarinios) (< xamarinmac)) (&& (>= netstandard1.6) (< monotouch) (< xamarintvos) (< xamarinwatchos) (< xamarinios) (< xamarinmac))
    Selenium.Firefox.WebDriver (0.18)
    Selenium.WebDriver (3.4)
    System.AppContext (4.3) - restriction: || (&& (< net20) (>= netstandard1.3)) (>= netstandard1.6)
      System.Runtime (>= 4.3) - restriction: || (&& (< net46) (>= netstandard1.3) (< netstandard1.6) (< monoandroid)) (>= dnxcore50) (&& (>= netstandard1.6) (< monotouch) (< xamarintvos) (< xamarinwatchos) (< xamarinios) (< xamarinmac))
    System.Buffers (4.3) - restriction: || (&& (< net20) (>= netstandard1.3) (< monotouch) (< xamarintvos) (< xamarinwatchos) (< xamarinios) (< xamarinmac)) (&& (>= dnxcore50) (>= netstandard1.3)) (&& (>= dnxcore50) (>= netstandard1.6)) (&& (>= netstandard1.6) (< monotouch) (< xamarintvos) (< xamarinwatchos) (< xamarinios) (< xamarinmac))
      System.Diagnostics.Debug (>= 4.3) - restriction: && (< net45) (>= netstandard1.1) (< monotouch) (< xamarintvos) (< xamarinwatchos) (< xamarinios) (< xamarinmac) (< win8) (< wpa81)
      System.Diagnostics.Tracing (>= 4.3) - restriction: && (< net45) (>= netstandard1.1) (< monotouch) (< xamarintvos) (< xamarinwatchos) (< xamarinios) (< xamarinmac) (< win8) (< wpa81)
      System.Resources.ResourceManager (>= 4.3) - restriction: && (< net45) (>= netstandard1.1) (< monotouch) (< xamarintvos) (< xamarinwatchos) (< xamarinios) (< xamarinmac) (< win8) (< wpa81)
      System.Runtime (>= 4.3) - restriction: && (< net45) (>= netstandard1.1) (< monotouch) (< xamarintvos) (< xamarinwatchos) (< xamarinios) (< xamarinmac) (< win8) (< wpa81)
      System.Threading (>= 4.3) - restriction: && (< net45) (>= netstandard1.1) (< monotouch) (< xamarintvos) (< xamarinwatchos) (< xamarinios) (< xamarinmac) (< win8) (< wpa81)
    System.Collections (4.3) - restriction: || (&& (< net20) (>= net35) (>= netstandard1.0) (< netstandard1.3)) (&& (< net20) (>= netstandard1.0) (< netstandard1.3) (< monoandroid) (>= portable-win81+wpa81)) (&& (< net20) (>= netstandard1.0) (< monoandroid) (< portable-win81+wpa81) (>= portable-net45+win8+wpa81)) (&& (< net20) (>= netstandard1.1) (< netstandard1.3)) (&& (< net20) (>= netstandard1.3)) (&& (< net20) (< netstandard1.3) (>= netstandard1.5)) (&& (< net20) (>= netstandard1.4) (< monotouch) (< xamarintvos) (< xamarinwatchos) (< xamarinios) (< xamarinmac)) (&& (< net20) (>= netstandard1.5) (< monoandroid) (< portable-win81+wpa81)) (&& (< net20) (>= netstandard1.5) (< monotouch) (< xamarintvos) (< xamarinwatchos) (< xamarinios) (< xamarinmac)) (&& (>= net35) (>= dnxcore50) (>= netstandard1.0)) (&& (< net35) (>= netstandard1.1) (< monoandroid) (< win8) (< wpa81)) (&& (< net35) (>= netstandard1.3) (< monoandroid) (< win8) (< wpa81)) (&& (< net35) (>= netstandard1.3) (< monotouch) (< xamarintvos) (< xamarinwatchos) (< xamarinios) (< xamarinmac) (< win8) (< wpa81)) (&& (>= dnxcore50) (>= netstandard1.0) (>= monoandroid)) (&& (>= dnxcore50) (>= netstandard1.0) (>= portable-win81+wpa81)) (&& (>= dnxcore50) (>= netstandard1.0) (>= portable-net45+win8+wpa81)) (&& (>= dnxcore50) (>= netstandard1.1)) (&& (>= dnxcore50) (>= netstandard1.3)) (&& (>= netstandard1.0) (>= monoandroid) (< portable-win81+wpa81)) (&& (>= netstandard1.3) (>= monoandroid) (< portable-win81+wpa81)) (&& (>= netstandard1.4) (>= monoandroid) (< portable-win81+wpa81)) (&& (>= netstandard1.5) (>= monoandroid) (< portable-win81+wpa81)) (>= netstandard1.6)
      Microsoft.NETCore.Platforms (>= 1.1) - restriction: || (&& (< net45) (>= netstandard1.0) (< netstandard1.3) (< monoandroid) (< win8) (< wp8) (< wpa81)) (&& (< net45) (>= netstandard1.3) (< monotouch) (< xamarintvos) (< xamarinwatchos) (< xamarinios) (< xamarinmac) (< win8) (< wpa81)) (>= dnxcore50)
      Microsoft.NETCore.Targets (>= 1.1) - restriction: || (&& (< net45) (>= netstandard1.0) (< netstandard1.3) (< monoandroid) (< win8) (< wp8) (< wpa81)) (&& (< net45) (>= netstandard1.3) (< monotouch) (< xamarintvos) (< xamarinwatchos) (< xamarinios) (< xamarinmac) (< win8) (< wpa81)) (>= dnxcore50)
      System.Runtime (>= 4.3) - restriction: || (&& (< net45) (>= netstandard1.0) (< netstandard1.3) (< monoandroid) (< win8) (< wp8) (< wpa81)) (&& (< net45) (>= netstandard1.3) (< monotouch) (< xamarintvos) (< xamarinwatchos) (< xamarinios) (< xamarinmac) (< win8) (< wpa81)) (>= dnxcore50)
    System.Collections.Concurrent (4.3) - restriction: || (&& (< net20) (>= netstandard1.1) (< netstandard1.3)) (&& (< net20) (>= netstandard1.1) (< monoandroid) (< portable-win81+wpa81)) (&& (< net20) (>= netstandard1.3)) (&& (>= netstandard1.1) (>= monoandroid) (< portable-win81+wpa81)) (&& (>= netstandard1.3) (>= monoandroid) (< portable-win81+wpa81)) (>= netstandard1.6)
      System.Collections (>= 4.3) - restriction: || (&& (< net45) (>= netstandard1.3) (< monotouch) (< xamarintvos) (< xamarinwatchos) (< xamarinios) (< xamarinmac) (< win8) (< wpa81)) (>= dnxcore50)
      System.Diagnostics.Debug (>= 4.3) - restriction: || (&& (< net45) (>= netstandard1.3) (< monotouch) (< xamarintvos) (< xamarinwatchos) (< xamarinios) (< xamarinmac) (< win8) (< wpa81)) (>= dnxcore50)
      System.Diagnostics.Tracing (>= 4.3) - restriction: || (&& (< net45) (>= netstandard1.3) (< monotouch) (< xamarintvos) (< xamarinwatchos) (< xamarinios) (< xamarinmac) (< win8) (< wpa81)) (>= dnxcore50)
      System.Globalization (>= 4.3) - restriction: || (&& (< net45) (>= netstandard1.3) (< monotouch) (< xamarintvos) (< xamarinwatchos) (< xamarinios) (< xamarinmac) (< win8) (< wpa81)) (>= dnxcore50)
      System.Reflection (>= 4.3) - restriction: && (< net45) (>= netstandard1.3) (< monotouch) (< xamarintvos) (< xamarinwatchos) (< xamarinios) (< xamarinmac) (< win8) (< wpa81)
      System.Resources.ResourceManager (>= 4.3) - restriction: || (&& (< net45) (>= netstandard1.3) (< monotouch) (< xamarintvos) (< xamarinwatchos) (< xamarinios) (< xamarinmac) (< win8) (< wpa81)) (>= dnxcore50)
      System.Runtime (>= 4.3) - restriction: || (&& (< net45) (>= netstandard1.1) (< netstandard1.3) (< monoandroid) (< win8) (< wpa81)) (&& (< net45) (>= netstandard1.3) (< monotouch) (< xamarintvos) (< xamarinwatchos) (< xamarinios) (< xamarinmac) (< win8) (< wpa81)) (>= dnxcore50)
      System.Runtime.Extensions (>= 4.3) - restriction: || (&& (< net45) (>= netstandard1.3) (< monotouch) (< xamarintvos) (< xamarinwatchos) (< xamarinios) (< xamarinmac) (< win8) (< wpa81)) (>= dnxcore50)
      System.Threading (>= 4.3) - restriction: || (&& (< net45) (>= netstandard1.3) (< monotouch) (< xamarintvos) (< xamarinwatchos) (< xamarinios) (< xamarinmac) (< win8) (< wpa81)) (>= dnxcore50)
      System.Threading.Tasks (>= 4.3) - restriction: || (&& (< net45) (>= netstandard1.1) (< netstandard1.3) (< monoandroid) (< win8) (< wpa81)) (&& (< net45) (>= netstandard1.3) (< monotouch) (< xamarintvos) (< xamarinwatchos) (< xamarinios) (< xamarinmac) (< win8) (< wpa81)) (>= dnxcore50)
    System.Collections.NonGeneric (4.3) - restriction: || (&& (< net20) (>= net462)) (&& (< net20) (< netstandard1.3) (>= netstandard1.5)) (&& (< net20) (>= netstandard1.5) (< monoandroid) (< portable-win81+wpa81)) (&& (< net20) (>= netstandard1.5) (< monotouch) (< xamarintvos) (< xamarinwatchos) (< xamarinios) (< xamarinmac)) (&& (>= net462) (>= monoandroid) (< portable-win81+wpa81)) (&& (>= netstandard1.5) (>= monoandroid) (< portable-win81+wpa81))
      System.Diagnostics.Debug (>= 4.3) - restriction: && (< net46) (>= netstandard1.3) (< monotouch) (< xamarintvos) (< xamarinwatchos) (< xamarinios) (< xamarinmac)
      System.Globalization (>= 4.3) - restriction: && (< net46) (>= netstandard1.3) (< monotouch) (< xamarintvos) (< xamarinwatchos) (< xamarinios) (< xamarinmac)
      System.Resources.ResourceManager (>= 4.3) - restriction: && (< net46) (>= netstandard1.3) (< monotouch) (< xamarintvos) (< xamarinwatchos) (< xamarinios) (< xamarinmac)
      System.Runtime (>= 4.3) - restriction: && (< net46) (>= netstandard1.3) (< monotouch) (< xamarintvos) (< xamarinwatchos) (< xamarinios) (< xamarinmac)
      System.Runtime.Extensions (>= 4.3) - restriction: && (< net46) (>= netstandard1.3) (< monotouch) (< xamarintvos) (< xamarinwatchos) (< xamarinios) (< xamarinmac)
      System.Threading (>= 4.3) - restriction: && (< net46) (>= netstandard1.3) (< monotouch) (< xamarintvos) (< xamarinwatchos) (< xamarinios) (< xamarinmac)
    System.Collections.Specialized (4.3) - restriction: || (&& (< net20) (< netstandard1.3) (>= netstandard1.5)) (&& (< net20) (>= netstandard1.5) (< monoandroid) (< portable-win81+wpa81)) (&& (< net20) (>= netstandard1.5) (< monotouch) (< xamarintvos) (< xamarinwatchos) (< xamarinios) (< xamarinmac)) (&& (>= netstandard1.5) (>= monoandroid) (< portable-win81+wpa81))
      System.Collections.NonGeneric (>= 4.3) - restriction: && (< net46) (>= netstandard1.3) (< monotouch) (< xamarintvos) (< xamarinwatchos) (< xamarinios) (< xamarinmac)
      System.Globalization (>= 4.3) - restriction: && (< net46) (>= netstandard1.3) (< monotouch) (< xamarintvos) (< xamarinwatchos) (< xamarinios) (< xamarinmac)
      System.Globalization.Extensions (>= 4.3) - restriction: && (< net46) (>= netstandard1.3) (< monotouch) (< xamarintvos) (< xamarinwatchos) (< xamarinios) (< xamarinmac)
      System.Resources.ResourceManager (>= 4.3) - restriction: && (< net46) (>= netstandard1.3) (< monotouch) (< xamarintvos) (< xamarinwatchos) (< xamarinios) (< xamarinmac)
      System.Runtime (>= 4.3) - restriction: && (< net46) (>= netstandard1.3) (< monotouch) (< xamarintvos) (< xamarinwatchos) (< xamarinios) (< xamarinmac)
      System.Runtime.Extensions (>= 4.3) - restriction: && (< net46) (>= netstandard1.3) (< monotouch) (< xamarintvos) (< xamarinwatchos) (< xamarinios) (< xamarinmac)
      System.Threading (>= 4.3) - restriction: && (< net46) (>= netstandard1.3) (< monotouch) (< xamarintvos) (< xamarinwatchos) (< xamarinios) (< xamarinmac)
    System.ComponentModel (4.3) - restriction: || (&& (< net20) (>= net35) (>= netstandard1.0) (< netstandard1.3)) (&& (< net20) (>= netstandard1.0) (< netstandard1.3) (< monoandroid) (< win8) (< wpa81) (>= portable-win81+wpa81)) (&& (< net20) (>= netstandard1.0) (< monoandroid) (< win8) (< portable-win81+wpa81) (>= portable-net45+win8+wpa81)) (&& (< net20) (>= netstandard1.1) (< netstandard1.3) (< monoandroid) (< win8) (< wpa81)) (&& (< net20) (>= netstandard1.3) (< netstandard1.5) (< monoandroid) (< win8) (< wpa81)) (&& (< net20) (< netstandard1.3) (>= netstandard1.5)) (&& (< net20) (>= netstandard1.5) (< monoandroid) (< portable-win81+wpa81)) (&& (< net20) (>= netstandard1.5) (< monotouch) (< xamarintvos) (< xamarinwatchos) (< xamarinios) (< xamarinmac)) (&& (>= netstandard1.5) (>= monoandroid) (< portable-win81+wpa81))
      System.Runtime (>= 4.3) - restriction: || (&& (< net45) (>= netstandard1.0) (< netstandard1.3) (< monoandroid) (< win8) (< wp8) (< wpa81)) (&& (< net45) (>= netstandard1.3) (< monotouch) (< xamarintvos) (< xamarinwatchos) (< xamarinios) (< xamarinmac) (< win8) (< wpa81)) (>= dnxcore50)
    System.ComponentModel.Primitives (4.3) - restriction: || (&& (< net20) (>= net35) (>= netstandard1.0) (< netstandard1.3)) (&& (< net20) (>= net45) (>= netstandard1.3) (< netstandard1.5)) (&& (< net20) (>= net45) (< netstandard1.3)) (&& (< net20) (>= net45) (< portable-win81+wpa81)) (&& (< net20) (>= net462)) (&& (< net20) (>= netstandard1.0) (< netstandard1.3) (< monoandroid) (< win8) (>= portable-win81+wpa81)) (&& (< net20) (>= netstandard1.0) (< monoandroid) (< win8) (< portable-win81+wpa81) (>= portable-net45+win8+wpa81)) (&& (< net20) (>= netstandard1.1) (< netstandard1.3) (< monoandroid) (< win8)) (&& (< net20) (>= netstandard1.3) (< netstandard1.5) (< monoandroid) (< win8)) (&& (< net20) (< netstandard1.3) (>= netstandard1.5)) (&& (< net20) (>= netstandard1.5) (< monoandroid) (< portable-win81+wpa81)) (&& (< net20) (>= netstandard1.5) (< monotouch) (< xamarintvos) (< xamarinwatchos) (< xamarinios) (< xamarinmac)) (&& (>= net35) (>= wp8)) (&& (>= net45) (>= monoandroid) (< portable-win81+wpa81)) (&& (>= net462) (>= monoandroid) (< portable-win81+wpa81)) (&& (< netstandard1.0) (>= netstandard1.1) (>= win8)) (&& (< netstandard1.0) (>= netstandard1.3) (>= win8)) (&& (>= netstandard1.1) (>= wp8)) (&& (>= netstandard1.3) (>= wp8)) (&& (>= netstandard1.3) (>= wpa81)) (&& (< netstandard1.3) (>= wpa81)) (&& (>= netstandard1.5) (>= monoandroid) (< portable-win81+wpa81)) (&& (>= monoandroid) (>= wp8)) (&& (>= wp8) (>= portable-win81+wpa81)) (&& (>= wp8) (>= portable-net45+win8+wpa81)) (&& (>= wpa81) (< portable-win81+wpa81))
      System.ComponentModel (>= 4.3) - restriction: && (< net45) (>= netstandard1.0) (< monotouch) (< xamarintvos) (< xamarinwatchos) (< xamarinios) (< xamarinmac) (< win8) (< wp8) (< wpa81)
      System.Resources.ResourceManager (>= 4.3) - restriction: && (< net45) (>= netstandard1.0) (< monotouch) (< xamarintvos) (< xamarinwatchos) (< xamarinios) (< xamarinmac) (< win8) (< wp8) (< wpa81)
      System.Runtime (>= 4.3) - restriction: && (< net45) (>= netstandard1.0) (< monotouch) (< xamarintvos) (< xamarinwatchos) (< xamarinios) (< xamarinmac) (< win8) (< wp8) (< wpa81)
    System.ComponentModel.TypeConverter (4.3) - restriction: || (&& (< net20) (>= net35) (>= netstandard1.0) (< netstandard1.3)) (&& (< net20) (>= netstandard1.0) (< netstandard1.3) (< monoandroid) (>= portable-win81+wpa81)) (&& (< net20) (>= netstandard1.0) (< monoandroid) (< portable-win81+wpa81) (>= portable-net45+win8+wpa81)) (&& (< net20) (>= netstandard1.1) (< netstandard1.3)) (&& (< net20) (>= netstandard1.3)) (&& (>= netstandard1.0) (>= monoandroid) (< portable-win81+wpa81)) (&& (>= netstandard1.3) (>= monoandroid) (< portable-win81+wpa81))
      System.Collections (>= 4.3) - restriction: || (&& (< net45) (>= netstandard1.0) (< netstandard1.5) (< monoandroid) (< win8) (< wp8) (< wpa81)) (&& (< net45) (>= netstandard1.5) (< monotouch) (< xamarintvos) (< xamarinwatchos) (< xamarinios) (< xamarinmac))
      System.Collections.NonGeneric (>= 4.3) - restriction: || (&& (< net45) (>= netstandard1.5) (< monotouch) (< xamarintvos) (< xamarinwatchos) (< xamarinios) (< xamarinmac)) (>= net462)
      System.Collections.Specialized (>= 4.3) - restriction: && (< net45) (>= netstandard1.5) (< monotouch) (< xamarintvos) (< xamarinwatchos) (< xamarinios) (< xamarinmac)
      System.ComponentModel (>= 4.3) - restriction: || (&& (< net45) (>= netstandard1.0) (< netstandard1.5) (< monoandroid) (< win8) (< wp8) (< wpa81)) (&& (< net45) (>= netstandard1.5) (< monotouch) (< xamarintvos) (< xamarinwatchos) (< xamarinios) (< xamarinmac))
      System.ComponentModel.Primitives (>= 4.3) - restriction: || (&& (>= net45) (< netstandard1.5)) (&& (< net45) (>= netstandard1.0) (< netstandard1.5) (< monoandroid) (< win8)) (&& (< net45) (>= netstandard1.5) (< monotouch) (< xamarintvos) (< xamarinwatchos) (< xamarinios) (< xamarinmac)) (>= net462) (&& (< netstandard1.0) (>= win8)) (>= wp8) (>= wpa81)
      System.Globalization (>= 4.3) - restriction: || (&& (< net45) (>= netstandard1.0) (< netstandard1.5) (< monoandroid) (< win8) (< wp8) (< wpa81)) (&& (< net45) (>= netstandard1.5) (< monotouch) (< xamarintvos) (< xamarinwatchos) (< xamarinios) (< xamarinmac))
      System.Linq (>= 4.3) - restriction: && (< net45) (>= netstandard1.5) (< monotouch) (< xamarintvos) (< xamarinwatchos) (< xamarinios) (< xamarinmac)
      System.Reflection (>= 4.3) - restriction: || (&& (< net45) (>= netstandard1.0) (< netstandard1.5) (< monoandroid) (< win8) (< wp8) (< wpa81)) (&& (< net45) (>= netstandard1.5) (< monotouch) (< xamarintvos) (< xamarinwatchos) (< xamarinios) (< xamarinmac))
      System.Reflection.Extensions (>= 4.3) - restriction: || (&& (< net45) (>= netstandard1.0) (< netstandard1.5) (< monoandroid) (< win8) (< wp8) (< wpa81)) (&& (< net45) (>= netstandard1.5) (< monotouch) (< xamarintvos) (< xamarinwatchos) (< xamarinios) (< xamarinmac))
      System.Reflection.Primitives (>= 4.3) - restriction: || (&& (< net45) (>= netstandard1.0) (< netstandard1.5) (< monoandroid) (< win8) (< wp8) (< wpa81)) (&& (< net45) (>= netstandard1.5) (< monotouch) (< xamarintvos) (< xamarinwatchos) (< xamarinios) (< xamarinmac))
      System.Reflection.TypeExtensions (>= 4.3) - restriction: && (< net45) (>= netstandard1.5) (< monotouch) (< xamarintvos) (< xamarinwatchos) (< xamarinios) (< xamarinmac)
      System.Resources.ResourceManager (>= 4.3) - restriction: || (&& (< net45) (>= netstandard1.0) (< netstandard1.5) (< monoandroid) (< win8) (< wp8) (< wpa81)) (&& (< net45) (>= netstandard1.5) (< monotouch) (< xamarintvos) (< xamarinwatchos) (< xamarinios) (< xamarinmac))
      System.Runtime (>= 4.3) - restriction: || (&& (< net45) (>= netstandard1.0) (< netstandard1.5) (< monoandroid) (< win8) (< wp8) (< wpa81)) (&& (< net45) (>= netstandard1.5) (< monotouch) (< xamarintvos) (< xamarinwatchos) (< xamarinios) (< xamarinmac))
      System.Runtime.Extensions (>= 4.3) - restriction: || (&& (< net45) (>= netstandard1.0) (< netstandard1.5) (< monoandroid) (< win8) (< wp8) (< wpa81)) (&& (< net45) (>= netstandard1.5) (< monotouch) (< xamarintvos) (< xamarinwatchos) (< xamarinios) (< xamarinmac))
      System.Threading (>= 4.3) - restriction: || (&& (< net45) (>= netstandard1.0) (< netstandard1.5) (< monoandroid) (< win8) (< wp8) (< wpa81)) (&& (< net45) (>= netstandard1.5) (< monotouch) (< xamarintvos) (< xamarinwatchos) (< xamarinios) (< xamarinmac))
    System.Console (4.3) - restriction: || (&& (< net20) (>= netstandard1.3)) (>= netstandard1.6)
      Microsoft.NETCore.Platforms (>= 1.1) - restriction: && (< net46) (>= netstandard1.3) (< monotouch) (< xamarintvos) (< xamarinwatchos) (< xamarinios) (< xamarinmac)
      Microsoft.NETCore.Targets (>= 1.1) - restriction: && (< net46) (>= netstandard1.3) (< monotouch) (< xamarintvos) (< xamarinwatchos) (< xamarinios) (< xamarinmac)
      System.IO (>= 4.3) - restriction: && (< net46) (>= netstandard1.3) (< monotouch) (< xamarintvos) (< xamarinwatchos) (< xamarinios) (< xamarinmac)
      System.Runtime (>= 4.3) - restriction: && (< net46) (>= netstandard1.3) (< monotouch) (< xamarintvos) (< xamarinwatchos) (< xamarinios) (< xamarinmac)
      System.Text.Encoding (>= 4.3) - restriction: && (< net46) (>= netstandard1.3) (< monotouch) (< xamarintvos) (< xamarinwatchos) (< xamarinios) (< xamarinmac)
    System.Diagnostics.Debug (4.3) - restriction: || (&& (< net20) (>= net35) (>= netstandard1.0) (< netstandard1.3)) (&& (< net20) (>= net462)) (&& (< net20) (>= netstandard1.0) (< netstandard1.3) (< monoandroid) (>= portable-win81+wpa81)) (&& (< net20) (>= netstandard1.0) (< monoandroid) (< portable-win81+wpa81) (>= portable-net45+win8+wpa81)) (&& (< net20) (>= netstandard1.1) (< netstandard1.3)) (&& (< net20) (>= netstandard1.3)) (&& (< net20) (< netstandard1.3) (>= netstandard1.5)) (&& (< net20) (>= netstandard1.5) (< monoandroid) (< portable-win81+wpa81)) (&& (< net20) (>= netstandard1.5) (< monotouch) (< xamarintvos) (< xamarinwatchos) (< xamarinios) (< xamarinmac)) (&& (>= net35) (>= dnxcore50) (>= netstandard1.0)) (&& (< net35) (>= netstandard1.3) (< monoandroid) (< win8) (< wpa81)) (&& (< net35) (>= netstandard1.3) (< monotouch) (< xamarintvos) (< xamarinwatchos) (< xamarinios) (< xamarinmac) (< win8) (< wpa81)) (&& (>= net462) (>= monoandroid) (< portable-win81+wpa81)) (&& (>= dnxcore50) (>= netstandard1.0) (>= monoandroid)) (&& (>= dnxcore50) (>= netstandard1.0) (>= portable-win81+wpa81)) (&& (>= dnxcore50) (>= netstandard1.0) (>= portable-net45+win8+wpa81)) (&& (>= dnxcore50) (>= netstandard1.1)) (&& (>= dnxcore50) (>= netstandard1.3)) (&& (>= netstandard1.0) (>= monoandroid) (< portable-win81+wpa81)) (&& (>= netstandard1.3) (>= monoandroid) (< portable-win81+wpa81)) (&& (>= netstandard1.5) (>= monoandroid) (< portable-win81+wpa81)) (>= netstandard1.6)
      Microsoft.NETCore.Platforms (>= 1.1) - restriction: || (&& (< net45) (>= netstandard1.0) (< netstandard1.3) (< monoandroid) (< win8) (< wp8) (< wpa81)) (&& (< net45) (>= netstandard1.3) (< monotouch) (< xamarintvos) (< xamarinwatchos) (< xamarinios) (< xamarinmac) (< win8) (< wpa81)) (>= dnxcore50)
      Microsoft.NETCore.Targets (>= 1.1) - restriction: || (&& (< net45) (>= netstandard1.0) (< netstandard1.3) (< monoandroid) (< win8) (< wp8) (< wpa81)) (&& (< net45) (>= netstandard1.3) (< monotouch) (< xamarintvos) (< xamarinwatchos) (< xamarinios) (< xamarinmac) (< win8) (< wpa81)) (>= dnxcore50)
      System.Runtime (>= 4.3) - restriction: || (&& (< net45) (>= netstandard1.0) (< netstandard1.3) (< monoandroid) (< win8) (< wp8) (< wpa81)) (&& (< net45) (>= netstandard1.3) (< monotouch) (< xamarintvos) (< xamarinwatchos) (< xamarinios) (< xamarinmac) (< win8) (< wpa81)) (>= dnxcore50)
    System.Diagnostics.DiagnosticSource (4.4) - restriction: || (&& (< net35) (>= netstandard1.3) (< netstandard1.6) (< monoandroid) (< win8) (< wpa81)) (&& (>= dnxcore50) (>= netstandard1.1)) (&& (>= netstandard1.6) (< monotouch) (< xamarintvos) (< xamarinwatchos) (< xamarinios) (< xamarinmac))
      System.Collections (>= 4.3) - restriction: || (&& (< net45) (>= netstandard1.1) (< netstandard1.3)) (&& (< net45) (>= netstandard1.3) (< netcore2.0) (< xamarinmac))
      System.Diagnostics.Debug (>= 4.3) - restriction: && (< net45) (>= netstandard1.3) (< netcore2.0) (< xamarinmac)
      System.Diagnostics.Tracing (>= 4.3) - restriction: || (&& (< net45) (>= netstandard1.1) (< netstandard1.3)) (&& (< net45) (>= netstandard1.3) (< netcore2.0) (< xamarinmac))
      System.Reflection (>= 4.3) - restriction: || (&& (< net45) (>= netstandard1.1) (< netstandard1.3)) (&& (< net45) (>= netstandard1.3) (< netcore2.0) (< xamarinmac))
      System.Runtime (>= 4.3) - restriction: || (&& (< net45) (>= netstandard1.1) (< netstandard1.3)) (&& (< net45) (>= netstandard1.3) (< netcore2.0) (< xamarinmac))
      System.Runtime.Extensions (>= 4.3) - restriction: && (< net45) (>= netstandard1.3) (< netcore2.0) (< xamarinmac)
      System.Threading (>= 4.3) - restriction: || (&& (< net45) (>= netstandard1.1) (< netstandard1.3)) (&& (< net45) (>= netstandard1.3) (< netcore2.0) (< xamarinmac))
    System.Diagnostics.Tools (4.3) - restriction: || (&& (< net20) (>= net35) (>= netstandard1.0) (< netstandard1.3)) (&& (< net20) (>= netstandard1.0) (< netstandard1.3) (< monoandroid) (>= portable-win81+wpa81)) (&& (< net20) (>= netstandard1.0) (< monoandroid) (< portable-win81+wpa81) (>= portable-net45+win8+wpa81)) (&& (< net20) (>= netstandard1.1) (< netstandard1.3)) (&& (< net20) (>= netstandard1.3)) (&& (>= dnxcore50) (>= netstandard1.3)) (&& (>= netstandard1.0) (>= monoandroid) (< portable-win81+wpa81)) (&& (>= netstandard1.3) (>= monoandroid) (< portable-win81+wpa81)) (>= netstandard1.6)
      Microsoft.NETCore.Platforms (>= 1.1) - restriction: || (&& (< net45) (>= netstandard1.0) (< monotouch) (< xamarintvos) (< xamarinwatchos) (< xamarinios) (< xamarinmac) (< win8) (< wp8) (< wpa81)) (>= dnxcore50)
      Microsoft.NETCore.Targets (>= 1.1) - restriction: || (&& (< net45) (>= netstandard1.0) (< monotouch) (< xamarintvos) (< xamarinwatchos) (< xamarinios) (< xamarinmac) (< win8) (< wp8) (< wpa81)) (>= dnxcore50)
      System.Runtime (>= 4.3) - restriction: || (&& (< net45) (>= netstandard1.0) (< monotouch) (< xamarintvos) (< xamarinwatchos) (< xamarinios) (< xamarinmac) (< win8) (< wp8) (< wpa81)) (>= dnxcore50)
    System.Diagnostics.Tracing (4.3) - restriction: || (&& (< net20) (>= netstandard1.1) (< netstandard1.3)) (&& (< net20) (>= netstandard1.1) (< monoandroid) (< portable-win81+wpa81)) (&& (< net20) (>= netstandard1.3)) (&& (< net35) (>= netstandard1.3) (< monoandroid) (< win8) (< wpa81)) (&& (>= dnxcore50) (>= netstandard1.1)) (&& (>= dnxcore50) (>= netstandard1.3)) (&& (>= netstandard1.1) (>= monoandroid) (< portable-win81+wpa81)) (&& (>= netstandard1.3) (>= monoandroid) (< portable-win81+wpa81)) (>= netstandard1.6)
      Microsoft.NETCore.Platforms (>= 1.1) - restriction: || (&& (< net45) (>= netstandard1.1) (< netstandard1.2) (< monoandroid) (< win8)) (&& (< net45) (>= netstandard1.2) (< netstandard1.3) (< monoandroid) (< win8) (< wpa81)) (&& (< net45) (>= netstandard1.3) (< netstandard1.5) (< monoandroid) (< win8) (< wpa81)) (&& (< net45) (>= netstandard1.5) (< monotouch) (< xamarintvos) (< xamarinwatchos) (< xamarinios) (< xamarinmac)) (>= dnxcore50)
      Microsoft.NETCore.Targets (>= 1.1) - restriction: || (&& (< net45) (>= netstandard1.1) (< netstandard1.2) (< monoandroid) (< win8)) (&& (< net45) (>= netstandard1.2) (< netstandard1.3) (< monoandroid) (< win8) (< wpa81)) (&& (< net45) (>= netstandard1.3) (< netstandard1.5) (< monoandroid) (< win8) (< wpa81)) (&& (< net45) (>= netstandard1.5) (< monotouch) (< xamarintvos) (< xamarinwatchos) (< xamarinios) (< xamarinmac)) (>= dnxcore50)
      System.Runtime (>= 4.3) - restriction: || (&& (< net45) (>= netstandard1.1) (< netstandard1.2) (< monoandroid) (< win8)) (&& (< net45) (>= netstandard1.2) (< netstandard1.3) (< monoandroid) (< win8) (< wpa81)) (&& (< net45) (>= netstandard1.3) (< netstandard1.5) (< monoandroid) (< win8) (< wpa81)) (&& (< net45) (>= netstandard1.5) (< monotouch) (< xamarintvos) (< xamarinwatchos) (< xamarinios) (< xamarinmac)) (>= dnxcore50)
    System.Dynamic.Runtime (4.3) - restriction: || (&& (< net20) (>= net35) (>= netstandard1.0) (< netstandard1.3)) (&& (< net20) (>= netstandard1.0) (< netstandard1.3) (< monoandroid) (< win8) (< wpa81) (>= portable-win81+wpa81)) (&& (< net20) (>= netstandard1.0) (< monoandroid) (< win8) (< portable-win81+wpa81) (>= portable-net45+win8+wpa81)) (&& (< net20) (>= netstandard1.1) (< netstandard1.3) (< monoandroid) (< win8) (< wpa81)) (&& (< net20) (>= netstandard1.3) (< monoandroid) (< win8) (< portable-win81+wpa81)) (&& (< net20) (>= netstandard1.3) (< monotouch) (< xamarintvos) (< xamarinwatchos) (< xamarinios) (< xamarinmac) (< win8) (< wpa81)) (&& (>= net35) (>= dnxcore50) (>= netstandard1.0)) (&& (< net35) (>= netstandard1.1) (< monotouch) (< xamarinios)) (&& (>= dnxcore50) (>= netstandard1.0) (>= monoandroid)) (&& (>= dnxcore50) (>= netstandard1.0) (>= portable-win81+wpa81)) (&& (>= dnxcore50) (>= netstandard1.0) (>= portable-net45+win8+wpa81)) (&& (>= dnxcore50) (>= netstandard1.1)) (&& (>= dnxcore50) (>= netstandard1.3)) (&& (>= netstandard1.3) (>= monoandroid) (< portable-win81+wpa81))
      System.Collections (>= 4.3) - restriction: || (&& (< net45) (>= netstandard1.3) (< monotouch) (< xamarintvos) (< xamarinwatchos) (< xamarinios) (< xamarinmac) (< win8) (< wpa81)) (>= dnxcore50)
      System.Diagnostics.Debug (>= 4.3) - restriction: || (&& (< net45) (>= netstandard1.3) (< monotouch) (< xamarintvos) (< xamarinwatchos) (< xamarinios) (< xamarinmac) (< win8) (< wpa81)) (>= dnxcore50)
      System.Linq (>= 4.3) - restriction: || (&& (< net45) (>= netstandard1.3) (< monotouch) (< xamarintvos) (< xamarinwatchos) (< xamarinios) (< xamarinmac) (< win8) (< wpa81)) (>= dnxcore50)
      System.Linq.Expressions (>= 4.3) - restriction: || (&& (< net45) (>= netstandard1.0) (< netstandard1.3) (< monoandroid) (< win8) (< wp8) (< wpa81)) (&& (< net45) (>= netstandard1.3) (< monotouch) (< xamarintvos) (< xamarinwatchos) (< xamarinios) (< xamarinmac) (< win8) (< wpa81)) (>= dnxcore50)
      System.ObjectModel (>= 4.3) - restriction: || (&& (< net45) (>= netstandard1.0) (< netstandard1.3) (< monoandroid) (< win8) (< wp8) (< wpa81)) (&& (< net45) (>= netstandard1.3) (< monotouch) (< xamarintvos) (< xamarinwatchos) (< xamarinios) (< xamarinmac) (< win8) (< wpa81)) (>= dnxcore50)
      System.Reflection (>= 4.3) - restriction: || (&& (< net45) (>= netstandard1.0) (< netstandard1.3) (< monoandroid) (< win8) (< wp8) (< wpa81)) (&& (< net45) (>= netstandard1.3) (< monotouch) (< xamarintvos) (< xamarinwatchos) (< xamarinios) (< xamarinmac) (< win8) (< wpa81)) (>= dnxcore50)
      System.Reflection.Emit (>= 4.3) - restriction: && (< net45) (>= netstandard1.3) (< monotouch) (< xamarintvos) (< xamarinwatchos) (< xamarinios) (< xamarinmac) (< win8) (< wpa81)
      System.Reflection.Emit.ILGeneration (>= 4.3) - restriction: && (< net45) (>= netstandard1.3) (< monotouch) (< xamarintvos) (< xamarinwatchos) (< xamarinios) (< xamarinmac) (< win8) (< wpa81)
      System.Reflection.Primitives (>= 4.3) - restriction: && (< net45) (>= netstandard1.3) (< monotouch) (< xamarintvos) (< xamarinwatchos) (< xamarinios) (< xamarinmac) (< win8) (< wpa81)
      System.Reflection.TypeExtensions (>= 4.3) - restriction: || (&& (< net45) (>= netstandard1.3) (< monotouch) (< xamarintvos) (< xamarinwatchos) (< xamarinios) (< xamarinmac) (< win8) (< wpa81)) (>= dnxcore50)
      System.Resources.ResourceManager (>= 4.3) - restriction: || (&& (< net45) (>= netstandard1.3) (< monotouch) (< xamarintvos) (< xamarinwatchos) (< xamarinios) (< xamarinmac) (< win8) (< wpa81)) (>= dnxcore50)
      System.Runtime (>= 4.3) - restriction: || (&& (< net45) (>= netstandard1.0) (< netstandard1.3) (< monoandroid) (< win8) (< wp8) (< wpa81)) (&& (< net45) (>= netstandard1.3) (< monotouch) (< xamarintvos) (< xamarinwatchos) (< xamarinios) (< xamarinmac) (< win8) (< wpa81)) (>= dnxcore50)
      System.Runtime.Extensions (>= 4.3) - restriction: || (&& (< net45) (>= netstandard1.3) (< monotouch) (< xamarintvos) (< xamarinwatchos) (< xamarinios) (< xamarinmac) (< win8) (< wpa81)) (>= dnxcore50)
      System.Threading (>= 4.3) - restriction: || (&& (< net45) (>= netstandard1.3) (< monotouch) (< xamarintvos) (< xamarinwatchos) (< xamarinios) (< xamarinmac) (< win8) (< wpa81)) (>= dnxcore50)
    System.Globalization (4.3) - restriction: || (&& (< net20) (>= net35) (>= netstandard1.0) (< netstandard1.3)) (&& (< net20) (>= net462)) (&& (< net20) (>= netstandard1.0) (< netstandard1.3) (< monoandroid) (>= portable-win81+wpa81)) (&& (< net20) (>= netstandard1.0) (< monoandroid) (< portable-win81+wpa81) (>= portable-net45+win8+wpa81)) (&& (< net20) (>= netstandard1.1) (< netstandard1.3)) (&& (< net20) (>= netstandard1.3)) (&& (< net20) (< netstandard1.3) (>= netstandard1.5)) (&& (< net20) (>= netstandard1.5) (< monoandroid) (< portable-win81+wpa81)) (&& (< net20) (>= netstandard1.5) (< monotouch) (< xamarintvos) (< xamarinwatchos) (< xamarinios) (< xamarinmac)) (&& (>= net35) (>= dnxcore50) (>= netstandard1.0)) (&& (< net35) (>= netstandard1.1) (< monotouch) (< xamarinios)) (&& (< net35) (>= netstandard1.3) (< monoandroid) (< win8) (< wpa81)) (&& (< net35) (>= netstandard1.3) (< monotouch) (< xamarintvos) (< xamarinwatchos) (< xamarinios) (< xamarinmac) (< win8) (< wpa81)) (&& (>= net462) (>= monoandroid) (< portable-win81+wpa81)) (&& (>= dnxcore50) (>= netstandard1.0) (>= monoandroid)) (&& (>= dnxcore50) (>= netstandard1.0) (>= portable-win81+wpa81)) (&& (>= dnxcore50) (>= netstandard1.0) (>= portable-net45+win8+wpa81)) (&& (>= dnxcore50) (>= netstandard1.1)) (&& (>= dnxcore50) (>= netstandard1.3)) (&& (>= netstandard1.0) (>= monoandroid) (< portable-win81+wpa81)) (&& (>= netstandard1.3) (>= monoandroid) (< portable-win81+wpa81)) (&& (>= netstandard1.5) (>= monoandroid) (< portable-win81+wpa81)) (>= netstandard1.6)
      Microsoft.NETCore.Platforms (>= 1.1) - restriction: || (&& (< net45) (>= netstandard1.0) (< netstandard1.3) (< monoandroid) (< win8) (< wp8) (< wpa81)) (&& (< net45) (>= netstandard1.3) (< monotouch) (< xamarintvos) (< xamarinwatchos) (< xamarinios) (< xamarinmac) (< win8) (< wpa81)) (>= dnxcore50)
      Microsoft.NETCore.Targets (>= 1.1) - restriction: || (&& (< net45) (>= netstandard1.0) (< netstandard1.3) (< monoandroid) (< win8) (< wp8) (< wpa81)) (&& (< net45) (>= netstandard1.3) (< monotouch) (< xamarintvos) (< xamarinwatchos) (< xamarinios) (< xamarinmac) (< win8) (< wpa81)) (>= dnxcore50)
      System.Runtime (>= 4.3) - restriction: || (&& (< net45) (>= netstandard1.0) (< netstandard1.3) (< monoandroid) (< win8) (< wp8) (< wpa81)) (&& (< net45) (>= netstandard1.3) (< monotouch) (< xamarintvos) (< xamarinwatchos) (< xamarinios) (< xamarinmac) (< win8) (< wpa81)) (>= dnxcore50)
    System.Globalization.Calendars (4.3) - restriction: || (&& (< net20) (>= netstandard1.3)) (&& (>= dnxcore50) (>= netstandard1.3)) (>= netstandard1.6)
      Microsoft.NETCore.Platforms (>= 1.1) - restriction: && (< net46) (>= netstandard1.3) (< monotouch) (< xamarintvos) (< xamarinwatchos) (< xamarinios) (< xamarinmac)
      Microsoft.NETCore.Targets (>= 1.1) - restriction: && (< net46) (>= netstandard1.3) (< monotouch) (< xamarintvos) (< xamarinwatchos) (< xamarinios) (< xamarinmac)
      System.Globalization (>= 4.3) - restriction: && (< net46) (>= netstandard1.3) (< monotouch) (< xamarintvos) (< xamarinwatchos) (< xamarinios) (< xamarinmac)
      System.Runtime (>= 4.3) - restriction: && (< net46) (>= netstandard1.3) (< monotouch) (< xamarintvos) (< xamarinwatchos) (< xamarinios) (< xamarinmac)
    System.Globalization.Extensions (4.3) - restriction: || (&& (< net20) (< netstandard1.3) (>= netstandard1.5)) (&& (< net20) (>= netstandard1.5) (< monoandroid) (< portable-win81+wpa81)) (&& (< net20) (>= netstandard1.5) (< monotouch) (< xamarintvos) (< xamarinwatchos) (< xamarinios) (< xamarinmac)) (&& (>= netstandard1.5) (>= monoandroid) (< portable-win81+wpa81)) (&& (>= netstandard1.6) (< monotouch) (< xamarintvos) (< xamarinwatchos) (< xamarinios) (< xamarinmac))
      Microsoft.NETCore.Platforms (>= 1.1) - restriction: && (< net46) (>= netstandard1.3) (< monotouch) (< xamarintvos) (< xamarinwatchos) (< xamarinios) (< xamarinmac)
      System.Globalization (>= 4.3) - restriction: && (< net46) (>= netstandard1.3) (< monotouch) (< xamarintvos) (< xamarinwatchos) (< xamarinios) (< xamarinmac)
      System.Resources.ResourceManager (>= 4.3) - restriction: && (< net46) (>= netstandard1.3) (< monotouch) (< xamarintvos) (< xamarinwatchos) (< xamarinios) (< xamarinmac)
      System.Runtime (>= 4.3) - restriction: && (< net46) (>= netstandard1.3) (< monotouch) (< xamarintvos) (< xamarinwatchos) (< xamarinios) (< xamarinmac)
      System.Runtime.Extensions (>= 4.3) - restriction: && (< net46) (>= netstandard1.3) (< monotouch) (< xamarintvos) (< xamarinwatchos) (< xamarinios) (< xamarinmac)
      System.Runtime.InteropServices (>= 4.3) - restriction: && (< net46) (>= netstandard1.3) (< monotouch) (< xamarintvos) (< xamarinwatchos) (< xamarinios) (< xamarinmac)
    System.IO (4.3) - restriction: || (&& (< net20) (>= net35) (>= netstandard1.0) (< netstandard1.3)) (&& (< net20) (>= net463)) (&& (< net20) (>= netstandard1.0) (< netstandard1.3) (< monoandroid) (>= portable-win81+wpa81)) (&& (< net20) (>= netstandard1.0) (< monoandroid) (< portable-win81+wpa81) (>= portable-net45+win8+wpa81)) (&& (< net20) (>= netstandard1.1) (< netstandard1.3)) (&& (< net20) (>= netstandard1.3)) (&& (< net20) (>= netstandard1.4) (< monoandroid)) (&& (< net20) (>= netstandard1.5) (< monotouch) (< xamarintvos) (< xamarinwatchos) (< xamarinios) (< xamarinmac)) (&& (< net35) (>= netstandard1.1) (< netstandard1.3) (< monoandroid) (< win8) (< wpa81)) (&& (< net35) (>= netstandard1.3) (< monoandroid) (< win8) (< wpa81)) (&& (< net35) (>= netstandard1.3) (< monotouch) (< xamarintvos) (< xamarinwatchos) (< xamarinios) (< xamarinmac) (< win8) (< wpa81)) (&& (< net35) (< netstandard1.3) (>= netstandard1.5) (< monoandroid)) (&& (< net35) (>= netstandard1.5) (< monotouch) (< xamarintvos) (< xamarinwatchos) (< xamarinios) (< xamarinmac)) (&& (>= dnxcore50) (>= netstandard1.1)) (&& (>= dnxcore50) (>= netstandard1.3)) (&& (>= dnxcore50) (>= netstandard1.5)) (&& (>= netstandard1.0) (>= monoandroid) (< portable-win81+wpa81)) (&& (>= netstandard1.3) (>= monoandroid) (< portable-win81+wpa81)) (>= netstandard1.6)
      Microsoft.NETCore.Platforms (>= 1.1) - restriction: || (&& (< net45) (>= netstandard1.0) (< netstandard1.3) (< monoandroid) (< win8) (< wp8) (< wpa81)) (&& (< net45) (>= netstandard1.3) (< netstandard1.5) (< monoandroid) (< win8) (< wpa81)) (&& (< net45) (>= netstandard1.5) (< monotouch) (< xamarintvos) (< xamarinwatchos) (< xamarinios) (< xamarinmac)) (>= dnxcore50)
      Microsoft.NETCore.Targets (>= 1.1) - restriction: || (&& (< net45) (>= netstandard1.0) (< netstandard1.3) (< monoandroid) (< win8) (< wp8) (< wpa81)) (&& (< net45) (>= netstandard1.3) (< netstandard1.5) (< monoandroid) (< win8) (< wpa81)) (&& (< net45) (>= netstandard1.5) (< monotouch) (< xamarintvos) (< xamarinwatchos) (< xamarinios) (< xamarinmac)) (>= dnxcore50)
      System.Runtime (>= 4.3) - restriction: || (&& (< net45) (>= netstandard1.0) (< netstandard1.3) (< monoandroid) (< win8) (< wp8) (< wpa81)) (&& (< net45) (>= netstandard1.3) (< netstandard1.5) (< monoandroid) (< win8) (< wpa81)) (&& (< net45) (>= netstandard1.5) (< monotouch) (< xamarintvos) (< xamarinwatchos) (< xamarinios) (< xamarinmac)) (>= dnxcore50)
      System.Text.Encoding (>= 4.3) - restriction: || (&& (< net45) (>= netstandard1.0) (< netstandard1.3) (< monoandroid) (< win8) (< wp8) (< wpa81)) (&& (< net45) (>= netstandard1.3) (< netstandard1.5) (< monoandroid) (< win8) (< wpa81)) (&& (< net45) (>= netstandard1.5) (< monotouch) (< xamarintvos) (< xamarinwatchos) (< xamarinios) (< xamarinmac)) (>= dnxcore50)
      System.Threading.Tasks (>= 4.3) - restriction: || (&& (< net45) (>= netstandard1.0) (< netstandard1.3) (< monoandroid) (< win8) (< wp8) (< wpa81)) (&& (< net45) (>= netstandard1.3) (< netstandard1.5) (< monoandroid) (< win8) (< wpa81)) (&& (< net45) (>= netstandard1.5) (< monotouch) (< xamarintvos) (< xamarinwatchos) (< xamarinios) (< xamarinmac)) (>= dnxcore50)
    System.IO.Compression (4.3) - restriction: || (&& (< net20) (>= netstandard1.1) (< netstandard1.3)) (&& (< net20) (>= netstandard1.1) (< monoandroid) (< portable-win81+wpa81)) (&& (< net20) (>= netstandard1.3)) (&& (< net35) (>= netstandard1.3) (< monoandroid) (< win8) (< wpa81)) (&& (>= netstandard1.1) (>= monoandroid) (< portable-win81+wpa81)) (&& (>= netstandard1.3) (>= monoandroid) (< portable-win81+wpa81)) (>= netstandard1.6)
      Microsoft.NETCore.Platforms (>= 1.1) - restriction: && (< net45) (>= netstandard1.3) (< monotouch) (< xamarintvos) (< xamarinwatchos) (< xamarinios) (< xamarinmac) (< win8) (< wpa81)
      runtime.native.System (>= 4.3) - restriction: && (< net45) (>= netstandard1.3) (< monotouch) (< xamarintvos) (< xamarinwatchos) (< xamarinios) (< xamarinmac) (< win8) (< wpa81)
      runtime.native.System.IO.Compression (>= 4.3) - restriction: || (&& (< net45) (>= netstandard1.3) (< monotouch) (< xamarintvos) (< xamarinwatchos) (< xamarinios) (< xamarinmac) (< win8) (< wpa81)) (>= dnxcore50)
      System.Buffers (>= 4.3) - restriction: || (&& (< net45) (>= netstandard1.3) (< monotouch) (< xamarintvos) (< xamarinwatchos) (< xamarinios) (< xamarinmac) (< win8) (< wpa81)) (>= dnxcore50)
      System.Collections (>= 4.3) - restriction: || (&& (< net45) (>= netstandard1.3) (< monotouch) (< xamarintvos) (< xamarinwatchos) (< xamarinios) (< xamarinmac) (< win8) (< wpa81)) (>= dnxcore50)
      System.Diagnostics.Debug (>= 4.3) - restriction: || (&& (< net45) (>= netstandard1.3) (< monotouch) (< xamarintvos) (< xamarinwatchos) (< xamarinios) (< xamarinmac) (< win8) (< wpa81)) (>= dnxcore50)
      System.IO (>= 4.3) - restriction: || (&& (< net45) (>= netstandard1.1) (< netstandard1.3) (< monoandroid) (< win8) (< wpa81)) (&& (< net45) (>= netstandard1.3) (< monotouch) (< xamarintvos) (< xamarinwatchos) (< xamarinios) (< xamarinmac) (< win8) (< wpa81)) (>= dnxcore50)
      System.Resources.ResourceManager (>= 4.3) - restriction: || (&& (< net45) (>= netstandard1.3) (< monotouch) (< xamarintvos) (< xamarinwatchos) (< xamarinios) (< xamarinmac) (< win8) (< wpa81)) (>= dnxcore50)
      System.Runtime (>= 4.3) - restriction: || (&& (< net45) (>= netstandard1.1) (< netstandard1.3) (< monoandroid) (< win8) (< wpa81)) (&& (< net45) (>= netstandard1.3) (< monotouch) (< xamarintvos) (< xamarinwatchos) (< xamarinios) (< xamarinmac) (< win8) (< wpa81)) (>= dnxcore50)
      System.Runtime.Extensions (>= 4.3) - restriction: || (&& (< net45) (>= netstandard1.3) (< monotouch) (< xamarintvos) (< xamarinwatchos) (< xamarinios) (< xamarinmac) (< win8) (< wpa81)) (>= dnxcore50)
      System.Runtime.Handles (>= 4.3) - restriction: || (&& (< net45) (>= netstandard1.3) (< monotouch) (< xamarintvos) (< xamarinwatchos) (< xamarinios) (< xamarinmac) (< win8) (< wpa81)) (>= dnxcore50)
      System.Runtime.InteropServices (>= 4.3) - restriction: || (&& (< net45) (>= netstandard1.3) (< monotouch) (< xamarintvos) (< xamarinwatchos) (< xamarinios) (< xamarinmac) (< win8) (< wpa81)) (>= dnxcore50)
      System.Text.Encoding (>= 4.3) - restriction: || (&& (< net45) (>= netstandard1.1) (< netstandard1.3) (< monoandroid) (< win8) (< wpa81)) (&& (< net45) (>= netstandard1.3) (< monotouch) (< xamarintvos) (< xamarinwatchos) (< xamarinios) (< xamarinmac) (< win8) (< wpa81)) (>= dnxcore50)
      System.Threading (>= 4.3) - restriction: || (&& (< net45) (>= netstandard1.3) (< monotouch) (< xamarintvos) (< xamarinwatchos) (< xamarinios) (< xamarinmac) (< win8) (< wpa81)) (>= dnxcore50)
      System.Threading.Tasks (>= 4.3) - restriction: || (&& (< net45) (>= netstandard1.3) (< monotouch) (< xamarintvos) (< xamarinwatchos) (< xamarinios) (< xamarinmac) (< win8) (< wpa81)) (>= dnxcore50)
    System.IO.Compression.ZipFile (4.3) - restriction: || (&& (< net20) (>= netstandard1.3)) (>= netstandard1.6)
      System.Buffers (>= 4.3) - restriction: && (< net46) (>= netstandard1.3) (< monotouch) (< xamarintvos) (< xamarinwatchos) (< xamarinios) (< xamarinmac)
      System.IO (>= 4.3) - restriction: && (< net46) (>= netstandard1.3) (< monotouch) (< xamarintvos) (< xamarinwatchos) (< xamarinios) (< xamarinmac)
      System.IO.Compression (>= 4.3) - restriction: && (< net46) (>= netstandard1.3) (< monotouch) (< xamarintvos) (< xamarinwatchos) (< xamarinios) (< xamarinmac)
      System.IO.FileSystem (>= 4.3) - restriction: && (< net46) (>= netstandard1.3) (< monotouch) (< xamarintvos) (< xamarinwatchos) (< xamarinios) (< xamarinmac)
      System.IO.FileSystem.Primitives (>= 4.3) - restriction: && (< net46) (>= netstandard1.3) (< monotouch) (< xamarintvos) (< xamarinwatchos) (< xamarinios) (< xamarinmac)
      System.Resources.ResourceManager (>= 4.3) - restriction: && (< net46) (>= netstandard1.3) (< monotouch) (< xamarintvos) (< xamarinwatchos) (< xamarinios) (< xamarinmac)
      System.Runtime (>= 4.3) - restriction: && (< net46) (>= netstandard1.3) (< monotouch) (< xamarintvos) (< xamarinwatchos) (< xamarinios) (< xamarinmac)
      System.Runtime.Extensions (>= 4.3) - restriction: && (< net46) (>= netstandard1.3) (< monotouch) (< xamarintvos) (< xamarinwatchos) (< xamarinios) (< xamarinmac)
      System.Text.Encoding (>= 4.3) - restriction: && (< net46) (>= netstandard1.3) (< monotouch) (< xamarintvos) (< xamarinwatchos) (< xamarinios) (< xamarinmac)
    System.IO.FileSystem (4.3) - restriction: || (&& (< net20) (>= netstandard1.3)) (&& (>= dnxcore50) (>= netstandard1.3)) (>= netstandard1.6)
      Microsoft.NETCore.Platforms (>= 1.1) - restriction: && (< net46) (>= netstandard1.3) (< monotouch) (< xamarintvos) (< xamarinwatchos) (< xamarinios) (< xamarinmac)
      Microsoft.NETCore.Targets (>= 1.1) - restriction: && (< net46) (>= netstandard1.3) (< monotouch) (< xamarintvos) (< xamarinwatchos) (< xamarinios) (< xamarinmac)
      System.IO (>= 4.3) - restriction: && (< net46) (>= netstandard1.3) (< monotouch) (< xamarintvos) (< xamarinwatchos) (< xamarinios) (< xamarinmac)
      System.IO.FileSystem.Primitives (>= 4.3) - restriction: || (>= net46) (&& (>= netstandard1.3) (< monotouch) (< xamarintvos) (< xamarinwatchos) (< xamarinios) (< xamarinmac))
      System.Runtime (>= 4.3) - restriction: && (< net46) (>= netstandard1.3) (< monotouch) (< xamarintvos) (< xamarinwatchos) (< xamarinios) (< xamarinmac)
      System.Runtime.Handles (>= 4.3) - restriction: && (< net46) (>= netstandard1.3) (< monotouch) (< xamarintvos) (< xamarinwatchos) (< xamarinios) (< xamarinmac)
      System.Text.Encoding (>= 4.3) - restriction: && (< net46) (>= netstandard1.3) (< monotouch) (< xamarintvos) (< xamarinwatchos) (< xamarinios) (< xamarinmac)
      System.Threading.Tasks (>= 4.3) - restriction: && (< net46) (>= netstandard1.3) (< monotouch) (< xamarintvos) (< xamarinwatchos) (< xamarinios) (< xamarinmac)
    System.IO.FileSystem.Primitives (4.3) - restriction: || (&& (< net20) (>= net46)) (&& (< net20) (>= netstandard1.3)) (&& (>= dnxcore50) (>= netstandard1.3)) (>= netstandard1.6)
      System.Runtime (>= 4.3) - restriction: && (< net46) (>= netstandard1.3) (< monotouch) (< xamarintvos) (< xamarinwatchos) (< xamarinios) (< xamarinmac)
    System.Linq (4.3) - restriction: || (&& (< net20) (>= net35) (>= netstandard1.0) (< netstandard1.3)) (&& (< net20) (>= netstandard1.0) (< netstandard1.3) (< monoandroid) (>= portable-win81+wpa81)) (&& (< net20) (>= netstandard1.0) (< monoandroid) (< portable-win81+wpa81) (>= portable-net45+win8+wpa81)) (&& (< net20) (>= netstandard1.1) (< netstandard1.3)) (&& (< net20) (>= netstandard1.3)) (&& (< net20) (< netstandard1.3) (>= netstandard1.5)) (&& (< net20) (>= netstandard1.5) (< monoandroid) (< portable-win81+wpa81)) (&& (< net20) (>= netstandard1.5) (< monotouch) (< xamarintvos) (< xamarinwatchos) (< xamarinios) (< xamarinmac)) (&& (>= net35) (>= dnxcore50) (>= netstandard1.0)) (&& (< net35) (>= netstandard1.1) (< monotouch) (< xamarinios)) (&& (< net35) (>= netstandard1.3) (< monotouch) (< xamarintvos) (< xamarinwatchos) (< xamarinios) (< xamarinmac) (< win8) (< wpa81)) (&& (>= dnxcore50) (>= netstandard1.0) (>= monoandroid)) (&& (>= dnxcore50) (>= netstandard1.0) (>= portable-win81+wpa81)) (&& (>= dnxcore50) (>= netstandard1.0) (>= portable-net45+win8+wpa81)) (&& (>= dnxcore50) (>= netstandard1.1)) (&& (>= dnxcore50) (>= netstandard1.3)) (&& (>= netstandard1.0) (>= monoandroid) (< portable-win81+wpa81)) (&& (>= netstandard1.3) (>= monoandroid) (< portable-win81+wpa81)) (&& (>= netstandard1.5) (>= monoandroid) (< portable-win81+wpa81)) (>= netstandard1.6)
      System.Collections (>= 4.3) - restriction: || (&& (< net45) (>= netstandard1.0) (< netstandard1.6) (< monoandroid) (< win8) (< wp8) (< wpa81)) (>= dnxcore50) (&& (>= netstandard1.6) (< monotouch) (< xamarintvos) (< xamarinwatchos) (< xamarinios) (< xamarinmac))
      System.Diagnostics.Debug (>= 4.3) - restriction: || (>= dnxcore50) (&& (>= netstandard1.6) (< monotouch) (< xamarintvos) (< xamarinwatchos) (< xamarinios) (< xamarinmac))
      System.Resources.ResourceManager (>= 4.3) - restriction: || (>= dnxcore50) (&& (>= netstandard1.6) (< monotouch) (< xamarintvos) (< xamarinwatchos) (< xamarinios) (< xamarinmac))
      System.Runtime (>= 4.3) - restriction: || (&& (< net45) (>= netstandard1.0) (< netstandard1.6) (< monoandroid) (< win8) (< wp8) (< wpa81)) (>= dnxcore50) (&& (>= netstandard1.6) (< monotouch) (< xamarintvos) (< xamarinwatchos) (< xamarinios) (< xamarinmac))
      System.Runtime.Extensions (>= 4.3) - restriction: || (>= dnxcore50) (&& (>= netstandard1.6) (< monotouch) (< xamarintvos) (< xamarinwatchos) (< xamarinios) (< xamarinmac))
    System.Linq.Expressions (4.3) - restriction: || (&& (< net20) (>= net35) (>= netstandard1.0) (< netstandard1.3)) (&& (< net20) (>= netstandard1.0) (< netstandard1.3) (< monoandroid) (>= portable-win81+wpa81)) (&& (< net20) (>= netstandard1.0) (< monoandroid) (< portable-win81+wpa81) (>= portable-net45+win8+wpa81)) (&& (< net20) (>= netstandard1.1) (< netstandard1.3)) (&& (< net20) (>= netstandard1.3)) (&& (>= net35) (>= dnxcore50) (>= netstandard1.0)) (&& (< net35) (>= netstandard1.1) (< netstandard1.3) (< monoandroid) (< win8) (< wpa81)) (&& (< net35) (>= netstandard1.1) (< monotouch) (< xamarinios)) (&& (< net35) (>= netstandard1.3) (< monotouch) (< xamarintvos) (< xamarinwatchos) (< xamarinios) (< xamarinmac) (< win8) (< wpa81)) (&& (>= dnxcore50) (>= netstandard1.0) (>= monoandroid)) (&& (>= dnxcore50) (>= netstandard1.0) (>= portable-win81+wpa81)) (&& (>= dnxcore50) (>= netstandard1.0) (>= portable-net45+win8+wpa81)) (&& (>= dnxcore50) (>= netstandard1.1)) (&& (>= dnxcore50) (>= netstandard1.3)) (&& (>= netstandard1.0) (>= monoandroid) (< portable-win81+wpa81)) (&& (>= netstandard1.3) (>= monoandroid) (< portable-win81+wpa81)) (>= netstandard1.6)
      System.Collections (>= 4.3) - restriction: || (>= dnxcore50) (&& (>= netstandard1.6) (< monotouch) (< xamarintvos) (< xamarinwatchos) (< xamarinios) (< xamarinmac))
      System.Diagnostics.Debug (>= 4.3) - restriction: || (>= dnxcore50) (&& (>= netstandard1.6) (< monotouch) (< xamarintvos) (< xamarinwatchos) (< xamarinios) (< xamarinmac))
      System.Globalization (>= 4.3) - restriction: || (>= dnxcore50) (&& (>= netstandard1.6) (< monotouch) (< xamarintvos) (< xamarinwatchos) (< xamarinios) (< xamarinmac))
      System.IO (>= 4.3) - restriction: || (>= dnxcore50) (&& (>= netstandard1.6) (< monotouch) (< xamarintvos) (< xamarinwatchos) (< xamarinios) (< xamarinmac))
      System.Linq (>= 4.3) - restriction: || (>= dnxcore50) (&& (>= netstandard1.6) (< monotouch) (< xamarintvos) (< xamarinwatchos) (< xamarinios) (< xamarinmac))
      System.ObjectModel (>= 4.3) - restriction: && (>= netstandard1.6) (< monotouch) (< xamarintvos) (< xamarinwatchos) (< xamarinios) (< xamarinmac)
      System.Reflection (>= 4.3) - restriction: || (&& (< net45) (>= netstandard1.0) (< netstandard1.3) (< monoandroid) (< win8) (< wp8) (< wpa81)) (&& (< net45) (>= netstandard1.3) (< netstandard1.6) (< monoandroid) (< win8) (< wpa81)) (>= dnxcore50) (&& (>= netstandard1.6) (< monotouch) (< xamarintvos) (< xamarinwatchos) (< xamarinios) (< xamarinmac))
      System.Reflection.Emit (>= 4.3) - restriction: && (>= netstandard1.6) (< monotouch) (< xamarintvos) (< xamarinwatchos) (< xamarinios) (< xamarinmac)
      System.Reflection.Emit.ILGeneration (>= 4.3) - restriction: || (>= dnxcore50) (&& (>= netstandard1.6) (< monotouch) (< xamarintvos) (< xamarinwatchos) (< xamarinios) (< xamarinmac))
      System.Reflection.Emit.Lightweight (>= 4.3) - restriction: || (>= dnxcore50) (&& (>= netstandard1.6) (< monotouch) (< xamarintvos) (< xamarinwatchos) (< xamarinios) (< xamarinmac))
      System.Reflection.Extensions (>= 4.3) - restriction: || (>= dnxcore50) (&& (>= netstandard1.6) (< monotouch) (< xamarintvos) (< xamarinwatchos) (< xamarinios) (< xamarinmac))
      System.Reflection.Primitives (>= 4.3) - restriction: || (>= dnxcore50) (&& (>= netstandard1.6) (< monotouch) (< xamarintvos) (< xamarinwatchos) (< xamarinios) (< xamarinmac))
      System.Reflection.TypeExtensions (>= 4.3) - restriction: || (>= dnxcore50) (&& (>= netstandard1.6) (< monotouch) (< xamarintvos) (< xamarinwatchos) (< xamarinios) (< xamarinmac))
      System.Resources.ResourceManager (>= 4.3) - restriction: || (>= dnxcore50) (&& (>= netstandard1.6) (< monotouch) (< xamarintvos) (< xamarinwatchos) (< xamarinios) (< xamarinmac))
      System.Runtime (>= 4.3) - restriction: || (&& (< net45) (>= netstandard1.0) (< netstandard1.3) (< monoandroid) (< win8) (< wp8) (< wpa81)) (&& (< net45) (>= netstandard1.3) (< netstandard1.6) (< monoandroid) (< win8) (< wpa81)) (>= dnxcore50) (&& (>= netstandard1.6) (< monotouch) (< xamarintvos) (< xamarinwatchos) (< xamarinios) (< xamarinmac))
      System.Runtime.Extensions (>= 4.3) - restriction: || (>= dnxcore50) (&& (>= netstandard1.6) (< monotouch) (< xamarintvos) (< xamarinwatchos) (< xamarinios) (< xamarinmac))
      System.Threading (>= 4.3) - restriction: || (>= dnxcore50) (&& (>= netstandard1.6) (< monotouch) (< xamarintvos) (< xamarinwatchos) (< xamarinios) (< xamarinmac))
    System.Linq.Queryable (4.3) - restriction: >= netstandard1.6
      System.Collections (>= 4.3) - restriction: || (&& (< net45) (>= netstandard1.3) (< monotouch) (< xamarintvos) (< xamarinwatchos) (< xamarinios) (< xamarinmac) (< win8) (< wpa81)) (>= dnxcore50)
      System.Diagnostics.Debug (>= 4.3) - restriction: || (&& (< net45) (>= netstandard1.3) (< monotouch) (< xamarintvos) (< xamarinwatchos) (< xamarinios) (< xamarinmac) (< win8) (< wpa81)) (>= dnxcore50)
      System.Linq (>= 4.3) - restriction: || (&& (< net45) (>= netstandard1.0) (< netstandard1.3) (< monoandroid) (< win8) (< wp8) (< wpa81)) (&& (< net45) (>= netstandard1.3) (< monotouch) (< xamarintvos) (< xamarinwatchos) (< xamarinios) (< xamarinmac) (< win8) (< wpa81)) (>= dnxcore50)
      System.Linq.Expressions (>= 4.3) - restriction: || (&& (< net45) (>= netstandard1.0) (< netstandard1.3) (< monoandroid) (< win8) (< wp8) (< wpa81)) (&& (< net45) (>= netstandard1.3) (< monotouch) (< xamarintvos) (< xamarinwatchos) (< xamarinios) (< xamarinmac) (< win8) (< wpa81)) (>= dnxcore50)
      System.Reflection (>= 4.3) - restriction: || (&& (< net45) (>= netstandard1.3) (< monotouch) (< xamarintvos) (< xamarinwatchos) (< xamarinios) (< xamarinmac) (< win8) (< wpa81)) (>= dnxcore50)
      System.Reflection.Extensions (>= 4.3) - restriction: || (&& (< net45) (>= netstandard1.3) (< monotouch) (< xamarintvos) (< xamarinwatchos) (< xamarinios) (< xamarinmac) (< win8) (< wpa81)) (>= dnxcore50)
      System.Resources.ResourceManager (>= 4.3) - restriction: || (&& (< net45) (>= netstandard1.3) (< monotouch) (< xamarintvos) (< xamarinwatchos) (< xamarinios) (< xamarinmac) (< win8) (< wpa81)) (>= dnxcore50)
      System.Runtime (>= 4.3) - restriction: || (&& (< net45) (>= netstandard1.0) (< netstandard1.3) (< monoandroid) (< win8) (< wp8) (< wpa81)) (&& (< net45) (>= netstandard1.3) (< monotouch) (< xamarintvos) (< xamarinwatchos) (< xamarinios) (< xamarinmac) (< win8) (< wpa81)) (>= dnxcore50)
    System.Net.Http (4.3.2) - restriction: || (&& (< net20) (>= netstandard1.1) (< netstandard1.3)) (&& (< net20) (>= netstandard1.1) (< monoandroid) (< portable-win81+wpa81)) (&& (< net20) (>= netstandard1.3)) (&& (< net35) (>= netstandard1.1) (< monotouch) (< xamarinios)) (&& (>= netstandard1.1) (>= monoandroid) (< portable-win81+wpa81)) (&& (>= netstandard1.3) (>= monoandroid) (< portable-win81+wpa81)) (>= netstandard1.6)
      Microsoft.NETCore.Platforms (>= 1.1) - restriction: || (&& (< net45) (>= netstandard1.3) (< netstandard1.6) (< monoandroid) (< win8) (< wpa81)) (>= dnxcore50) (&& (>= netstandard1.6) (< monotouch) (< xamarintvos) (< xamarinwatchos) (< xamarinios) (< xamarinmac))
      Microsoft.Win32.Primitives (>= 4.3) - restriction: && (< net45) (>= netstandard1.3) (< netstandard1.6) (< monoandroid) (< win8) (< wpa81)
      runtime.native.System (>= 4.3) - restriction: && (>= netstandard1.6) (< monotouch) (< xamarintvos) (< xamarinwatchos) (< xamarinios) (< xamarinmac)
      runtime.native.System.Net.Http (>= 4.3) - restriction: && (>= netstandard1.6) (< monotouch) (< xamarintvos) (< xamarinwatchos) (< xamarinios) (< xamarinmac)
      runtime.native.System.Security.Cryptography.OpenSsl (>= 4.3) - restriction: && (>= netstandard1.6) (< monotouch) (< xamarintvos) (< xamarinwatchos) (< xamarinios) (< xamarinmac)
      System.Collections (>= 4.3) - restriction: || (&& (< net45) (>= netstandard1.3) (< netstandard1.6) (< monoandroid) (< win8) (< wpa81)) (>= dnxcore50) (&& (>= netstandard1.6) (< monotouch) (< xamarintvos) (< xamarinwatchos) (< xamarinios) (< xamarinmac))
      System.Diagnostics.Debug (>= 4.3) - restriction: || (&& (< net45) (>= netstandard1.3) (< netstandard1.6) (< monoandroid) (< win8) (< wpa81)) (>= dnxcore50) (&& (>= netstandard1.6) (< monotouch) (< xamarintvos) (< xamarinwatchos) (< xamarinios) (< xamarinmac))
      System.Diagnostics.DiagnosticSource (>= 4.3) - restriction: || (&& (< net45) (>= netstandard1.3) (< netstandard1.6) (< monoandroid) (< win8) (< wpa81)) (>= dnxcore50) (&& (>= netstandard1.6) (< monotouch) (< xamarintvos) (< xamarinwatchos) (< xamarinios) (< xamarinmac))
      System.Diagnostics.Tracing (>= 4.3) - restriction: || (&& (< net45) (>= netstandard1.3) (< netstandard1.6) (< monoandroid) (< win8) (< wpa81)) (>= dnxcore50) (&& (>= netstandard1.6) (< monotouch) (< xamarintvos) (< xamarinwatchos) (< xamarinios) (< xamarinmac))
      System.Globalization (>= 4.3) - restriction: || (&& (< net45) (>= netstandard1.3) (< netstandard1.6) (< monoandroid) (< win8) (< wpa81)) (>= dnxcore50) (&& (>= netstandard1.6) (< monotouch) (< xamarintvos) (< xamarinwatchos) (< xamarinios) (< xamarinmac))
      System.Globalization.Extensions (>= 4.3) - restriction: && (>= netstandard1.6) (< monotouch) (< xamarintvos) (< xamarinwatchos) (< xamarinios) (< xamarinmac)
      System.IO (>= 4.3) - restriction: || (&& (< net45) (>= netstandard1.1) (< netstandard1.3) (< monoandroid) (< win8) (< wpa81)) (&& (< net45) (>= netstandard1.3) (< netstandard1.6) (< monoandroid) (< win8) (< wpa81)) (>= dnxcore50) (&& (>= netstandard1.6) (< monotouch) (< xamarintvos) (< xamarinwatchos) (< xamarinios) (< xamarinmac))
      System.IO.Compression (>= 4.3) - restriction: && (< net45) (>= netstandard1.3) (< netstandard1.6) (< monoandroid) (< win8) (< wpa81)
      System.IO.FileSystem (>= 4.3) - restriction: && (>= netstandard1.6) (< monotouch) (< xamarintvos) (< xamarinwatchos) (< xamarinios) (< xamarinmac)
      System.Net.Primitives (>= 4.3) - restriction: || (&& (< net45) (>= netstandard1.1) (< netstandard1.3) (< monoandroid) (< win8) (< wpa81)) (&& (< net45) (>= netstandard1.3) (< netstandard1.6) (< monoandroid) (< win8) (< wpa81)) (>= dnxcore50) (&& (>= netstandard1.6) (< monotouch) (< xamarintvos) (< xamarinwatchos) (< xamarinios) (< xamarinmac))
      System.Resources.ResourceManager (>= 4.3) - restriction: || (&& (< net45) (>= netstandard1.3) (< netstandard1.6) (< monoandroid) (< win8) (< wpa81)) (>= dnxcore50) (&& (>= netstandard1.6) (< monotouch) (< xamarintvos) (< xamarinwatchos) (< xamarinios) (< xamarinmac))
      System.Runtime (>= 4.3) - restriction: || (&& (< net45) (>= netstandard1.1) (< netstandard1.3) (< monoandroid) (< win8) (< wpa81)) (&& (< net45) (>= netstandard1.3) (< netstandard1.6) (< monoandroid) (< win8) (< wpa81)) (>= dnxcore50) (&& (>= netstandard1.6) (< monotouch) (< xamarintvos) (< xamarinwatchos) (< xamarinios) (< xamarinmac))
      System.Runtime.Extensions (>= 4.3) - restriction: || (&& (< net45) (>= netstandard1.3) (< netstandard1.6) (< monoandroid) (< win8) (< wpa81)) (>= dnxcore50) (&& (>= netstandard1.6) (< monotouch) (< xamarintvos) (< xamarinwatchos) (< xamarinios) (< xamarinmac))
      System.Runtime.Handles (>= 4.3) - restriction: || (&& (< net45) (>= netstandard1.3) (< netstandard1.6) (< monoandroid) (< win8) (< wpa81)) (&& (>= netstandard1.6) (< monotouch) (< xamarintvos) (< xamarinwatchos) (< xamarinios) (< xamarinmac))
      System.Runtime.InteropServices (>= 4.3) - restriction: || (&& (< net45) (>= netstandard1.3) (< netstandard1.6) (< monoandroid) (< win8) (< wpa81)) (>= dnxcore50) (&& (>= netstandard1.6) (< monotouch) (< xamarintvos) (< xamarinwatchos) (< xamarinios) (< xamarinmac))
      System.Security.Cryptography.Algorithms (>= 4.3) - restriction: && (>= netstandard1.6) (< monotouch) (< xamarintvos) (< xamarinwatchos) (< xamarinios) (< xamarinmac)
      System.Security.Cryptography.Encoding (>= 4.3) - restriction: || (&& (< net45) (>= netstandard1.3) (< netstandard1.6) (< monoandroid) (< win8) (< wpa81)) (&& (>= netstandard1.6) (< monotouch) (< xamarintvos) (< xamarinwatchos) (< xamarinios) (< xamarinmac))
      System.Security.Cryptography.OpenSsl (>= 4.3) - restriction: && (>= netstandard1.6) (< monotouch) (< xamarintvos) (< xamarinwatchos) (< xamarinios) (< xamarinmac)
      System.Security.Cryptography.Primitives (>= 4.3) - restriction: && (>= netstandard1.6) (< monotouch) (< xamarintvos) (< xamarinwatchos) (< xamarinios) (< xamarinmac)
      System.Security.Cryptography.X509Certificates (>= 4.3) - restriction: || (&& (< net45) (>= netstandard1.3) (< netstandard1.6) (< monoandroid) (< win8) (< wpa81)) (>= net46) (>= dnxcore50) (&& (>= netstandard1.6) (< monotouch) (< xamarintvos) (< xamarinwatchos) (< xamarinios) (< xamarinmac))
      System.Text.Encoding (>= 4.3) - restriction: || (&& (< net45) (>= netstandard1.1) (< netstandard1.3) (< monoandroid) (< win8) (< wpa81)) (&& (< net45) (>= netstandard1.3) (< netstandard1.6) (< monoandroid) (< win8) (< wpa81)) (>= dnxcore50) (&& (>= netstandard1.6) (< monotouch) (< xamarintvos) (< xamarinwatchos) (< xamarinios) (< xamarinmac))
      System.Threading (>= 4.3) - restriction: || (&& (< net45) (>= netstandard1.3) (< netstandard1.6) (< monoandroid) (< win8) (< wpa81)) (>= dnxcore50) (&& (>= netstandard1.6) (< monotouch) (< xamarintvos) (< xamarinwatchos) (< xamarinios) (< xamarinmac))
      System.Threading.Tasks (>= 4.3) - restriction: || (&& (< net45) (>= netstandard1.1) (< netstandard1.3) (< monoandroid) (< win8) (< wpa81)) (&& (< net45) (>= netstandard1.3) (< netstandard1.6) (< monoandroid) (< win8) (< wpa81)) (>= dnxcore50) (&& (>= netstandard1.6) (< monotouch) (< xamarintvos) (< xamarinwatchos) (< xamarinios) (< xamarinmac))
    System.Net.Primitives (4.3) - restriction: || (&& (< net20) (>= net35) (>= netstandard1.0) (< netstandard1.3)) (&& (< net20) (>= netstandard1.0) (< netstandard1.3) (< monoandroid) (>= portable-win81+wpa81)) (&& (< net20) (>= netstandard1.0) (< monoandroid) (< portable-win81+wpa81) (>= portable-net45+win8+wpa81)) (&& (< net20) (>= netstandard1.1) (< netstandard1.3)) (&& (< net20) (>= netstandard1.3)) (&& (< net35) (>= netstandard1.1) (< netstandard1.3) (< monoandroid) (< win8) (< wpa81)) (&& (< net35) (>= netstandard1.3) (< monoandroid) (< win8) (< wpa81)) (&& (>= dnxcore50) (>= netstandard1.1)) (&& (>= netstandard1.0) (>= monoandroid) (< portable-win81+wpa81)) (&& (>= netstandard1.3) (>= monoandroid) (< portable-win81+wpa81)) (>= netstandard1.6)
      Microsoft.NETCore.Platforms (>= 1.1) - restriction: || (&& (< net45) (>= netstandard1.1) (< netstandard1.3) (< monoandroid) (< win8) (< wpa81)) (&& (< net45) (>= netstandard1.3) (< monotouch) (< xamarintvos) (< xamarinwatchos) (< xamarinios) (< xamarinmac) (< win8) (< wpa81)) (>= dnxcore50) (&& (>= netstandard1.0) (< netstandard1.1) (< monoandroid) (< win8) (< wp8))
      Microsoft.NETCore.Targets (>= 1.1) - restriction: || (&& (< net45) (>= netstandard1.1) (< netstandard1.3) (< monoandroid) (< win8) (< wpa81)) (&& (< net45) (>= netstandard1.3) (< monotouch) (< xamarintvos) (< xamarinwatchos) (< xamarinios) (< xamarinmac) (< win8) (< wpa81)) (>= dnxcore50) (&& (>= netstandard1.0) (< netstandard1.1) (< monoandroid) (< win8) (< wp8))
      System.Runtime (>= 4.3) - restriction: || (&& (< net45) (>= netstandard1.1) (< netstandard1.3) (< monoandroid) (< win8) (< wpa81)) (&& (< net45) (>= netstandard1.3) (< monotouch) (< xamarintvos) (< xamarinwatchos) (< xamarinios) (< xamarinmac) (< win8) (< wpa81)) (>= dnxcore50) (&& (>= netstandard1.0) (< netstandard1.1) (< monoandroid) (< win8) (< wp8))
      System.Runtime.Handles (>= 4.3) - restriction: || (&& (< net45) (>= netstandard1.3) (< monotouch) (< xamarintvos) (< xamarinwatchos) (< xamarinios) (< xamarinmac) (< win8) (< wpa81)) (>= dnxcore50)
    System.Net.Requests (4.3) - restriction: >= netstandard1.6
      Microsoft.NETCore.Platforms (>= 1.1) - restriction: && (< net45) (>= netstandard1.3) (< monotouch) (< xamarintvos) (< xamarinwatchos) (< xamarinios) (< xamarinmac) (< win8) (< wpa81)
      System.Collections (>= 4.3) - restriction: || (&& (< net45) (>= netstandard1.3) (< monotouch) (< xamarintvos) (< xamarinwatchos) (< xamarinios) (< xamarinmac) (< win8) (< wpa81)) (>= dnxcore50)
      System.Diagnostics.Debug (>= 4.3) - restriction: || (&& (< net45) (>= netstandard1.3) (< monotouch) (< xamarintvos) (< xamarinwatchos) (< xamarinios) (< xamarinmac) (< win8) (< wpa81)) (>= dnxcore50)
      System.Diagnostics.Tracing (>= 4.3) - restriction: || (&& (< net45) (>= netstandard1.3) (< monotouch) (< xamarintvos) (< xamarinwatchos) (< xamarinios) (< xamarinmac) (< win8) (< wpa81)) (>= dnxcore50)
      System.Globalization (>= 4.3) - restriction: || (&& (< net45) (>= netstandard1.3) (< monotouch) (< xamarintvos) (< xamarinwatchos) (< xamarinios) (< xamarinmac) (< win8) (< wpa81)) (>= dnxcore50)
      System.IO (>= 4.3) - restriction: || (&& (< net45) (>= netstandard1.1) (< netstandard1.3) (< monoandroid) (< win8) (< wpa81)) (&& (< net45) (>= netstandard1.3) (< monotouch) (< xamarintvos) (< xamarinwatchos) (< xamarinios) (< xamarinmac) (< win8) (< wpa81)) (>= dnxcore50) (&& (>= netstandard1.0) (< netstandard1.1) (< monoandroid) (< win8) (< wp8))
      System.Net.Http (>= 4.3) - restriction: || (&& (< net45) (>= netstandard1.3) (< monotouch) (< xamarintvos) (< xamarinwatchos) (< xamarinios) (< xamarinmac) (< win8) (< wpa81)) (>= dnxcore50)
      System.Net.Primitives (>= 4.3) - restriction: || (&& (< net45) (>= netstandard1.1) (< netstandard1.3) (< monoandroid) (< win8) (< wpa81)) (&& (< net45) (>= netstandard1.3) (< monotouch) (< xamarintvos) (< xamarinwatchos) (< xamarinios) (< xamarinmac) (< win8) (< wpa81)) (>= dnxcore50) (&& (>= netstandard1.0) (< netstandard1.1) (< monoandroid) (< win8) (< wp8))
      System.Net.WebHeaderCollection (>= 4.3) - restriction: || (&& (< net45) (>= netstandard1.3) (< monotouch) (< xamarintvos) (< xamarinwatchos) (< xamarinios) (< xamarinmac) (< win8) (< wpa81)) (>= dnxcore50)
      System.Resources.ResourceManager (>= 4.3) - restriction: || (&& (< net45) (>= netstandard1.3) (< monotouch) (< xamarintvos) (< xamarinwatchos) (< xamarinios) (< xamarinmac) (< win8) (< wpa81)) (>= dnxcore50)
      System.Runtime (>= 4.3) - restriction: || (&& (< net45) (>= netstandard1.1) (< netstandard1.3) (< monoandroid) (< win8) (< wpa81)) (&& (< net45) (>= netstandard1.3) (< monotouch) (< xamarintvos) (< xamarinwatchos) (< xamarinios) (< xamarinmac) (< win8) (< wpa81)) (>= dnxcore50) (&& (>= netstandard1.0) (< netstandard1.1) (< monoandroid) (< win8) (< wp8))
      System.Threading (>= 4.3) - restriction: || (&& (< net45) (>= netstandard1.3) (< monotouch) (< xamarintvos) (< xamarinwatchos) (< xamarinios) (< xamarinmac) (< win8) (< wpa81)) (>= dnxcore50)
      System.Threading.Tasks (>= 4.3) - restriction: || (&& (< net45) (>= netstandard1.1) (< netstandard1.3) (< monoandroid) (< win8) (< wpa81)) (&& (< net45) (>= netstandard1.3) (< monotouch) (< xamarintvos) (< xamarinwatchos) (< xamarinios) (< xamarinmac) (< win8) (< wpa81)) (>= dnxcore50)
    System.Net.Sockets (4.3) - restriction: || (&& (< net20) (>= netstandard1.3)) (>= netstandard1.6)
      Microsoft.NETCore.Platforms (>= 1.1) - restriction: && (< net46) (>= netstandard1.3) (< monotouch) (< xamarintvos) (< xamarinwatchos) (< xamarinios) (< xamarinmac)
      Microsoft.NETCore.Targets (>= 1.1) - restriction: && (< net46) (>= netstandard1.3) (< monotouch) (< xamarintvos) (< xamarinwatchos) (< xamarinios) (< xamarinmac)
      System.IO (>= 4.3) - restriction: && (< net46) (>= netstandard1.3) (< monotouch) (< xamarintvos) (< xamarinwatchos) (< xamarinios) (< xamarinmac)
      System.Net.Primitives (>= 4.3) - restriction: && (< net46) (>= netstandard1.3) (< monotouch) (< xamarintvos) (< xamarinwatchos) (< xamarinios) (< xamarinmac)
      System.Runtime (>= 4.3) - restriction: && (< net46) (>= netstandard1.3) (< monotouch) (< xamarintvos) (< xamarinwatchos) (< xamarinios) (< xamarinmac)
      System.Threading.Tasks (>= 4.3) - restriction: && (< net46) (>= netstandard1.3) (< monotouch) (< xamarintvos) (< xamarinwatchos) (< xamarinios) (< xamarinmac)
    System.Net.WebHeaderCollection (4.3) - restriction: || (&& (>= dnxcore50) (>= netstandard1.6)) (&& (>= netstandard1.6) (< monotouch) (< xamarintvos) (< xamarinwatchos) (< xamarinios) (< xamarinmac))
      System.Collections (>= 4.3) - restriction: && (< net46) (>= netstandard1.3) (< monotouch) (< xamarintvos) (< xamarinwatchos) (< xamarinios) (< xamarinmac)
      System.Resources.ResourceManager (>= 4.3) - restriction: && (< net46) (>= netstandard1.3) (< monotouch) (< xamarintvos) (< xamarinwatchos) (< xamarinios) (< xamarinmac)
      System.Runtime (>= 4.3) - restriction: && (< net46) (>= netstandard1.3) (< monotouch) (< xamarintvos) (< xamarinwatchos) (< xamarinios) (< xamarinmac)
      System.Runtime.Extensions (>= 4.3) - restriction: && (< net46) (>= netstandard1.3) (< monotouch) (< xamarintvos) (< xamarinwatchos) (< xamarinios) (< xamarinmac)
    System.ObjectModel (4.3) - restriction: || (&& (< net20) (>= net35) (>= netstandard1.0) (< netstandard1.3)) (&& (< net20) (>= netstandard1.0) (< netstandard1.3) (< monoandroid) (>= portable-win81+wpa81)) (&& (< net20) (>= netstandard1.0) (< monoandroid) (< portable-win81+wpa81) (>= portable-net45+win8+wpa81)) (&& (< net20) (>= netstandard1.1) (< netstandard1.3)) (&& (< net20) (>= netstandard1.3)) (&& (>= net35) (>= dnxcore50) (>= netstandard1.0)) (&& (< net35) (>= netstandard1.1) (< netstandard1.3) (< monoandroid) (< win8) (< wpa81)) (&& (< net35) (>= netstandard1.3) (< monotouch) (< xamarintvos) (< xamarinwatchos) (< xamarinios) (< xamarinmac) (< win8) (< wpa81)) (&& (>= dnxcore50) (>= netstandard1.0) (>= monoandroid)) (&& (>= dnxcore50) (>= netstandard1.0) (>= portable-win81+wpa81)) (&& (>= dnxcore50) (>= netstandard1.0) (>= portable-net45+win8+wpa81)) (&& (>= dnxcore50) (>= netstandard1.1)) (&& (>= dnxcore50) (>= netstandard1.3)) (&& (>= netstandard1.0) (>= monoandroid) (< portable-win81+wpa81)) (&& (>= netstandard1.3) (>= monoandroid) (< portable-win81+wpa81)) (>= netstandard1.6)
      System.Collections (>= 4.3) - restriction: || (&& (< net45) (>= netstandard1.3) (< monotouch) (< xamarintvos) (< xamarinwatchos) (< xamarinios) (< xamarinmac) (< win8) (< wpa81)) (>= dnxcore50)
      System.Diagnostics.Debug (>= 4.3) - restriction: || (&& (< net45) (>= netstandard1.3) (< monotouch) (< xamarintvos) (< xamarinwatchos) (< xamarinios) (< xamarinmac) (< win8) (< wpa81)) (>= dnxcore50)
      System.Resources.ResourceManager (>= 4.3) - restriction: || (&& (< net45) (>= netstandard1.3) (< monotouch) (< xamarintvos) (< xamarinwatchos) (< xamarinios) (< xamarinmac) (< win8) (< wpa81)) (>= dnxcore50)
      System.Runtime (>= 4.3) - restriction: || (&& (< net45) (>= netstandard1.0) (< netstandard1.3) (< monoandroid) (< win8) (< wp8) (< wpa81)) (&& (< net45) (>= netstandard1.3) (< monotouch) (< xamarintvos) (< xamarinwatchos) (< xamarinios) (< xamarinmac) (< win8) (< wpa81)) (>= dnxcore50)
      System.Threading (>= 4.3) - restriction: || (&& (< net45) (>= netstandard1.3) (< monotouch) (< xamarintvos) (< xamarinwatchos) (< xamarinios) (< xamarinmac) (< win8) (< wpa81)) (>= dnxcore50)
    System.Reflection (4.3) - restriction: || (&& (< net20) (>= net35) (>= netstandard1.0) (< netstandard1.3)) (&& (< net20) (>= netstandard1.0) (< netstandard1.3) (< monoandroid) (>= portable-win81+wpa81)) (&& (< net20) (>= netstandard1.0) (< monoandroid) (< portable-win81+wpa81) (>= portable-net45+win8+wpa81)) (&& (< net20) (>= netstandard1.1) (< netstandard1.3)) (&& (< net20) (>= netstandard1.3)) (&& (< net20) (< netstandard1.3) (>= netstandard1.5)) (&& (< net20) (>= netstandard1.4) (< monotouch) (< xamarintvos) (< xamarinwatchos) (< xamarinios) (< xamarinmac)) (&& (< net20) (>= netstandard1.5) (< monoandroid) (< portable-win81+wpa81)) (&& (< net20) (>= netstandard1.5) (< monotouch) (< xamarintvos) (< xamarinwatchos) (< xamarinios) (< xamarinmac)) (&& (>= net35) (>= dnxcore50) (>= netstandard1.0)) (&& (< net35) (>= net462)) (&& (< net35) (>= netstandard1.1) (< netstandard1.3) (< monoandroid) (< win8) (< wpa81)) (&& (< net35) (>= netstandard1.1) (< monotouch) (< xamarintvos) (< xamarinwatchos) (< xamarinios) (< xamarinmac) (< win8) (< wpa81)) (&& (< net35) (>= netstandard1.3) (< monoandroid) (< win8) (< wpa81)) (&& (< net35) (>= netstandard1.3) (< monotouch) (< xamarintvos) (< xamarinwatchos) (< xamarinios) (< xamarinmac) (< win8) (< wpa81)) (&& (< net35) (>= netstandard1.5) (< monotouch) (< xamarintvos) (< xamarinwatchos) (< xamarinios) (< xamarinmac)) (&& (>= net462) (>= dnxcore50)) (&& (>= dnxcore50) (>= netstandard1.0) (>= monoandroid)) (&& (>= dnxcore50) (>= netstandard1.0) (>= portable-win81+wpa81)) (&& (>= dnxcore50) (>= netstandard1.0) (>= portable-net45+win8+wpa81)) (&& (>= dnxcore50) (>= netstandard1.1)) (&& (>= dnxcore50) (>= netstandard1.3)) (&& (>= dnxcore50) (>= netstandard1.5)) (&& (>= netstandard1.0) (>= monoandroid) (< portable-win81+wpa81)) (&& (>= netstandard1.3) (>= monoandroid) (< portable-win81+wpa81)) (&& (>= netstandard1.4) (>= monoandroid) (< portable-win81+wpa81)) (&& (>= netstandard1.5) (>= monoandroid) (< portable-win81+wpa81)) (>= netstandard1.6)
      Microsoft.NETCore.Platforms (>= 1.1) - restriction: || (&& (< net45) (>= netstandard1.0) (< netstandard1.3) (< monoandroid) (< win8) (< wp8) (< wpa81)) (&& (< net45) (>= netstandard1.3) (< netstandard1.5) (< monoandroid) (< win8) (< wpa81)) (&& (< net45) (>= netstandard1.5) (< monotouch) (< xamarintvos) (< xamarinwatchos) (< xamarinios) (< xamarinmac)) (>= dnxcore50)
      Microsoft.NETCore.Targets (>= 1.1) - restriction: || (&& (< net45) (>= netstandard1.0) (< netstandard1.3) (< monoandroid) (< win8) (< wp8) (< wpa81)) (&& (< net45) (>= netstandard1.3) (< netstandard1.5) (< monoandroid) (< win8) (< wpa81)) (&& (< net45) (>= netstandard1.5) (< monotouch) (< xamarintvos) (< xamarinwatchos) (< xamarinios) (< xamarinmac)) (>= dnxcore50)
      System.IO (>= 4.3) - restriction: || (&& (< net45) (>= netstandard1.0) (< netstandard1.3) (< monoandroid) (< win8) (< wp8) (< wpa81)) (&& (< net45) (>= netstandard1.3) (< netstandard1.5) (< monoandroid) (< win8) (< wpa81)) (&& (< net45) (>= netstandard1.5) (< monotouch) (< xamarintvos) (< xamarinwatchos) (< xamarinios) (< xamarinmac)) (>= dnxcore50)
      System.Reflection.Primitives (>= 4.3) - restriction: || (&& (< net45) (>= netstandard1.0) (< netstandard1.3) (< monoandroid) (< win8) (< wp8) (< wpa81)) (&& (< net45) (>= netstandard1.3) (< netstandard1.5) (< monoandroid) (< win8) (< wpa81)) (&& (< net45) (>= netstandard1.5) (< monotouch) (< xamarintvos) (< xamarinwatchos) (< xamarinios) (< xamarinmac)) (>= dnxcore50)
      System.Runtime (>= 4.3) - restriction: || (&& (< net45) (>= netstandard1.0) (< netstandard1.3) (< monoandroid) (< win8) (< wp8) (< wpa81)) (&& (< net45) (>= netstandard1.3) (< netstandard1.5) (< monoandroid) (< win8) (< wpa81)) (&& (< net45) (>= netstandard1.5) (< monotouch) (< xamarintvos) (< xamarinwatchos) (< xamarinios) (< xamarinmac)) (>= dnxcore50)
    System.Reflection.Emit (4.3) - restriction: || (&& (< net35) (>= netstandard1.3) (< monotouch) (< xamarintvos) (< xamarinwatchos) (< xamarinios) (< xamarinmac) (< win8) (< wpa81)) (&& (>= netstandard1.6) (< monotouch) (< xamarintvos) (< xamarinwatchos) (< xamarinios) (< xamarinmac))
      System.IO (>= 4.3) - restriction: && (< net45) (>= netstandard1.1) (< monotouch) (< xamarintvos) (< xamarinwatchos) (< xamarinios) (< xamarinmac)
      System.Reflection (>= 4.3) - restriction: && (< net45) (>= netstandard1.1) (< monotouch) (< xamarintvos) (< xamarinwatchos) (< xamarinios) (< xamarinmac)
      System.Reflection.Emit.ILGeneration (>= 4.3) - restriction: && (< net45) (>= netstandard1.1) (< monotouch) (< xamarintvos) (< xamarinwatchos) (< xamarinios) (< xamarinmac)
      System.Reflection.Primitives (>= 4.3) - restriction: && (< net45) (>= netstandard1.1) (< monotouch) (< xamarintvos) (< xamarinwatchos) (< xamarinios) (< xamarinmac)
      System.Runtime (>= 4.3) - restriction: && (< net45) (>= netstandard1.1) (< monotouch) (< xamarintvos) (< xamarinwatchos) (< xamarinios) (< xamarinmac)
    System.Reflection.Emit.ILGeneration (4.3) - restriction: || (&& (< net35) (>= netstandard1.3) (< monotouch) (< xamarintvos) (< xamarinwatchos) (< xamarinios) (< xamarinmac) (< win8) (< wpa81)) (&& (>= dnxcore50) (>= netstandard1.1)) (&& (>= netstandard1.6) (< monotouch) (< xamarintvos) (< xamarinwatchos) (< xamarinios) (< xamarinmac))
      System.Reflection (>= 4.3) - restriction: && (< net45) (>= netstandard1.0) (< monotouch) (< xamarintvos) (< xamarinwatchos) (< xamarinios) (< xamarinmac) (< wp8)
      System.Reflection.Primitives (>= 4.3) - restriction: && (< net45) (>= netstandard1.0) (< monotouch) (< xamarintvos) (< xamarinwatchos) (< xamarinios) (< xamarinmac) (< wp8)
      System.Runtime (>= 4.3) - restriction: && (< net45) (>= netstandard1.0) (< monotouch) (< xamarintvos) (< xamarinwatchos) (< xamarinios) (< xamarinmac) (< wp8)
    System.Reflection.Emit.Lightweight (4.3) - restriction: || (&& (>= dnxcore50) (>= netstandard1.1)) (&& (>= netstandard1.6) (< monotouch) (< xamarintvos) (< xamarinwatchos) (< xamarinios) (< xamarinmac))
      System.Reflection (>= 4.3) - restriction: && (< net45) (>= netstandard1.0) (< monotouch) (< xamarintvos) (< xamarinwatchos) (< xamarinios) (< xamarinmac) (< wp8)
      System.Reflection.Emit.ILGeneration (>= 4.3) - restriction: && (< net45) (>= netstandard1.0) (< monotouch) (< xamarintvos) (< xamarinwatchos) (< xamarinios) (< xamarinmac) (< wp8)
      System.Reflection.Primitives (>= 4.3) - restriction: && (< net45) (>= netstandard1.0) (< monotouch) (< xamarintvos) (< xamarinwatchos) (< xamarinios) (< xamarinmac) (< wp8)
      System.Runtime (>= 4.3) - restriction: && (< net45) (>= netstandard1.0) (< monotouch) (< xamarintvos) (< xamarinwatchos) (< xamarinios) (< xamarinmac) (< wp8)
    System.Reflection.Extensions (4.3) - restriction: || (&& (< net20) (>= net35) (>= netstandard1.0) (< netstandard1.3)) (&& (< net20) (>= netstandard1.0) (< netstandard1.3) (< monoandroid) (>= portable-win81+wpa81)) (&& (< net20) (>= netstandard1.0) (< monoandroid) (< portable-win81+wpa81) (>= portable-net45+win8+wpa81)) (&& (< net20) (>= netstandard1.1) (< netstandard1.3)) (&& (< net20) (>= netstandard1.1) (< monoandroid) (< win8) (< portable-win81+wpa81)) (&& (< net20) (>= netstandard1.3)) (&& (< net20) (< netstandard1.3) (>= netstandard1.5)) (&& (< net20) (>= netstandard1.5) (< monoandroid) (< portable-win81+wpa81)) (&& (< net20) (>= netstandard1.5) (< monotouch) (< xamarintvos) (< xamarinwatchos) (< xamarinios) (< xamarinmac)) (&& (>= net35) (>= dnxcore50) (>= netstandard1.0)) (&& (< net35) (>= netstandard1.1) (< monotouch) (< xamarinios)) (&& (>= dnxcore50) (>= netstandard1.0) (>= monoandroid)) (&& (>= dnxcore50) (>= netstandard1.0) (>= portable-win81+wpa81)) (&& (>= dnxcore50) (>= netstandard1.0) (>= portable-net45+win8+wpa81)) (&& (>= dnxcore50) (>= netstandard1.1)) (&& (>= dnxcore50) (>= netstandard1.3)) (&& (>= netstandard1.0) (>= monoandroid) (< portable-win81+wpa81)) (&& (>= netstandard1.1) (>= monoandroid) (< portable-win81+wpa81)) (&& (>= netstandard1.3) (>= monoandroid) (< portable-win81+wpa81)) (&& (>= netstandard1.5) (>= monoandroid) (< portable-win81+wpa81)) (>= netstandard1.6)
      Microsoft.NETCore.Platforms (>= 1.1) - restriction: || (&& (< net45) (>= netstandard1.0) (< monotouch) (< xamarintvos) (< xamarinwatchos) (< xamarinios) (< xamarinmac) (< win8) (< wp8) (< wpa81)) (>= dnxcore50)
      Microsoft.NETCore.Targets (>= 1.1) - restriction: || (&& (< net45) (>= netstandard1.0) (< monotouch) (< xamarintvos) (< xamarinwatchos) (< xamarinios) (< xamarinmac) (< win8) (< wp8) (< wpa81)) (>= dnxcore50)
      System.Reflection (>= 4.3) - restriction: || (&& (< net45) (>= netstandard1.0) (< monotouch) (< xamarintvos) (< xamarinwatchos) (< xamarinios) (< xamarinmac) (< win8) (< wp8) (< wpa81)) (>= dnxcore50)
      System.Runtime (>= 4.3) - restriction: || (&& (< net45) (>= netstandard1.0) (< monotouch) (< xamarintvos) (< xamarinwatchos) (< xamarinios) (< xamarinmac) (< win8) (< wp8) (< wpa81)) (>= dnxcore50)
    System.Reflection.Primitives (4.3) - restriction: || (&& (< net20) (>= net35) (>= netstandard1.0) (< netstandard1.3)) (&& (< net20) (>= netstandard1.0) (< netstandard1.3) (< monoandroid) (>= portable-win81+wpa81)) (&& (< net20) (>= netstandard1.0) (< monoandroid) (< portable-win81+wpa81) (>= portable-net45+win8+wpa81)) (&& (< net20) (>= netstandard1.1) (< netstandard1.2) (< monoandroid) (< win8)) (&& (< net20) (>= netstandard1.1) (< netstandard1.3)) (&& (< net20) (>= netstandard1.1) (< monoandroid) (< win8) (< portable-win81+wpa81)) (&& (< net20) (>= netstandard1.2) (< netstandard1.3) (< monoandroid) (< win8) (< wpa81)) (&& (< net20) (>= netstandard1.2) (< monoandroid) (< win8) (< portable-win81+wpa81)) (&& (< net20) (>= netstandard1.3)) (&& (< net20) (< netstandard1.3) (>= netstandard1.5)) (&& (< net20) (>= netstandard1.5) (< monoandroid) (< portable-win81+wpa81)) (&& (< net20) (>= netstandard1.5) (< monotouch) (< xamarintvos) (< xamarinwatchos) (< xamarinios) (< xamarinmac)) (&& (>= net35) (>= dnxcore50) (>= netstandard1.0)) (&& (< net35) (>= netstandard1.1) (< netstandard1.3) (< monoandroid) (< win8) (< wpa81)) (&& (< net35) (< netstandard1.2) (>= netstandard1.3) (< monoandroid) (< win8)) (&& (< net35) (>= netstandard1.3) (< netstandard1.5) (< monoandroid) (< win8) (< wpa81)) (&& (< net35) (>= netstandard1.3) (< monotouch) (< xamarintvos) (< xamarinwatchos) (< xamarinios) (< xamarinmac) (< win8) (< wpa81)) (&& (< net35) (< netstandard1.3) (>= netstandard1.5) (< monoandroid)) (&& (< net35) (>= netstandard1.5) (< monotouch) (< xamarintvos) (< xamarinwatchos) (< xamarinios) (< xamarinmac)) (&& (>= dnxcore50) (>= netstandard1.0) (>= monoandroid)) (&& (>= dnxcore50) (>= netstandard1.0) (>= portable-win81+wpa81)) (&& (>= dnxcore50) (>= netstandard1.0) (>= portable-net45+win8+wpa81)) (&& (>= dnxcore50) (>= netstandard1.1)) (&& (>= dnxcore50) (>= netstandard1.2)) (&& (>= dnxcore50) (>= netstandard1.3)) (&& (>= dnxcore50) (>= netstandard1.5)) (&& (>= netstandard1.0) (>= monoandroid) (< portable-win81+wpa81)) (&& (>= netstandard1.3) (>= monoandroid) (< portable-win81+wpa81)) (&& (>= netstandard1.5) (>= monoandroid) (< portable-win81+wpa81)) (>= netstandard1.6)
      Microsoft.NETCore.Platforms (>= 1.1) - restriction: || (&& (< net45) (>= netstandard1.0) (< monotouch) (< xamarintvos) (< xamarinwatchos) (< xamarinios) (< xamarinmac) (< win8) (< wp8) (< wpa81)) (>= dnxcore50)
      Microsoft.NETCore.Targets (>= 1.1) - restriction: || (&& (< net45) (>= netstandard1.0) (< monotouch) (< xamarintvos) (< xamarinwatchos) (< xamarinios) (< xamarinmac) (< win8) (< wp8) (< wpa81)) (>= dnxcore50)
      System.Runtime (>= 4.3) - restriction: || (&& (< net45) (>= netstandard1.0) (< monotouch) (< xamarintvos) (< xamarinwatchos) (< xamarinios) (< xamarinmac) (< win8) (< wp8) (< wpa81)) (>= dnxcore50)
    System.Reflection.TypeExtensions (4.3) - restriction: || (&& (< net20) (>= netstandard1.3) (< monoandroid) (< win8) (< portable-win81+wpa81)) (&& (< net20) (>= netstandard1.3) (< monotouch) (< xamarintvos) (< xamarinwatchos) (< xamarinios) (< xamarinmac) (< win8) (< wpa81)) (&& (< net20) (< netstandard1.3) (>= netstandard1.5)) (&& (< net20) (>= netstandard1.5) (< monoandroid) (< portable-win81+wpa81)) (&& (< net20) (>= netstandard1.5) (< monotouch) (< xamarintvos) (< xamarinwatchos) (< xamarinios) (< xamarinmac)) (&& (>= net35) (>= dnxcore50) (>= netstandard1.0)) (&& (< net35) (>= netstandard1.3) (< monotouch) (< xamarintvos) (< xamarinwatchos) (< xamarinios) (< xamarinmac) (< win8) (< wpa81)) (&& (>= dnxcore50) (>= netstandard1.0) (>= monoandroid)) (&& (>= dnxcore50) (>= netstandard1.0) (>= portable-win81+wpa81)) (&& (>= dnxcore50) (>= netstandard1.0) (>= portable-net45+win8+wpa81)) (&& (>= dnxcore50) (>= netstandard1.1)) (&& (>= dnxcore50) (>= netstandard1.3)) (&& (>= netstandard1.3) (>= monoandroid) (< portable-win81+wpa81)) (&& (>= netstandard1.5) (>= monoandroid) (< portable-win81+wpa81)) (&& (>= netstandard1.6) (< monotouch) (< xamarintvos) (< xamarinwatchos) (< xamarinios) (< xamarinmac))
      System.Reflection (>= 4.3) - restriction: || (&& (< net46) (>= netstandard1.3) (< netstandard1.5) (< monoandroid)) (&& (< net46) (>= netstandard1.5) (< monotouch) (< xamarintvos) (< xamarinwatchos) (< xamarinios) (< xamarinmac)) (>= net462) (>= dnxcore50)
      System.Runtime (>= 4.3) - restriction: || (&& (< net46) (>= netstandard1.3) (< netstandard1.5) (< monoandroid)) (&& (< net46) (>= netstandard1.5) (< monotouch) (< xamarintvos) (< xamarinwatchos) (< xamarinios) (< xamarinmac)) (>= dnxcore50)
    System.Resources.ResourceManager (4.3) - restriction: || (&& (< net20) (>= net35) (>= netstandard1.0) (< netstandard1.3)) (&& (< net20) (>= net45) (< netstandard1.3)) (&& (< net20) (>= net45) (< portable-win81+wpa81)) (&& (< net20) (>= net462)) (&& (< net20) (>= netstandard1.0) (< netstandard1.3) (< monoandroid) (>= portable-win81+wpa81)) (&& (< net20) (>= netstandard1.0) (< monoandroid) (< portable-win81+wpa81) (>= portable-net45+win8+wpa81)) (&& (< net20) (>= netstandard1.1) (< netstandard1.3)) (&& (< net20) (>= netstandard1.1) (< monoandroid) (< win8) (< portable-win81+wpa81)) (&& (< net20) (>= netstandard1.3)) (&& (< net20) (< netstandard1.3) (>= netstandard1.5)) (&& (< net20) (>= netstandard1.4) (< monotouch) (< xamarintvos) (< xamarinwatchos) (< xamarinios) (< xamarinmac)) (&& (< net20) (>= netstandard1.5) (< monoandroid) (< portable-win81+wpa81)) (&& (< net20) (>= netstandard1.5) (< monotouch) (< xamarintvos) (< xamarinwatchos) (< xamarinios) (< xamarinmac)) (&& (>= net35) (>= dnxcore50) (>= netstandard1.0)) (&& (>= net35) (>= wp8)) (&& (< net35) (>= netstandard1.3) (< monoandroid) (< win8) (< wpa81)) (&& (< net35) (>= netstandard1.3) (< monotouch) (< xamarintvos) (< xamarinwatchos) (< xamarinios) (< xamarinmac) (< win8) (< wpa81)) (&& (>= net45) (>= monoandroid) (< portable-win81+wpa81)) (&& (>= net462) (>= monoandroid) (< portable-win81+wpa81)) (&& (>= dnxcore50) (>= netstandard1.0) (>= monoandroid)) (&& (>= dnxcore50) (>= netstandard1.0) (>= portable-win81+wpa81)) (&& (>= dnxcore50) (>= netstandard1.0) (>= portable-net45+win8+wpa81)) (&& (>= dnxcore50) (>= netstandard1.1)) (&& (>= dnxcore50) (>= netstandard1.3)) (&& (>= netstandard1.0) (>= monoandroid) (< portable-win81+wpa81)) (&& (>= netstandard1.1) (>= monoandroid) (< portable-win81+wpa81)) (&& (>= netstandard1.1) (>= wp8)) (&& (>= netstandard1.3) (>= monoandroid) (< portable-win81+wpa81)) (&& (>= netstandard1.3) (>= wp8)) (&& (>= netstandard1.4) (>= monoandroid) (< portable-win81+wpa81)) (&& (>= netstandard1.5) (>= monoandroid) (< portable-win81+wpa81)) (>= netstandard1.6) (&& (>= monoandroid) (>= wp8)) (&& (< win8) (>= wpa81) (< portable-win81+wpa81)) (&& (>= wp8) (>= portable-win81+wpa81)) (&& (>= wp8) (>= portable-net45+win8+wpa81))
      Microsoft.NETCore.Platforms (>= 1.1) - restriction: || (&& (< net45) (>= netstandard1.0) (< monotouch) (< xamarintvos) (< xamarinwatchos) (< xamarinios) (< xamarinmac) (< win8) (< wp8) (< wpa81)) (>= dnxcore50)
      Microsoft.NETCore.Targets (>= 1.1) - restriction: || (&& (< net45) (>= netstandard1.0) (< monotouch) (< xamarintvos) (< xamarinwatchos) (< xamarinios) (< xamarinmac) (< win8) (< wp8) (< wpa81)) (>= dnxcore50)
      System.Globalization (>= 4.3) - restriction: || (&& (< net45) (>= netstandard1.0) (< monotouch) (< xamarintvos) (< xamarinwatchos) (< xamarinios) (< xamarinmac) (< win8) (< wp8) (< wpa81)) (>= dnxcore50)
      System.Reflection (>= 4.3) - restriction: || (&& (< net45) (>= netstandard1.0) (< monotouch) (< xamarintvos) (< xamarinwatchos) (< xamarinios) (< xamarinmac) (< win8) (< wp8) (< wpa81)) (>= dnxcore50)
      System.Runtime (>= 4.3) - restriction: || (&& (< net45) (>= netstandard1.0) (< monotouch) (< xamarintvos) (< xamarinwatchos) (< xamarinios) (< xamarinmac) (< win8) (< wp8) (< wpa81)) (>= dnxcore50)
    System.Runtime (4.3) - restriction: || (&& (< net20) (>= net35) (>= netstandard1.0) (< netstandard1.3)) (&& (< net20) (>= net462)) (&& (< net20) (>= net463)) (&& (< net20) (>= netstandard1.0) (< netstandard1.3) (< monoandroid) (>= portable-win81+wpa81)) (&& (< net20) (>= netstandard1.0) (< monoandroid) (< portable-win81+wpa81) (>= portable-net45+win8+wpa81)) (&& (< net20) (>= netstandard1.1) (< netstandard1.3)) (&& (< net20) (>= netstandard1.2) (< netstandard1.3) (< win81) (< wpa81)) (&& (< net20) (>= netstandard1.2) (< monoandroid) (< portable-win81+wpa81)) (&& (< net20) (>= netstandard1.3)) (&& (< net20) (< netstandard1.3) (>= netstandard1.5)) (&& (< net20) (>= netstandard1.4) (< monoandroid)) (&& (< net20) (>= netstandard1.4) (< monotouch) (< xamarintvos) (< xamarinwatchos) (< xamarinios) (< xamarinmac)) (&& (< net20) (>= netstandard1.5) (< monoandroid) (< portable-win81+wpa81)) (&& (< net20) (>= netstandard1.5) (< monotouch) (< xamarintvos) (< xamarinwatchos) (< xamarinios) (< xamarinmac)) (&& (>= net35) (>= dnxcore50) (>= netstandard1.0)) (&& (< net35) (>= netstandard1.1) (< monoandroid) (< win8) (< wpa81)) (&& (< net35) (>= netstandard1.1) (< monotouch) (< xamarintvos) (< xamarinwatchos) (< xamarinios) (< xamarinmac) (< win8) (< wpa81)) (&& (< net35) (>= netstandard1.3) (< monoandroid) (< win8) (< wpa81)) (&& (< net35) (>= netstandard1.3) (< monotouch) (< xamarintvos) (< xamarinwatchos) (< xamarinios) (< xamarinmac) (< win8) (< wpa81)) (&& (< net35) (< netstandard1.3) (>= netstandard1.5) (< monoandroid)) (&& (< net35) (>= netstandard1.5) (< monotouch) (< xamarintvos) (< xamarinwatchos) (< xamarinios) (< xamarinmac)) (&& (>= net462) (>= monoandroid) (< portable-win81+wpa81)) (&& (>= dnxcore50) (>= netstandard1.0) (>= monoandroid)) (&& (>= dnxcore50) (>= netstandard1.0) (>= portable-win81+wpa81)) (&& (>= dnxcore50) (>= netstandard1.0) (>= portable-net45+win8+wpa81)) (&& (>= dnxcore50) (>= netstandard1.1)) (&& (>= dnxcore50) (>= netstandard1.2)) (&& (>= dnxcore50) (>= netstandard1.3)) (&& (>= dnxcore50) (>= netstandard1.5)) (&& (>= netstandard1.0) (>= monoandroid) (< portable-win81+wpa81)) (&& (>= netstandard1.2) (>= monoandroid) (< portable-win81+wpa81)) (&& (>= netstandard1.3) (>= monoandroid) (< portable-win81+wpa81)) (&& (>= netstandard1.4) (>= monoandroid) (< portable-win81+wpa81)) (&& (>= netstandard1.5) (>= monoandroid) (< portable-win81+wpa81)) (>= netstandard1.6)
      Microsoft.NETCore.Platforms (>= 1.1) - restriction: || (&& (< net45) (>= netstandard1.0) (< netstandard1.2) (< monoandroid) (< win8) (< wp8)) (&& (< net45) (>= netstandard1.2) (< netstandard1.3) (< monoandroid) (< win8) (< wpa81)) (&& (< net45) (>= netstandard1.3) (< netstandard1.5) (< monoandroid) (< win8) (< wpa81)) (&& (< net45) (>= netstandard1.5) (< monotouch) (< xamarintvos) (< xamarinwatchos) (< xamarinios) (< xamarinmac)) (>= dnxcore50)
      Microsoft.NETCore.Targets (>= 1.1) - restriction: || (&& (< net45) (>= netstandard1.0) (< netstandard1.2) (< monoandroid) (< win8) (< wp8)) (&& (< net45) (>= netstandard1.2) (< netstandard1.3) (< monoandroid) (< win8) (< wpa81)) (&& (< net45) (>= netstandard1.3) (< netstandard1.5) (< monoandroid) (< win8) (< wpa81)) (&& (< net45) (>= netstandard1.5) (< monotouch) (< xamarintvos) (< xamarinwatchos) (< xamarinios) (< xamarinmac)) (>= dnxcore50)
    System.Runtime.Extensions (4.3) - restriction: || (&& (< net20) (>= net35) (>= netstandard1.0) (< netstandard1.3)) (&& (< net20) (>= net462)) (&& (< net20) (>= netstandard1.0) (< netstandard1.3) (< monoandroid) (>= portable-win81+wpa81)) (&& (< net20) (>= netstandard1.0) (< monoandroid) (< portable-win81+wpa81) (>= portable-net45+win8+wpa81)) (&& (< net20) (>= netstandard1.1) (< netstandard1.3)) (&& (< net20) (>= netstandard1.3)) (&& (< net20) (< netstandard1.3) (>= netstandard1.5)) (&& (< net20) (>= netstandard1.5) (< monoandroid) (< portable-win81+wpa81)) (&& (< net20) (>= netstandard1.5) (< monotouch) (< xamarintvos) (< xamarinwatchos) (< xamarinios) (< xamarinmac)) (&& (>= net35) (>= dnxcore50) (>= netstandard1.0)) (&& (< net35) (>= netstandard1.1) (< monotouch) (< xamarinios)) (&& (< net35) (>= netstandard1.3) (< monoandroid) (< win8) (< wpa81)) (&& (< net35) (>= netstandard1.3) (< monotouch) (< xamarintvos) (< xamarinwatchos) (< xamarinios) (< xamarinmac) (< win8) (< wpa81)) (&& (>= net462) (>= monoandroid) (< portable-win81+wpa81)) (&& (>= dnxcore50) (>= netstandard1.0) (>= monoandroid)) (&& (>= dnxcore50) (>= netstandard1.0) (>= portable-win81+wpa81)) (&& (>= dnxcore50) (>= netstandard1.0) (>= portable-net45+win8+wpa81)) (&& (>= dnxcore50) (>= netstandard1.1)) (&& (>= dnxcore50) (>= netstandard1.3)) (&& (>= netstandard1.0) (>= monoandroid) (< portable-win81+wpa81)) (&& (>= netstandard1.3) (>= monoandroid) (< portable-win81+wpa81)) (&& (>= netstandard1.5) (>= monoandroid) (< portable-win81+wpa81)) (>= netstandard1.6)
      Microsoft.NETCore.Platforms (>= 1.1) - restriction: || (&& (< net45) (>= netstandard1.0) (< netstandard1.3) (< monoandroid) (< win8) (< wp8) (< wpa81)) (&& (< net45) (>= netstandard1.3) (< netstandard1.5) (< monoandroid) (< win8) (< wpa81)) (&& (< net45) (>= netstandard1.5) (< monotouch) (< xamarintvos) (< xamarinwatchos) (< xamarinios) (< xamarinmac)) (>= dnxcore50)
      Microsoft.NETCore.Targets (>= 1.1) - restriction: || (&& (< net45) (>= netstandard1.0) (< netstandard1.3) (< monoandroid) (< win8) (< wp8) (< wpa81)) (&& (< net45) (>= netstandard1.3) (< netstandard1.5) (< monoandroid) (< win8) (< wpa81)) (&& (< net45) (>= netstandard1.5) (< monotouch) (< xamarintvos) (< xamarinwatchos) (< xamarinios) (< xamarinmac)) (>= dnxcore50)
      System.Runtime (>= 4.3) - restriction: || (&& (< net45) (>= netstandard1.0) (< netstandard1.3) (< monoandroid) (< win8) (< wp8) (< wpa81)) (&& (< net45) (>= netstandard1.3) (< netstandard1.5) (< monoandroid) (< win8) (< wpa81)) (&& (< net45) (>= netstandard1.5) (< monotouch) (< xamarintvos) (< xamarinwatchos) (< xamarinios) (< xamarinmac)) (>= dnxcore50)
    System.Runtime.Handles (4.3) - restriction: || (&& (< net20) (>= netstandard1.3)) (&& (< net20) (>= netstandard1.4) (< monoandroid)) (&& (< net20) (>= netstandard1.5) (< monotouch) (< xamarintvos) (< xamarinwatchos) (< xamarinios) (< xamarinmac)) (&& (< net35) (>= netstandard1.3) (< monoandroid) (< win8) (< wpa81)) (&& (>= dnxcore50) (>= netstandard1.3)) (>= netstandard1.6)
      Microsoft.NETCore.Platforms (>= 1.1) - restriction: && (< net46) (>= netstandard1.3) (< monotouch) (< xamarintvos) (< xamarinwatchos) (< xamarinios) (< xamarinmac)
      Microsoft.NETCore.Targets (>= 1.1) - restriction: && (< net46) (>= netstandard1.3) (< monotouch) (< xamarintvos) (< xamarinwatchos) (< xamarinios) (< xamarinmac)
      System.Runtime (>= 4.3) - restriction: && (< net46) (>= netstandard1.3) (< monotouch) (< xamarintvos) (< xamarinwatchos) (< xamarinios) (< xamarinmac)
    System.Runtime.InteropServices (4.3) - restriction: || (&& (< net20) (>= netstandard1.1) (< netstandard1.3)) (&& (< net20) (>= netstandard1.1) (< monoandroid) (< portable-win81+wpa81)) (&& (< net20) (>= netstandard1.3)) (&& (< net20) (< netstandard1.3) (>= netstandard1.5)) (&& (< net20) (>= netstandard1.5) (< monoandroid) (< portable-win81+wpa81)) (&& (< net20) (>= netstandard1.5) (< monotouch) (< xamarintvos) (< xamarinwatchos) (< xamarinios) (< xamarinmac)) (&& (>= net35) (>= dnxcore50) (>= netstandard1.0)) (&& (< net35) (>= netstandard1.3) (< monoandroid) (< win8) (< wpa81)) (&& (>= dnxcore50) (>= netstandard1.0) (>= monoandroid)) (&& (>= dnxcore50) (>= netstandard1.0) (>= portable-win81+wpa81)) (&& (>= dnxcore50) (>= netstandard1.0) (>= portable-net45+win8+wpa81)) (&& (>= dnxcore50) (>= netstandard1.1)) (&& (>= dnxcore50) (>= netstandard1.3)) (&& (>= netstandard1.1) (>= monoandroid) (< portable-win81+wpa81)) (&& (>= netstandard1.3) (>= monoandroid) (< portable-win81+wpa81)) (&& (>= netstandard1.5) (>= monoandroid) (< portable-win81+wpa81)) (>= netstandard1.6)
      Microsoft.NETCore.Platforms (>= 1.1) - restriction: || (&& (< net45) (>= netstandard1.1) (< netstandard1.2) (< monoandroid) (< win8)) (&& (< net45) (>= netstandard1.2) (< netstandard1.3) (< monoandroid) (< win8) (< wpa81)) (&& (< net45) (>= netstandard1.3) (< netstandard1.5) (< monoandroid) (< win8) (< wpa81)) (&& (< net45) (>= netstandard1.5) (< monotouch) (< xamarintvos) (< xamarinwatchos) (< xamarinios) (< xamarinmac)) (>= dnxcore50) (>= netcore1.1)
      Microsoft.NETCore.Targets (>= 1.1) - restriction: || (&& (< net45) (>= netstandard1.1) (< netstandard1.2) (< monoandroid) (< win8)) (&& (< net45) (>= netstandard1.2) (< netstandard1.3) (< monoandroid) (< win8) (< wpa81)) (&& (< net45) (>= netstandard1.3) (< netstandard1.5) (< monoandroid) (< win8) (< wpa81)) (&& (< net45) (>= netstandard1.5) (< monotouch) (< xamarintvos) (< xamarinwatchos) (< xamarinios) (< xamarinmac)) (>= dnxcore50) (>= netcore1.1)
      System.Reflection (>= 4.3) - restriction: || (&& (< net45) (>= netstandard1.1) (< netstandard1.2) (< monoandroid) (< win8)) (&& (< net45) (>= netstandard1.2) (< netstandard1.3) (< monoandroid) (< win8) (< wpa81)) (&& (< net45) (>= netstandard1.3) (< netstandard1.5) (< monoandroid) (< win8) (< wpa81)) (&& (< net45) (>= netstandard1.5) (< monotouch) (< xamarintvos) (< xamarinwatchos) (< xamarinios) (< xamarinmac)) (>= dnxcore50) (>= netcore1.1)
      System.Reflection.Primitives (>= 4.3) - restriction: || (&& (< net45) (>= netstandard1.1) (< netstandard1.2) (< monoandroid) (< win8)) (&& (< net45) (>= netstandard1.2) (< netstandard1.3) (< monoandroid) (< win8) (< wpa81)) (&& (< net45) (>= netstandard1.3) (< netstandard1.5) (< monoandroid) (< win8) (< wpa81)) (&& (< net45) (>= netstandard1.5) (< monotouch) (< xamarintvos) (< xamarinwatchos) (< xamarinios) (< xamarinmac)) (>= dnxcore50) (>= netcore1.1)
      System.Runtime (>= 4.3) - restriction: || (&& (< net45) (>= netstandard1.1) (< netstandard1.2) (< monoandroid) (< win8)) (&& (< net45) (>= netstandard1.2) (< netstandard1.3) (< monoandroid) (< win8) (< wpa81)) (&& (< net45) (>= netstandard1.3) (< netstandard1.5) (< monoandroid) (< win8) (< wpa81)) (&& (< net45) (>= netstandard1.5) (< monotouch) (< xamarintvos) (< xamarinwatchos) (< xamarinios) (< xamarinmac)) (>= net462) (>= dnxcore50) (>= netcore1.1)
      System.Runtime.Handles (>= 4.3) - restriction: || (&& (< net45) (>= netstandard1.3) (< netstandard1.5) (< monoandroid) (< win8) (< wpa81)) (&& (< net45) (>= netstandard1.5) (< monotouch) (< xamarintvos) (< xamarinwatchos) (< xamarinios) (< xamarinmac)) (>= dnxcore50) (>= netcore1.1)
    System.Runtime.InteropServices.RuntimeInformation (4.3) - restriction: || (&& (< net20) (>= netstandard1.1) (< netstandard1.3)) (&& (< net20) (>= netstandard1.1) (< monoandroid) (< portable-win81+wpa81)) (&& (< net20) (>= netstandard1.3)) (&& (>= netstandard1.1) (>= monoandroid) (< portable-win81+wpa81)) (&& (>= netstandard1.3) (>= monoandroid) (< portable-win81+wpa81)) (>= netstandard1.6)
      runtime.native.System (>= 4.3) - restriction: && (< net45) (>= netstandard1.1) (< monotouch) (< xamarintvos) (< xamarinwatchos) (< xamarinios) (< xamarinmac) (< win8) (< wpa81)
      System.Reflection (>= 4.3) - restriction: || (&& (< net45) (>= netstandard1.1) (< monotouch) (< xamarintvos) (< xamarinwatchos) (< xamarinios) (< xamarinmac) (< win8) (< wpa81)) (>= dnxcore50)
      System.Reflection.Extensions (>= 4.3) - restriction: || (&& (< net45) (>= netstandard1.1) (< monotouch) (< xamarintvos) (< xamarinwatchos) (< xamarinios) (< xamarinmac) (< win8) (< wpa81)) (>= dnxcore50)
      System.Resources.ResourceManager (>= 4.3) - restriction: || (&& (< net45) (>= netstandard1.1) (< monotouch) (< xamarintvos) (< xamarinwatchos) (< xamarinios) (< xamarinmac) (< win8) (< wpa81)) (>= dnxcore50)
      System.Runtime (>= 4.3) - restriction: || (&& (< net45) (>= netstandard1.1) (< monotouch) (< xamarintvos) (< xamarinwatchos) (< xamarinios) (< xamarinmac) (< win8) (< wpa81)) (>= dnxcore50)
      System.Runtime.InteropServices (>= 4.3) - restriction: && (< net45) (>= netstandard1.1) (< monotouch) (< xamarintvos) (< xamarinwatchos) (< xamarinios) (< xamarinmac) (< win8) (< wpa81)
      System.Threading (>= 4.3) - restriction: || (&& (< net45) (>= netstandard1.1) (< monotouch) (< xamarintvos) (< xamarinwatchos) (< xamarinios) (< xamarinmac) (< win8) (< wpa81)) (>= dnxcore50)
    System.Runtime.Loader (4.3) - restriction: >= netstandard1.6
      System.IO (>= 4.3) - restriction: && (< net462) (>= netstandard1.5) (< monotouch) (< xamarintvos) (< xamarinwatchos) (< xamarinios) (< xamarinmac)
      System.Reflection (>= 4.3) - restriction: && (< net462) (>= netstandard1.5) (< monotouch) (< xamarintvos) (< xamarinwatchos) (< xamarinios) (< xamarinmac)
      System.Runtime (>= 4.3) - restriction: && (< net462) (>= netstandard1.5) (< monotouch) (< xamarintvos) (< xamarinwatchos) (< xamarinios) (< xamarinmac)
    System.Runtime.Numerics (4.3) - restriction: || (&& (< net20) (>= netstandard1.1) (< netstandard1.3)) (&& (< net20) (>= netstandard1.1) (< monoandroid) (< portable-win81+wpa81)) (&& (< net20) (>= netstandard1.3)) (&& (>= dnxcore50) (>= netstandard1.3)) (&& (>= netstandard1.1) (>= monoandroid) (< portable-win81+wpa81)) (&& (>= netstandard1.3) (>= monoandroid) (< portable-win81+wpa81)) (>= netstandard1.6)
      System.Globalization (>= 4.3) - restriction: || (&& (< net45) (>= netstandard1.3) (< monotouch) (< xamarintvos) (< xamarinwatchos) (< xamarinios) (< xamarinmac) (< win8) (< wpa81)) (>= dnxcore50)
      System.Resources.ResourceManager (>= 4.3) - restriction: || (&& (< net45) (>= netstandard1.3) (< monotouch) (< xamarintvos) (< xamarinwatchos) (< xamarinios) (< xamarinmac) (< win8) (< wpa81)) (>= dnxcore50)
      System.Runtime (>= 4.3) - restriction: || (&& (< net45) (>= netstandard1.1) (< netstandard1.3) (< monoandroid) (< win8) (< wpa81)) (&& (< net45) (>= netstandard1.3) (< monotouch) (< xamarintvos) (< xamarinwatchos) (< xamarinios) (< xamarinmac) (< win8) (< wpa81)) (>= dnxcore50)
      System.Runtime.Extensions (>= 4.3) - restriction: || (&& (< net45) (>= netstandard1.3) (< monotouch) (< xamarintvos) (< xamarinwatchos) (< xamarinios) (< xamarinmac) (< win8) (< wpa81)) (>= dnxcore50)
    System.Runtime.Serialization.Formatters (4.3) - restriction: || (&& (< net20) (>= netstandard1.3)) (&& (>= netstandard1.3) (>= monoandroid) (< portable-win81+wpa81))
      System.Collections (>= 4.3) - restriction: && (< net46) (>= netstandard1.4) (< monotouch) (< xamarintvos) (< xamarinwatchos) (< xamarinios) (< xamarinmac)
      System.Reflection (>= 4.3) - restriction: && (< net46) (>= netstandard1.4) (< monotouch) (< xamarintvos) (< xamarinwatchos) (< xamarinios) (< xamarinmac)
      System.Resources.ResourceManager (>= 4.3) - restriction: && (< net46) (>= netstandard1.4) (< monotouch) (< xamarintvos) (< xamarinwatchos) (< xamarinios) (< xamarinmac)
      System.Runtime (>= 4.3) - restriction: || (&& (< net46) (>= netstandard1.3) (< netstandard1.4) (< monoandroid)) (&& (< net46) (>= netstandard1.4) (< monotouch) (< xamarintvos) (< xamarinwatchos) (< xamarinios) (< xamarinmac))
      System.Runtime.Serialization.Primitives (>= 4.3) - restriction: || (>= net46) (&& (>= netstandard1.3) (< netstandard1.4) (< monoandroid)) (&& (>= netstandard1.4) (< monotouch) (< xamarintvos) (< xamarinwatchos) (< xamarinios) (< xamarinmac))
    System.Runtime.Serialization.Primitives (4.3) - restriction: || (&& (< net20) (>= net35) (>= netstandard1.0) (< netstandard1.3)) (&& (< net20) (>= net46)) (&& (< net20) (>= netstandard1.0) (< netstandard1.3) (< monoandroid) (>= portable-win81+wpa81)) (&& (< net20) (>= netstandard1.0) (< monoandroid) (< portable-win81+wpa81) (>= portable-net45+win8+wpa81)) (&& (< net20) (>= netstandard1.1) (< netstandard1.3)) (&& (< net20) (>= netstandard1.3)) (&& (< net20) (>= netstandard1.4) (< monotouch) (< xamarintvos) (< xamarinwatchos) (< xamarinios) (< xamarinmac)) (&& (>= net46) (>= monoandroid) (< portable-win81+wpa81)) (&& (>= netstandard1.0) (>= monoandroid) (< portable-win81+wpa81)) (&& (>= netstandard1.3) (>= monoandroid) (< portable-win81+wpa81)) (&& (>= netstandard1.4) (>= monoandroid) (< portable-win81+wpa81))
      System.Resources.ResourceManager (>= 4.3) - restriction: || (&& (< net45) (>= netstandard1.3) (< monotouch) (< xamarintvos) (< xamarinwatchos) (< xamarinios) (< xamarinmac) (< win8) (< wpa81)) (>= dnxcore50)
      System.Runtime (>= 4.3) - restriction: || (&& (< net45) (>= netstandard1.0) (< netstandard1.3) (< monoandroid) (< win8) (< wp8) (< wpa81)) (&& (< net45) (>= netstandard1.3) (< monotouch) (< xamarintvos) (< xamarinwatchos) (< xamarinios) (< xamarinmac) (< win8) (< wpa81)) (>= dnxcore50)
    System.Security.Cryptography.Algorithms (4.3) - restriction: || (&& (< net20) (>= net46) (< netstandard1.4)) (&& (< net20) (>= net461)) (&& (< net20) (>= netstandard1.3)) (&& (< net20) (>= netstandard1.4) (< monoandroid)) (&& (>= dnxcore50) (>= netstandard1.3)) (>= netstandard1.6)
      Microsoft.NETCore.Platforms (>= 1.1) - restriction: || (>= dnxcore50) (&& (>= netstandard1.6) (< monotouch) (< xamarintvos) (< xamarinwatchos) (< xamarinios) (< xamarinmac))
      runtime.native.System.Security.Cryptography.Apple (>= 4.3) - restriction: && (>= netstandard1.6) (< monotouch) (< xamarintvos) (< xamarinwatchos) (< xamarinios) (< xamarinmac)
      runtime.native.System.Security.Cryptography.OpenSsl (>= 4.3) - restriction: && (>= netstandard1.6) (< monotouch) (< xamarintvos) (< xamarinwatchos) (< xamarinios) (< xamarinmac)
      System.Collections (>= 4.3) - restriction: && (>= netstandard1.6) (< monotouch) (< xamarintvos) (< xamarinwatchos) (< xamarinios) (< xamarinmac)
      System.IO (>= 4.3) - restriction: || (&& (< net46) (>= netstandard1.3) (< netstandard1.4) (< monoandroid)) (&& (< net46) (>= netstandard1.4) (< netstandard1.6) (< monoandroid)) (>= net463) (>= dnxcore50) (&& (>= netstandard1.6) (< monotouch) (< xamarintvos) (< xamarinwatchos) (< xamarinios) (< xamarinmac))
      System.Resources.ResourceManager (>= 4.3) - restriction: || (>= dnxcore50) (&& (>= netstandard1.6) (< monotouch) (< xamarintvos) (< xamarinwatchos) (< xamarinios) (< xamarinmac))
      System.Runtime (>= 4.3) - restriction: || (&& (< net46) (>= netstandard1.3) (< netstandard1.4) (< monoandroid)) (&& (< net46) (>= netstandard1.4) (< netstandard1.6) (< monoandroid)) (>= net463) (>= dnxcore50) (&& (>= netstandard1.6) (< monotouch) (< xamarintvos) (< xamarinwatchos) (< xamarinios) (< xamarinmac))
      System.Runtime.Extensions (>= 4.3) - restriction: || (>= dnxcore50) (&& (>= netstandard1.6) (< monotouch) (< xamarintvos) (< xamarinwatchos) (< xamarinios) (< xamarinmac))
      System.Runtime.Handles (>= 4.3) - restriction: || (>= dnxcore50) (&& (>= netstandard1.6) (< monotouch) (< xamarintvos) (< xamarinwatchos) (< xamarinios) (< xamarinmac))
      System.Runtime.InteropServices (>= 4.3) - restriction: || (>= dnxcore50) (&& (>= netstandard1.6) (< monotouch) (< xamarintvos) (< xamarinwatchos) (< xamarinios) (< xamarinmac))
      System.Runtime.Numerics (>= 4.3) - restriction: && (>= netstandard1.6) (< monotouch) (< xamarintvos) (< xamarinwatchos) (< xamarinios) (< xamarinmac)
      System.Security.Cryptography.Encoding (>= 4.3) - restriction: || (>= net463) (>= dnxcore50) (&& (>= netstandard1.6) (< monotouch) (< xamarintvos) (< xamarinwatchos) (< xamarinios) (< xamarinmac))
      System.Security.Cryptography.Primitives (>= 4.3) - restriction: || (&& (>= net46) (< netstandard1.4)) (&& (< net46) (>= netstandard1.3) (< netstandard1.4) (< monoandroid)) (&& (< net46) (>= netstandard1.4) (< netstandard1.6) (< monoandroid)) (>= net461) (>= dnxcore50) (&& (>= netstandard1.6) (< monotouch) (< xamarintvos) (< xamarinwatchos) (< xamarinios) (< xamarinmac))
      System.Text.Encoding (>= 4.3) - restriction: || (>= dnxcore50) (&& (>= netstandard1.6) (< monotouch) (< xamarintvos) (< xamarinwatchos) (< xamarinios) (< xamarinmac))
    System.Security.Cryptography.Cng (4.3) - restriction: || (&& (>= dnxcore50) (>= netstandard1.3)) (&& (>= dnxcore50) (>= netstandard1.6)) (&& (>= netstandard1.6) (< monotouch) (< xamarintvos) (< xamarinwatchos) (< xamarinios) (< xamarinmac))
      Microsoft.NETCore.Platforms (>= 1.1) - restriction: || (&& (< net46) (>= netstandard1.4)) (>= netstandard1.6)
      System.IO (>= 4.3) - restriction: || (&& (< net46) (>= netstandard1.3) (< netstandard1.4)) (&& (< net46) (>= netstandard1.4)) (>= netstandard1.6)
      System.Resources.ResourceManager (>= 4.3) - restriction: || (&& (< net46) (>= netstandard1.4)) (>= netstandard1.6)
      System.Runtime (>= 4.3) - restriction: || (&& (< net46) (>= netstandard1.3) (< netstandard1.4)) (&& (< net46) (>= netstandard1.4)) (>= netstandard1.6)
      System.Runtime.Extensions (>= 4.3) - restriction: || (&& (< net46) (>= netstandard1.4)) (>= netstandard1.6)
      System.Runtime.Handles (>= 4.3) - restriction: || (&& (< net46) (>= netstandard1.3) (< netstandard1.4)) (&& (< net46) (>= netstandard1.4)) (>= netstandard1.6)
      System.Runtime.InteropServices (>= 4.3) - restriction: || (&& (< net46) (>= netstandard1.4)) (>= netstandard1.6)
      System.Security.Cryptography.Algorithms (>= 4.3) - restriction: || (&& (>= net46) (< netstandard1.4)) (&& (< net46) (>= netstandard1.3) (< netstandard1.4)) (&& (< net46) (>= netstandard1.4)) (>= net461) (>= netstandard1.6)
      System.Security.Cryptography.Encoding (>= 4.3) - restriction: || (&& (< net46) (>= netstandard1.4)) (>= netstandard1.6)
      System.Security.Cryptography.Primitives (>= 4.3) - restriction: || (&& (>= net46) (< netstandard1.4)) (&& (< net46) (>= netstandard1.3) (< netstandard1.4)) (&& (< net46) (>= netstandard1.4)) (>= net461) (>= netstandard1.6)
      System.Text.Encoding (>= 4.3) - restriction: || (&& (< net46) (>= netstandard1.4)) (>= netstandard1.6)
    System.Security.Cryptography.Csp (4.3) - restriction: && (>= netstandard1.6) (< monotouch) (< xamarintvos) (< xamarinwatchos) (< xamarinios) (< xamarinmac)
      Microsoft.NETCore.Platforms (>= 1.1) - restriction: && (< net46) (>= netstandard1.3) (< monotouch) (< xamarintvos) (< xamarinwatchos) (< xamarinios) (< xamarinmac)
      System.IO (>= 4.3) - restriction: && (< net46) (>= netstandard1.3) (< monotouch) (< xamarintvos) (< xamarinwatchos) (< xamarinios) (< xamarinmac)
      System.Reflection (>= 4.3) - restriction: && (< net46) (>= netstandard1.3) (< monotouch) (< xamarintvos) (< xamarinwatchos) (< xamarinios) (< xamarinmac)
      System.Resources.ResourceManager (>= 4.3) - restriction: && (< net46) (>= netstandard1.3) (< monotouch) (< xamarintvos) (< xamarinwatchos) (< xamarinios) (< xamarinmac)
      System.Runtime (>= 4.3) - restriction: && (< net46) (>= netstandard1.3) (< monotouch) (< xamarintvos) (< xamarinwatchos) (< xamarinios) (< xamarinmac)
      System.Runtime.Extensions (>= 4.3) - restriction: && (< net46) (>= netstandard1.3) (< monotouch) (< xamarintvos) (< xamarinwatchos) (< xamarinios) (< xamarinmac)
      System.Runtime.Handles (>= 4.3) - restriction: && (< net46) (>= netstandard1.3) (< monotouch) (< xamarintvos) (< xamarinwatchos) (< xamarinios) (< xamarinmac)
      System.Runtime.InteropServices (>= 4.3) - restriction: && (< net46) (>= netstandard1.3) (< monotouch) (< xamarintvos) (< xamarinwatchos) (< xamarinios) (< xamarinmac)
      System.Security.Cryptography.Algorithms (>= 4.3) - restriction: || (>= net46) (&& (>= netstandard1.3) (< monotouch) (< xamarintvos) (< xamarinwatchos) (< xamarinios) (< xamarinmac))
      System.Security.Cryptography.Encoding (>= 4.3) - restriction: && (< net46) (>= netstandard1.3) (< monotouch) (< xamarintvos) (< xamarinwatchos) (< xamarinios) (< xamarinmac)
      System.Security.Cryptography.Primitives (>= 4.3) - restriction: || (>= net46) (&& (>= netstandard1.3) (< monotouch) (< xamarintvos) (< xamarinwatchos) (< xamarinios) (< xamarinmac))
      System.Text.Encoding (>= 4.3) - restriction: && (< net46) (>= netstandard1.3) (< monotouch) (< xamarintvos) (< xamarinwatchos) (< xamarinios) (< xamarinmac)
      System.Threading (>= 4.3) - restriction: && (< net46) (>= netstandard1.3) (< monotouch) (< xamarintvos) (< xamarinwatchos) (< xamarinios) (< xamarinmac)
    System.Security.Cryptography.Encoding (4.3) - restriction: || (&& (< net20) (>= net46) (< netstandard1.4)) (&& (< net20) (>= net461)) (&& (< net20) (>= net463)) (&& (< net20) (>= netstandard1.3)) (&& (< net20) (>= netstandard1.4) (< monoandroid)) (&& (< net35) (>= netstandard1.3) (< monoandroid) (< win8) (< wpa81)) (&& (>= dnxcore50) (>= netstandard1.3)) (>= netstandard1.6)
      Microsoft.NETCore.Platforms (>= 1.1) - restriction: && (< net46) (>= netstandard1.3) (< monotouch) (< xamarintvos) (< xamarinwatchos) (< xamarinios) (< xamarinmac)
      runtime.native.System.Security.Cryptography.OpenSsl (>= 4.3) - restriction: && (< net46) (>= netstandard1.3) (< monotouch) (< xamarintvos) (< xamarinwatchos) (< xamarinios) (< xamarinmac)
      System.Collections (>= 4.3) - restriction: && (< net46) (>= netstandard1.3) (< monotouch) (< xamarintvos) (< xamarinwatchos) (< xamarinios) (< xamarinmac)
      System.Collections.Concurrent (>= 4.3) - restriction: && (< net46) (>= netstandard1.3) (< monotouch) (< xamarintvos) (< xamarinwatchos) (< xamarinios) (< xamarinmac)
      System.Linq (>= 4.3) - restriction: && (< net46) (>= netstandard1.3) (< monotouch) (< xamarintvos) (< xamarinwatchos) (< xamarinios) (< xamarinmac)
      System.Resources.ResourceManager (>= 4.3) - restriction: && (< net46) (>= netstandard1.3) (< monotouch) (< xamarintvos) (< xamarinwatchos) (< xamarinios) (< xamarinmac)
      System.Runtime (>= 4.3) - restriction: && (< net46) (>= netstandard1.3) (< monotouch) (< xamarintvos) (< xamarinwatchos) (< xamarinios) (< xamarinmac)
      System.Runtime.Extensions (>= 4.3) - restriction: && (< net46) (>= netstandard1.3) (< monotouch) (< xamarintvos) (< xamarinwatchos) (< xamarinios) (< xamarinmac)
      System.Runtime.Handles (>= 4.3) - restriction: && (< net46) (>= netstandard1.3) (< monotouch) (< xamarintvos) (< xamarinwatchos) (< xamarinios) (< xamarinmac)
      System.Runtime.InteropServices (>= 4.3) - restriction: && (< net46) (>= netstandard1.3) (< monotouch) (< xamarintvos) (< xamarinwatchos) (< xamarinios) (< xamarinmac)
      System.Security.Cryptography.Primitives (>= 4.3) - restriction: && (< net46) (>= netstandard1.3) (< monotouch) (< xamarintvos) (< xamarinwatchos) (< xamarinios) (< xamarinmac)
      System.Text.Encoding (>= 4.3) - restriction: && (< net46) (>= netstandard1.3) (< monotouch) (< xamarintvos) (< xamarinwatchos) (< xamarinios) (< xamarinmac)
    System.Security.Cryptography.OpenSsl (4.3) - restriction: && (>= netstandard1.6) (< monotouch) (< xamarintvos) (< xamarinwatchos) (< xamarinios) (< xamarinmac)
      runtime.native.System.Security.Cryptography.OpenSsl (>= 4.3) - restriction: || (>= net463) (>= netstandard1.6) (>= monoandroid)
      System.Collections (>= 4.3) - restriction: && (>= netstandard1.6) (< monotouch) (< xamarintvos) (< xamarinwatchos) (< xamarinios) (< xamarinmac)
      System.IO (>= 4.3) - restriction: || (>= net463) (&& (>= netstandard1.6) (< monotouch) (< xamarintvos) (< xamarinwatchos) (< xamarinios) (< xamarinmac))
      System.Resources.ResourceManager (>= 4.3) - restriction: && (>= netstandard1.6) (< monotouch) (< xamarintvos) (< xamarinwatchos) (< xamarinios) (< xamarinmac)
      System.Runtime (>= 4.3) - restriction: || (>= net463) (&& (>= netstandard1.6) (< monotouch) (< xamarintvos) (< xamarinwatchos) (< xamarinios) (< xamarinmac))
      System.Runtime.Extensions (>= 4.3) - restriction: || (>= net463) (&& (>= netstandard1.6) (< monotouch) (< xamarintvos) (< xamarinwatchos) (< xamarinios) (< xamarinmac))
      System.Runtime.Handles (>= 4.3) - restriction: && (>= netstandard1.6) (< monotouch) (< xamarintvos) (< xamarinwatchos) (< xamarinios) (< xamarinmac)
      System.Runtime.InteropServices (>= 4.3) - restriction: && (>= netstandard1.6) (< monotouch) (< xamarintvos) (< xamarinwatchos) (< xamarinios) (< xamarinmac)
      System.Runtime.Numerics (>= 4.3) - restriction: && (>= netstandard1.6) (< monotouch) (< xamarintvos) (< xamarinwatchos) (< xamarinios) (< xamarinmac)
      System.Security.Cryptography.Algorithms (>= 4.3) - restriction: || (>= net463) (&& (>= netstandard1.6) (< monotouch) (< xamarintvos) (< xamarinwatchos) (< xamarinios) (< xamarinmac))
      System.Security.Cryptography.Encoding (>= 4.3) - restriction: || (>= net463) (&& (>= netstandard1.6) (< monotouch) (< xamarintvos) (< xamarinwatchos) (< xamarinios) (< xamarinmac))
      System.Security.Cryptography.Primitives (>= 4.3) - restriction: || (>= net463) (&& (>= netstandard1.6) (< monotouch) (< xamarintvos) (< xamarinwatchos) (< xamarinios) (< xamarinmac))
      System.Text.Encoding (>= 4.3) - restriction: && (>= netstandard1.6) (< monotouch) (< xamarintvos) (< xamarinwatchos) (< xamarinios) (< xamarinmac)
    System.Security.Cryptography.Primitives (4.3) - restriction: || (&& (< net20) (>= net46) (< netstandard1.4)) (&& (< net20) (>= net461)) (&& (< net20) (>= netstandard1.3)) (&& (< net20) (>= netstandard1.4) (< monoandroid)) (&& (>= dnxcore50) (>= netstandard1.3)) (>= netstandard1.6)
      System.Diagnostics.Debug (>= 4.3) - restriction: && (< net46) (>= netstandard1.3) (< monotouch) (< xamarintvos) (< xamarinwatchos) (< xamarinios) (< xamarinmac)
      System.Globalization (>= 4.3) - restriction: && (< net46) (>= netstandard1.3) (< monotouch) (< xamarintvos) (< xamarinwatchos) (< xamarinios) (< xamarinmac)
      System.IO (>= 4.3) - restriction: && (< net46) (>= netstandard1.3) (< monotouch) (< xamarintvos) (< xamarinwatchos) (< xamarinios) (< xamarinmac)
      System.Resources.ResourceManager (>= 4.3) - restriction: && (< net46) (>= netstandard1.3) (< monotouch) (< xamarintvos) (< xamarinwatchos) (< xamarinios) (< xamarinmac)
      System.Runtime (>= 4.3) - restriction: && (< net46) (>= netstandard1.3) (< monotouch) (< xamarintvos) (< xamarinwatchos) (< xamarinios) (< xamarinmac)
      System.Threading (>= 4.3) - restriction: && (< net46) (>= netstandard1.3) (< monotouch) (< xamarintvos) (< xamarinwatchos) (< xamarinios) (< xamarinmac)
      System.Threading.Tasks (>= 4.3) - restriction: && (< net46) (>= netstandard1.3) (< monotouch) (< xamarintvos) (< xamarinwatchos) (< xamarinios) (< xamarinmac)
    System.Security.Cryptography.X509Certificates (4.3) - restriction: || (&& (< net20) (>= netstandard1.3)) (&& (< net35) (>= net46)) (&& (< net35) (>= netstandard1.3) (< monoandroid) (< win8) (< wpa81)) (&& (>= dnxcore50) (>= netstandard1.1)) (>= netstandard1.6)
      Microsoft.NETCore.Platforms (>= 1.1) - restriction: || (>= dnxcore50) (&& (>= netstandard1.6) (< monotouch) (< xamarintvos) (< xamarinwatchos) (< xamarinios) (< xamarinmac))
      runtime.native.System (>= 4.3) - restriction: && (>= netstandard1.6) (< monotouch) (< xamarintvos) (< xamarinwatchos) (< xamarinios) (< xamarinmac)
      runtime.native.System.Net.Http (>= 4.3) - restriction: && (>= netstandard1.6) (< monotouch) (< xamarintvos) (< xamarinwatchos) (< xamarinios) (< xamarinmac)
      runtime.native.System.Security.Cryptography.OpenSsl (>= 4.3) - restriction: && (>= netstandard1.6) (< monotouch) (< xamarintvos) (< xamarinwatchos) (< xamarinios) (< xamarinmac)
      System.Collections (>= 4.3) - restriction: || (>= dnxcore50) (&& (>= netstandard1.6) (< monotouch) (< xamarintvos) (< xamarinwatchos) (< xamarinios) (< xamarinmac))
      System.Diagnostics.Debug (>= 4.3) - restriction: && (>= netstandard1.6) (< monotouch) (< xamarintvos) (< xamarinwatchos) (< xamarinios) (< xamarinmac)
      System.Globalization (>= 4.3) - restriction: || (>= dnxcore50) (&& (>= netstandard1.6) (< monotouch) (< xamarintvos) (< xamarinwatchos) (< xamarinios) (< xamarinmac))
      System.Globalization.Calendars (>= 4.3) - restriction: || (>= dnxcore50) (&& (>= netstandard1.6) (< monotouch) (< xamarintvos) (< xamarinwatchos) (< xamarinios) (< xamarinmac))
      System.IO (>= 4.3) - restriction: || (>= dnxcore50) (&& (>= netstandard1.6) (< monotouch) (< xamarintvos) (< xamarinwatchos) (< xamarinios) (< xamarinmac))
      System.IO.FileSystem (>= 4.3) - restriction: || (>= dnxcore50) (&& (>= netstandard1.6) (< monotouch) (< xamarintvos) (< xamarinwatchos) (< xamarinios) (< xamarinmac))
      System.IO.FileSystem.Primitives (>= 4.3) - restriction: && (>= netstandard1.6) (< monotouch) (< xamarintvos) (< xamarinwatchos) (< xamarinios) (< xamarinmac)
      System.Resources.ResourceManager (>= 4.3) - restriction: || (>= dnxcore50) (&& (>= netstandard1.6) (< monotouch) (< xamarintvos) (< xamarinwatchos) (< xamarinios) (< xamarinmac))
      System.Runtime (>= 4.3) - restriction: || (&& (< net46) (>= netstandard1.3) (< netstandard1.4) (< monoandroid)) (&& (< net46) (>= netstandard1.4) (< netstandard1.6) (< monoandroid)) (>= dnxcore50) (&& (>= netstandard1.6) (< monotouch) (< xamarintvos) (< xamarinwatchos) (< xamarinios) (< xamarinmac))
      System.Runtime.Extensions (>= 4.3) - restriction: || (>= dnxcore50) (&& (>= netstandard1.6) (< monotouch) (< xamarintvos) (< xamarinwatchos) (< xamarinios) (< xamarinmac))
      System.Runtime.Handles (>= 4.3) - restriction: || (&& (< net46) (>= netstandard1.3) (< netstandard1.4) (< monoandroid)) (&& (< net46) (>= netstandard1.4) (< netstandard1.6) (< monoandroid)) (>= dnxcore50) (&& (>= netstandard1.6) (< monotouch) (< xamarintvos) (< xamarinwatchos) (< xamarinios) (< xamarinmac))
      System.Runtime.InteropServices (>= 4.3) - restriction: || (>= dnxcore50) (&& (>= netstandard1.6) (< monotouch) (< xamarintvos) (< xamarinwatchos) (< xamarinios) (< xamarinmac))
      System.Runtime.Numerics (>= 4.3) - restriction: || (>= dnxcore50) (&& (>= netstandard1.6) (< monotouch) (< xamarintvos) (< xamarinwatchos) (< xamarinios) (< xamarinmac))
      System.Security.Cryptography.Algorithms (>= 4.3) - restriction: || (&& (>= net46) (< netstandard1.4)) (&& (< net46) (>= netstandard1.3) (< netstandard1.4) (< monoandroid)) (&& (< net46) (>= netstandard1.4) (< netstandard1.6) (< monoandroid)) (>= net461) (>= dnxcore50) (&& (>= netstandard1.6) (< monotouch) (< xamarintvos) (< xamarinwatchos) (< xamarinios) (< xamarinmac))
      System.Security.Cryptography.Cng (>= 4.3) - restriction: || (>= dnxcore50) (&& (>= netstandard1.6) (< monotouch) (< xamarintvos) (< xamarinwatchos) (< xamarinios) (< xamarinmac))
      System.Security.Cryptography.Csp (>= 4.3) - restriction: && (>= netstandard1.6) (< monotouch) (< xamarintvos) (< xamarinwatchos) (< xamarinios) (< xamarinmac)
      System.Security.Cryptography.Encoding (>= 4.3) - restriction: || (&& (>= net46) (< netstandard1.4)) (&& (< net46) (>= netstandard1.3) (< netstandard1.4) (< monoandroid)) (&& (< net46) (>= netstandard1.4) (< netstandard1.6) (< monoandroid)) (>= net461) (>= dnxcore50) (&& (>= netstandard1.6) (< monotouch) (< xamarintvos) (< xamarinwatchos) (< xamarinios) (< xamarinmac))
      System.Security.Cryptography.OpenSsl (>= 4.3) - restriction: && (>= netstandard1.6) (< monotouch) (< xamarintvos) (< xamarinwatchos) (< xamarinios) (< xamarinmac)
      System.Security.Cryptography.Primitives (>= 4.3) - restriction: || (>= dnxcore50) (&& (>= netstandard1.6) (< monotouch) (< xamarintvos) (< xamarinwatchos) (< xamarinios) (< xamarinmac))
      System.Text.Encoding (>= 4.3) - restriction: || (>= dnxcore50) (&& (>= netstandard1.6) (< monotouch) (< xamarintvos) (< xamarinwatchos) (< xamarinios) (< xamarinmac))
      System.Threading (>= 4.3) - restriction: || (>= dnxcore50) (&& (>= netstandard1.6) (< monotouch) (< xamarintvos) (< xamarinwatchos) (< xamarinios) (< xamarinmac))
    System.Text.Encoding (4.3) - restriction: || (&& (< net20) (>= net35) (>= netstandard1.0) (< netstandard1.3)) (&& (< net20) (>= netstandard1.0) (< netstandard1.3) (< monoandroid) (>= portable-win81+wpa81)) (&& (< net20) (>= netstandard1.0) (< monoandroid) (< portable-win81+wpa81) (>= portable-net45+win8+wpa81)) (&& (< net20) (>= netstandard1.1) (< netstandard1.3)) (&& (< net20) (>= netstandard1.3)) (&& (< net20) (>= netstandard1.5) (< monotouch) (< xamarintvos) (< xamarinwatchos) (< xamarinios) (< xamarinmac)) (&& (< net35) (>= netstandard1.1) (< netstandard1.3) (< monoandroid) (< win8) (< wpa81)) (&& (< net35) (>= netstandard1.3) (< monoandroid) (< win8) (< wpa81)) (&& (< net35) (< netstandard1.3) (>= netstandard1.5) (< monoandroid)) (&& (< net35) (>= netstandard1.5) (< monoandroid) (< monotouch) (< xamarintvos) (< xamarinwatchos) (< xamarinios) (< xamarinmac)) (&& (>= dnxcore50) (>= netstandard1.1)) (&& (>= dnxcore50) (>= netstandard1.3)) (&& (>= dnxcore50) (>= netstandard1.5)) (&& (>= netstandard1.0) (>= monoandroid) (< portable-win81+wpa81)) (&& (>= netstandard1.3) (>= monoandroid) (< portable-win81+wpa81)) (>= netstandard1.6)
      Microsoft.NETCore.Platforms (>= 1.1) - restriction: || (&& (< net45) (>= netstandard1.0) (< netstandard1.3) (< monoandroid) (< win8) (< wp8) (< wpa81)) (&& (< net45) (>= netstandard1.3) (< monotouch) (< xamarintvos) (< xamarinwatchos) (< xamarinios) (< xamarinmac) (< win8) (< wpa81)) (>= dnxcore50)
      Microsoft.NETCore.Targets (>= 1.1) - restriction: || (&& (< net45) (>= netstandard1.0) (< netstandard1.3) (< monoandroid) (< win8) (< wp8) (< wpa81)) (&& (< net45) (>= netstandard1.3) (< monotouch) (< xamarintvos) (< xamarinwatchos) (< xamarinios) (< xamarinmac) (< win8) (< wpa81)) (>= dnxcore50)
      System.Runtime (>= 4.3) - restriction: || (&& (< net45) (>= netstandard1.0) (< netstandard1.3) (< monoandroid) (< win8) (< wp8) (< wpa81)) (&& (< net45) (>= netstandard1.3) (< monotouch) (< xamarintvos) (< xamarinwatchos) (< xamarinios) (< xamarinmac) (< win8) (< wpa81)) (>= dnxcore50)
    System.Text.Encoding.Extensions (4.3) - restriction: || (&& (< net20) (>= net35) (>= netstandard1.0) (< netstandard1.3)) (&& (< net20) (>= netstandard1.0) (< netstandard1.3) (< monoandroid) (>= portable-win81+wpa81)) (&& (< net20) (>= netstandard1.0) (< monoandroid) (< portable-win81+wpa81) (>= portable-net45+win8+wpa81)) (&& (< net20) (>= netstandard1.1) (< netstandard1.3)) (&& (< net20) (>= netstandard1.3)) (&& (>= dnxcore50) (>= netstandard1.3)) (&& (>= netstandard1.0) (>= monoandroid) (< portable-win81+wpa81)) (&& (>= netstandard1.3) (>= monoandroid) (< portable-win81+wpa81)) (>= netstandard1.6)
      Microsoft.NETCore.Platforms (>= 1.1) - restriction: || (&& (< net45) (>= netstandard1.0) (< netstandard1.3) (< monoandroid) (< win8) (< wp8) (< wpa81)) (&& (< net45) (>= netstandard1.3) (< monotouch) (< xamarintvos) (< xamarinwatchos) (< xamarinios) (< xamarinmac) (< win8) (< wpa81)) (>= dnxcore50)
      Microsoft.NETCore.Targets (>= 1.1) - restriction: || (&& (< net45) (>= netstandard1.0) (< netstandard1.3) (< monoandroid) (< win8) (< wp8) (< wpa81)) (&& (< net45) (>= netstandard1.3) (< monotouch) (< xamarintvos) (< xamarinwatchos) (< xamarinios) (< xamarinmac) (< win8) (< wpa81)) (>= dnxcore50)
      System.Runtime (>= 4.3) - restriction: || (&& (< net45) (>= netstandard1.0) (< netstandard1.3) (< monoandroid) (< win8) (< wp8) (< wpa81)) (&& (< net45) (>= netstandard1.3) (< monotouch) (< xamarintvos) (< xamarinwatchos) (< xamarinios) (< xamarinmac) (< win8) (< wpa81)) (>= dnxcore50)
      System.Text.Encoding (>= 4.3) - restriction: || (&& (< net45) (>= netstandard1.0) (< netstandard1.3) (< monoandroid) (< win8) (< wp8) (< wpa81)) (&& (< net45) (>= netstandard1.3) (< monotouch) (< xamarintvos) (< xamarinwatchos) (< xamarinios) (< xamarinmac) (< win8) (< wpa81)) (>= dnxcore50)
    System.Text.RegularExpressions (4.3) - restriction: || (&& (< net20) (>= net35) (>= netstandard1.0) (< netstandard1.3)) (&& (< net20) (>= netstandard1.0) (< netstandard1.3) (< monoandroid) (>= portable-win81+wpa81)) (&& (< net20) (>= netstandard1.0) (< monoandroid) (< portable-win81+wpa81) (>= portable-net45+win8+wpa81)) (&& (< net20) (>= netstandard1.1) (< netstandard1.3)) (&& (< net20) (>= netstandard1.3)) (&& (< net35) (>= netstandard1.1) (< monotouch) (< xamarinios)) (&& (>= dnxcore50) (>= netstandard1.3)) (&& (>= netstandard1.0) (>= monoandroid) (< portable-win81+wpa81)) (&& (>= netstandard1.3) (>= monoandroid) (< portable-win81+wpa81)) (>= netstandard1.6)
      System.Collections (>= 4.3) - restriction: || (>= dnxcore50) (&& (>= netstandard1.6) (< netcore1.1) (< monotouch) (< xamarintvos) (< xamarinwatchos) (< xamarinios) (< xamarinmac))
      System.Globalization (>= 4.3) - restriction: || (>= dnxcore50) (&& (>= netstandard1.6) (< netcore1.1) (< monotouch) (< xamarintvos) (< xamarinwatchos) (< xamarinios) (< xamarinmac))
      System.Resources.ResourceManager (>= 4.3) - restriction: || (>= dnxcore50) (&& (>= netstandard1.6) (< netcore1.1) (< monotouch) (< xamarintvos) (< xamarinwatchos) (< xamarinios) (< xamarinmac))
      System.Runtime (>= 4.3) - restriction: || (&& (< net45) (>= netstandard1.0) (< netstandard1.3) (< monoandroid) (< win8) (< wp8) (< wpa81)) (&& (< net45) (>= netstandard1.3) (< netstandard1.6) (< monoandroid) (< win8) (< wpa81)) (>= dnxcore50) (&& (>= netstandard1.6) (< monotouch) (< xamarintvos) (< xamarinwatchos) (< xamarinios) (< xamarinmac)) (>= netcore1.1)
      System.Runtime.Extensions (>= 4.3) - restriction: || (>= dnxcore50) (&& (>= netstandard1.6) (< netcore1.1) (< monotouch) (< xamarintvos) (< xamarinwatchos) (< xamarinios) (< xamarinmac))
      System.Threading (>= 4.3) - restriction: || (>= dnxcore50) (&& (>= netstandard1.6) (< netcore1.1) (< monotouch) (< xamarintvos) (< xamarinwatchos) (< xamarinios) (< xamarinmac))
    System.Threading (4.3) - restriction: || (&& (< net20) (>= net35) (>= netstandard1.0) (< netstandard1.3)) (&& (< net20) (>= net462)) (&& (< net20) (>= netstandard1.0) (< netstandard1.3) (< monoandroid) (>= portable-win81+wpa81)) (&& (< net20) (>= netstandard1.0) (< monoandroid) (< portable-win81+wpa81) (>= portable-net45+win8+wpa81)) (&& (< net20) (>= netstandard1.1) (< netstandard1.3)) (&& (< net20) (>= netstandard1.1) (< monoandroid) (< win8) (< portable-win81+wpa81)) (&& (< net20) (>= netstandard1.3)) (&& (< net20) (< netstandard1.3) (>= netstandard1.5)) (&& (< net20) (>= netstandard1.5) (< monoandroid) (< portable-win81+wpa81)) (&& (< net20) (>= netstandard1.5) (< monotouch) (< xamarintvos) (< xamarinwatchos) (< xamarinios) (< xamarinmac)) (&& (>= net35) (>= dnxcore50) (>= netstandard1.0)) (&& (< net35) (>= netstandard1.1) (< monotouch) (< xamarinios)) (&& (< net35) (>= netstandard1.3) (< monoandroid) (< win8) (< wpa81)) (&& (< net35) (>= netstandard1.3) (< monotouch) (< xamarintvos) (< xamarinwatchos) (< xamarinios) (< xamarinmac) (< win8) (< wpa81)) (&& (>= net462) (>= monoandroid) (< portable-win81+wpa81)) (&& (>= dnxcore50) (>= netstandard1.0) (>= monoandroid)) (&& (>= dnxcore50) (>= netstandard1.0) (>= portable-win81+wpa81)) (&& (>= dnxcore50) (>= netstandard1.0) (>= portable-net45+win8+wpa81)) (&& (>= dnxcore50) (>= netstandard1.1)) (&& (>= dnxcore50) (>= netstandard1.3)) (&& (>= netstandard1.0) (>= monoandroid) (< portable-win81+wpa81)) (&& (>= netstandard1.1) (>= monoandroid) (< portable-win81+wpa81)) (&& (>= netstandard1.3) (>= monoandroid) (< portable-win81+wpa81)) (&& (>= netstandard1.5) (>= monoandroid) (< portable-win81+wpa81)) (>= netstandard1.6)
      System.Runtime (>= 4.3) - restriction: || (&& (< net45) (>= netstandard1.0) (< netstandard1.3) (< monoandroid) (< win8) (< wp8) (< wpa81)) (&& (< net45) (>= netstandard1.3) (< monotouch) (< xamarintvos) (< xamarinwatchos) (< xamarinios) (< xamarinmac) (< win8) (< wpa81)) (>= dnxcore50)
      System.Threading.Tasks (>= 4.3) - restriction: || (&& (< net45) (>= netstandard1.0) (< netstandard1.3) (< monoandroid) (< win8) (< wp8) (< wpa81)) (&& (< net45) (>= netstandard1.3) (< monotouch) (< xamarintvos) (< xamarinwatchos) (< xamarinios) (< xamarinmac) (< win8) (< wpa81)) (>= dnxcore50)
    System.Threading.Tasks (4.3) - restriction: || (&& (< net20) (>= net35) (>= netstandard1.0) (< netstandard1.3)) (&& (< net20) (>= netstandard1.0) (< netstandard1.3) (< monoandroid) (>= portable-win81+wpa81)) (&& (< net20) (>= netstandard1.0) (< monoandroid) (< portable-win81+wpa81) (>= portable-net45+win8+wpa81)) (&& (< net20) (>= netstandard1.1) (< netstandard1.3)) (&& (< net20) (>= netstandard1.3)) (&& (< net20) (>= netstandard1.5) (< monotouch) (< xamarintvos) (< xamarinwatchos) (< xamarinios) (< xamarinmac)) (&& (< net35) (>= netstandard1.1) (< netstandard1.3) (< monoandroid) (< win8) (< wpa81)) (&& (< net35) (>= netstandard1.3) (< monoandroid) (< win8) (< wpa81)) (&& (< net35) (>= netstandard1.3) (< monotouch) (< xamarintvos) (< xamarinwatchos) (< xamarinios) (< xamarinmac) (< win8) (< wpa81)) (&& (< net35) (< netstandard1.3) (>= netstandard1.5) (< monoandroid)) (&& (< net35) (>= netstandard1.5) (< monoandroid) (< monotouch) (< xamarintvos) (< xamarinwatchos) (< xamarinios) (< xamarinmac)) (&& (>= dnxcore50) (>= netstandard1.1)) (&& (>= dnxcore50) (>= netstandard1.3)) (&& (>= dnxcore50) (>= netstandard1.5)) (&& (>= netstandard1.0) (>= monoandroid) (< portable-win81+wpa81)) (&& (>= netstandard1.3) (>= monoandroid) (< portable-win81+wpa81)) (>= netstandard1.6)
      Microsoft.NETCore.Platforms (>= 1.1) - restriction: || (&& (< net45) (>= netstandard1.0) (< netstandard1.3) (< monoandroid) (< win8) (< wp8) (< wpa81)) (&& (< net45) (>= netstandard1.3) (< monotouch) (< xamarintvos) (< xamarinwatchos) (< xamarinios) (< xamarinmac) (< win8) (< wpa81)) (>= dnxcore50)
      Microsoft.NETCore.Targets (>= 1.1) - restriction: || (&& (< net45) (>= netstandard1.0) (< netstandard1.3) (< monoandroid) (< win8) (< wp8) (< wpa81)) (&& (< net45) (>= netstandard1.3) (< monotouch) (< xamarintvos) (< xamarinwatchos) (< xamarinios) (< xamarinmac) (< win8) (< wpa81)) (>= dnxcore50)
      System.Runtime (>= 4.3) - restriction: || (&& (< net45) (>= netstandard1.0) (< netstandard1.3) (< monoandroid) (< win8) (< wp8) (< wpa81)) (&& (< net45) (>= netstandard1.3) (< monotouch) (< xamarintvos) (< xamarinwatchos) (< xamarinios) (< xamarinmac) (< win8) (< wpa81)) (>= dnxcore50)
    System.Threading.Tasks.Extensions (4.3) - restriction: || (&& (< net20) (>= netstandard1.3) (< monotouch) (< xamarintvos) (< xamarinwatchos) (< xamarinios) (< xamarinmac) (< win8) (< wpa81)) (&& (>= dnxcore50) (>= netstandard1.3)) (&& (>= dnxcore50) (>= netstandard1.6)) (&& (>= netstandard1.6) (< monotouch) (< xamarintvos) (< xamarinwatchos) (< xamarinios) (< xamarinmac))
      System.Collections (>= 4.3) - restriction: && (< net45) (>= netstandard1.0) (< monotouch) (< xamarintvos) (< xamarinwatchos) (< xamarinios) (< xamarinmac) (< win8) (< wp8) (< wpa81)
      System.Runtime (>= 4.3) - restriction: && (< net45) (>= netstandard1.0) (< monotouch) (< xamarintvos) (< xamarinwatchos) (< xamarinios) (< xamarinmac) (< win8) (< wp8) (< wpa81)
      System.Threading.Tasks (>= 4.3) - restriction: && (< net45) (>= netstandard1.0) (< monotouch) (< xamarintvos) (< xamarinwatchos) (< xamarinios) (< xamarinmac) (< win8) (< wp8) (< wpa81)
    System.Threading.Tasks.Parallel (4.3) - restriction: >= netstandard1.6
      System.Collections.Concurrent (>= 4.3) - restriction: || (&& (< net45) (>= netstandard1.1) (< netstandard1.3) (< monoandroid) (< win8) (< wpa81)) (&& (< net45) (>= netstandard1.3) (< monotouch) (< xamarintvos) (< xamarinwatchos) (< xamarinios) (< xamarinmac) (< win8) (< wpa81)) (>= dnxcore50)
      System.Diagnostics.Debug (>= 4.3) - restriction: || (&& (< net45) (>= netstandard1.3) (< monotouch) (< xamarintvos) (< xamarinwatchos) (< xamarinios) (< xamarinmac) (< win8) (< wpa81)) (>= dnxcore50)
      System.Diagnostics.Tracing (>= 4.3) - restriction: || (&& (< net45) (>= netstandard1.3) (< monotouch) (< xamarintvos) (< xamarinwatchos) (< xamarinios) (< xamarinmac) (< win8) (< wpa81)) (>= dnxcore50)
      System.Resources.ResourceManager (>= 4.3) - restriction: || (&& (< net45) (>= netstandard1.3) (< monotouch) (< xamarintvos) (< xamarinwatchos) (< xamarinios) (< xamarinmac) (< win8) (< wpa81)) (>= dnxcore50)
      System.Runtime (>= 4.3) - restriction: || (&& (< net45) (>= netstandard1.1) (< netstandard1.3) (< monoandroid) (< win8) (< wpa81)) (&& (< net45) (>= netstandard1.3) (< monotouch) (< xamarintvos) (< xamarinwatchos) (< xamarinios) (< xamarinmac) (< win8) (< wpa81)) (>= dnxcore50)
      System.Runtime.Extensions (>= 4.3) - restriction: || (&& (< net45) (>= netstandard1.3) (< monotouch) (< xamarintvos) (< xamarinwatchos) (< xamarinios) (< xamarinmac) (< win8) (< wpa81)) (>= dnxcore50)
      System.Threading (>= 4.3) - restriction: || (&& (< net45) (>= netstandard1.3) (< monotouch) (< xamarintvos) (< xamarinwatchos) (< xamarinios) (< xamarinmac) (< win8) (< wpa81)) (>= dnxcore50)
      System.Threading.Tasks (>= 4.3) - restriction: || (&& (< net45) (>= netstandard1.1) (< netstandard1.3) (< monoandroid) (< win8) (< wpa81)) (&& (< net45) (>= netstandard1.3) (< monotouch) (< xamarintvos) (< xamarinwatchos) (< xamarinios) (< xamarinmac) (< win8) (< wpa81)) (>= dnxcore50)
    System.Threading.Thread (4.3) - restriction: || (&& (< net20) (>= netstandard1.3)) (>= netstandard1.6)
      System.Runtime (>= 4.3) - restriction: && (< net46) (>= netstandard1.3) (< monotouch) (< xamarintvos) (< xamarinwatchos) (< xamarinios) (< xamarinmac)
    System.Threading.ThreadPool (4.3) - restriction: >= netstandard1.6
      System.Runtime (>= 4.3) - restriction: && (< net46) (>= netstandard1.3) (< monotouch) (< xamarintvos) (< xamarinwatchos) (< xamarinios) (< xamarinmac)
      System.Runtime.Handles (>= 4.3) - restriction: && (< net46) (>= netstandard1.3) (< monotouch) (< xamarintvos) (< xamarinwatchos) (< xamarinios) (< xamarinmac)
    System.Threading.Timer (4.3) - restriction: || (&& (< net20) (>= netstandard1.2) (< netstandard1.3)) (&& (< net20) (>= netstandard1.2) (< monoandroid) (< portable-win81+wpa81)) (&& (< net20) (>= netstandard1.3)) (&& (>= netstandard1.2) (>= monoandroid) (< portable-win81+wpa81)) (&& (>= netstandard1.3) (>= monoandroid) (< portable-win81+wpa81)) (>= netstandard1.6)
      Microsoft.NETCore.Platforms (>= 1.1) - restriction: || (&& (< net451) (>= netstandard1.2) (< monotouch) (< xamarintvos) (< xamarinwatchos) (< xamarinios) (< xamarinmac) (< win81) (< wpa81)) (>= dnxcore50)
      Microsoft.NETCore.Targets (>= 1.1) - restriction: || (&& (< net451) (>= netstandard1.2) (< monotouch) (< xamarintvos) (< xamarinwatchos) (< xamarinios) (< xamarinmac) (< win81) (< wpa81)) (>= dnxcore50)
      System.Runtime (>= 4.3) - restriction: || (&& (< net451) (>= netstandard1.2) (< monotouch) (< xamarintvos) (< xamarinwatchos) (< xamarinios) (< xamarinmac) (< win81) (< wpa81)) (>= dnxcore50)
    System.Xml.ReaderWriter (4.3) - restriction: || (&& (< net20) (>= net35) (>= netstandard1.0) (< netstandard1.3)) (&& (< net20) (>= netstandard1.0) (< netstandard1.3) (< monoandroid) (>= portable-win81+wpa81)) (&& (< net20) (>= netstandard1.0) (< monoandroid) (< portable-win81+wpa81) (>= portable-net45+win8+wpa81)) (&& (< net20) (>= netstandard1.1) (< netstandard1.3)) (&& (< net20) (>= netstandard1.3)) (&& (>= net35) (>= dnxcore50) (>= netstandard1.0)) (&& (>= dnxcore50) (>= netstandard1.0) (>= monoandroid)) (&& (>= dnxcore50) (>= netstandard1.0) (>= portable-win81+wpa81)) (&& (>= dnxcore50) (>= netstandard1.0) (>= portable-net45+win8+wpa81)) (&& (>= dnxcore50) (>= netstandard1.1)) (&& (>= dnxcore50) (>= netstandard1.3)) (&& (>= netstandard1.0) (>= monoandroid) (< portable-win81+wpa81)) (&& (>= netstandard1.3) (>= monoandroid) (< portable-win81+wpa81)) (>= netstandard1.6)
      System.Collections (>= 4.3) - restriction: || (&& (< net45) (>= netstandard1.3) (< monotouch) (< xamarintvos) (< xamarinwatchos) (< xamarinios) (< xamarinmac) (< win8) (< wpa81)) (>= dnxcore50)
      System.Diagnostics.Debug (>= 4.3) - restriction: || (&& (< net45) (>= netstandard1.3) (< monotouch) (< xamarintvos) (< xamarinwatchos) (< xamarinios) (< xamarinmac) (< win8) (< wpa81)) (>= dnxcore50)
      System.Globalization (>= 4.3) - restriction: || (&& (< net45) (>= netstandard1.3) (< monotouch) (< xamarintvos) (< xamarinwatchos) (< xamarinios) (< xamarinmac) (< win8) (< wpa81)) (>= dnxcore50)
      System.IO (>= 4.3) - restriction: || (&& (< net45) (>= netstandard1.0) (< netstandard1.3) (< monoandroid) (< win8) (< wp8) (< wpa81)) (&& (< net45) (>= netstandard1.3) (< monotouch) (< xamarintvos) (< xamarinwatchos) (< xamarinios) (< xamarinmac) (< win8) (< wpa81)) (>= dnxcore50)
      System.IO.FileSystem (>= 4.3) - restriction: || (&& (< net45) (>= netstandard1.3) (< monotouch) (< xamarintvos) (< xamarinwatchos) (< xamarinios) (< xamarinmac) (< win8) (< wpa81)) (>= dnxcore50)
      System.IO.FileSystem.Primitives (>= 4.3) - restriction: || (&& (< net45) (>= netstandard1.3) (< monotouch) (< xamarintvos) (< xamarinwatchos) (< xamarinios) (< xamarinmac) (< win8) (< wpa81)) (>= dnxcore50)
      System.Resources.ResourceManager (>= 4.3) - restriction: || (&& (< net45) (>= netstandard1.3) (< monotouch) (< xamarintvos) (< xamarinwatchos) (< xamarinios) (< xamarinmac) (< win8) (< wpa81)) (>= dnxcore50)
      System.Runtime (>= 4.3) - restriction: || (&& (< net45) (>= netstandard1.0) (< netstandard1.3) (< monoandroid) (< win8) (< wp8) (< wpa81)) (&& (< net45) (>= netstandard1.3) (< monotouch) (< xamarintvos) (< xamarinwatchos) (< xamarinios) (< xamarinmac) (< win8) (< wpa81)) (>= dnxcore50)
      System.Runtime.Extensions (>= 4.3) - restriction: || (&& (< net45) (>= netstandard1.3) (< monotouch) (< xamarintvos) (< xamarinwatchos) (< xamarinios) (< xamarinmac) (< win8) (< wpa81)) (>= dnxcore50)
      System.Runtime.InteropServices (>= 4.3) - restriction: || (&& (< net45) (>= netstandard1.3) (< monotouch) (< xamarintvos) (< xamarinwatchos) (< xamarinios) (< xamarinmac) (< win8) (< wpa81)) (>= dnxcore50)
      System.Text.Encoding (>= 4.3) - restriction: || (&& (< net45) (>= netstandard1.0) (< netstandard1.3) (< monoandroid) (< win8) (< wp8) (< wpa81)) (&& (< net45) (>= netstandard1.3) (< monotouch) (< xamarintvos) (< xamarinwatchos) (< xamarinios) (< xamarinmac) (< win8) (< wpa81)) (>= dnxcore50)
      System.Text.Encoding.Extensions (>= 4.3) - restriction: || (&& (< net45) (>= netstandard1.3) (< monotouch) (< xamarintvos) (< xamarinwatchos) (< xamarinios) (< xamarinmac) (< win8) (< wpa81)) (>= dnxcore50)
      System.Text.RegularExpressions (>= 4.3) - restriction: || (&& (< net45) (>= netstandard1.3) (< monotouch) (< xamarintvos) (< xamarinwatchos) (< xamarinios) (< xamarinmac) (< win8) (< wpa81)) (>= dnxcore50)
      System.Threading.Tasks (>= 4.3) - restriction: || (&& (< net45) (>= netstandard1.0) (< netstandard1.3) (< monoandroid) (< win8) (< wp8) (< wpa81)) (&& (< net45) (>= netstandard1.3) (< monotouch) (< xamarintvos) (< xamarinwatchos) (< xamarinios) (< xamarinmac) (< win8) (< wpa81)) (>= dnxcore50)
      System.Threading.Tasks.Extensions (>= 4.3) - restriction: || (&& (< net45) (>= netstandard1.3) (< monotouch) (< xamarintvos) (< xamarinwatchos) (< xamarinios) (< xamarinmac) (< win8) (< wpa81)) (>= dnxcore50)
    System.Xml.XDocument (4.3) - restriction: || (&& (< net20) (>= net35) (>= netstandard1.0) (< netstandard1.3)) (&& (< net20) (>= netstandard1.0) (< netstandard1.3) (< monoandroid) (>= portable-win81+wpa81)) (&& (< net20) (>= netstandard1.0) (< monoandroid) (< portable-win81+wpa81) (>= portable-net45+win8+wpa81)) (&& (< net20) (>= netstandard1.1) (< netstandard1.3)) (&& (< net20) (>= netstandard1.3)) (&& (>= netstandard1.0) (>= monoandroid) (< portable-win81+wpa81)) (&& (>= netstandard1.3) (>= monoandroid) (< portable-win81+wpa81)) (>= netstandard1.6)
      System.Collections (>= 4.3) - restriction: || (&& (< net45) (>= netstandard1.3) (< monotouch) (< xamarintvos) (< xamarinwatchos) (< xamarinios) (< xamarinmac) (< win8) (< wpa81)) (>= dnxcore50)
      System.Diagnostics.Debug (>= 4.3) - restriction: || (&& (< net45) (>= netstandard1.3) (< monotouch) (< xamarintvos) (< xamarinwatchos) (< xamarinios) (< xamarinmac) (< win8) (< wpa81)) (>= dnxcore50)
      System.Diagnostics.Tools (>= 4.3) - restriction: || (&& (< net45) (>= netstandard1.3) (< monotouch) (< xamarintvos) (< xamarinwatchos) (< xamarinios) (< xamarinmac) (< win8) (< wpa81)) (>= dnxcore50)
      System.Globalization (>= 4.3) - restriction: || (&& (< net45) (>= netstandard1.3) (< monotouch) (< xamarintvos) (< xamarinwatchos) (< xamarinios) (< xamarinmac) (< win8) (< wpa81)) (>= dnxcore50)
      System.IO (>= 4.3) - restriction: || (&& (< net45) (>= netstandard1.0) (< netstandard1.3) (< monoandroid) (< win8) (< wp8) (< wpa81)) (&& (< net45) (>= netstandard1.3) (< monotouch) (< xamarintvos) (< xamarinwatchos) (< xamarinios) (< xamarinmac) (< win8) (< wpa81)) (>= dnxcore50)
      System.Reflection (>= 4.3) - restriction: || (&& (< net45) (>= netstandard1.3) (< monotouch) (< xamarintvos) (< xamarinwatchos) (< xamarinios) (< xamarinmac) (< win8) (< wpa81)) (>= dnxcore50)
      System.Resources.ResourceManager (>= 4.3) - restriction: || (&& (< net45) (>= netstandard1.3) (< monotouch) (< xamarintvos) (< xamarinwatchos) (< xamarinios) (< xamarinmac) (< win8) (< wpa81)) (>= dnxcore50)
      System.Runtime (>= 4.3) - restriction: || (&& (< net45) (>= netstandard1.0) (< netstandard1.3) (< monoandroid) (< win8) (< wp8) (< wpa81)) (&& (< net45) (>= netstandard1.3) (< monotouch) (< xamarintvos) (< xamarinwatchos) (< xamarinios) (< xamarinmac) (< win8) (< wpa81)) (>= dnxcore50)
      System.Runtime.Extensions (>= 4.3) - restriction: || (&& (< net45) (>= netstandard1.3) (< monotouch) (< xamarintvos) (< xamarinwatchos) (< xamarinios) (< xamarinmac) (< win8) (< wpa81)) (>= dnxcore50)
      System.Text.Encoding (>= 4.3) - restriction: || (&& (< net45) (>= netstandard1.3) (< monotouch) (< xamarintvos) (< xamarinwatchos) (< xamarinios) (< xamarinmac) (< win8) (< wpa81)) (>= dnxcore50)
      System.Threading (>= 4.3) - restriction: || (&& (< net45) (>= netstandard1.3) (< monotouch) (< xamarintvos) (< xamarinwatchos) (< xamarinios) (< xamarinmac) (< win8) (< wpa81)) (>= dnxcore50)
      System.Xml.ReaderWriter (>= 4.3) - restriction: || (&& (< net45) (>= netstandard1.0) (< netstandard1.3) (< monoandroid) (< win8) (< wp8) (< wpa81)) (&& (< net45) (>= netstandard1.3) (< monotouch) (< xamarintvos) (< xamarinwatchos) (< xamarinios) (< xamarinmac) (< win8) (< wpa81)) (>= dnxcore50)
    System.Xml.XmlDocument (4.3) - restriction: || (&& (< net20) (>= netstandard1.3)) (&& (>= netstandard1.3) (>= monoandroid) (< portable-win81+wpa81))
      System.Collections (>= 4.3) - restriction: && (< net46) (>= netstandard1.3) (< monotouch) (< xamarintvos) (< xamarinwatchos) (< xamarinios) (< xamarinmac)
      System.Diagnostics.Debug (>= 4.3) - restriction: && (< net46) (>= netstandard1.3) (< monotouch) (< xamarintvos) (< xamarinwatchos) (< xamarinios) (< xamarinmac)
      System.Globalization (>= 4.3) - restriction: && (< net46) (>= netstandard1.3) (< monotouch) (< xamarintvos) (< xamarinwatchos) (< xamarinios) (< xamarinmac)
      System.IO (>= 4.3) - restriction: && (< net46) (>= netstandard1.3) (< monotouch) (< xamarintvos) (< xamarinwatchos) (< xamarinios) (< xamarinmac)
      System.Resources.ResourceManager (>= 4.3) - restriction: && (< net46) (>= netstandard1.3) (< monotouch) (< xamarintvos) (< xamarinwatchos) (< xamarinios) (< xamarinmac)
      System.Runtime (>= 4.3) - restriction: && (< net46) (>= netstandard1.3) (< monotouch) (< xamarintvos) (< xamarinwatchos) (< xamarinios) (< xamarinmac)
      System.Runtime.Extensions (>= 4.3) - restriction: && (< net46) (>= netstandard1.3) (< monotouch) (< xamarintvos) (< xamarinwatchos) (< xamarinios) (< xamarinmac)
      System.Text.Encoding (>= 4.3) - restriction: && (< net46) (>= netstandard1.3) (< monotouch) (< xamarintvos) (< xamarinwatchos) (< xamarinios) (< xamarinmac)
      System.Threading (>= 4.3) - restriction: && (< net46) (>= netstandard1.3) (< monotouch) (< xamarintvos) (< xamarinwatchos) (< xamarinios) (< xamarinmac)
      System.Xml.ReaderWriter (>= 4.3) - restriction: && (< net46) (>= netstandard1.3) (< monotouch) (< xamarintvos) (< xamarinwatchos) (< xamarinios) (< xamarinmac)
